{
  "aor": 0.0011567142857142859,
  "aqi": 0.007556263571428571,
  "bids_meta": {
    "AcquisitionMatrixPE": 96,
    "AcquisitionNumber": 1,
    "AcquisitionTime": "11:08:12.417500",
    "BandwidthPerPixelPhaseEncode": 13.021,
    "BaseResolution": 96,
    "CoilString": "C:HEA;HEP",
    "ConversionSoftware": "dcm2niix",
    "ConversionSoftwareVersion": "v1.0.20190902",
    "DerivedVendorReportedEchoSpacing": 0.00079999,
    "DeviceSerialNumber": "35466",
    "DwellTime": 3.6e-06,
    "EchoTime": 0.03,
    "EffectiveEchoSpacing": 0.00079999,
    "FlipAngle": 62,
    "ImageComments": "Unaliased_MB3_PE3_(remote)",
    "ImageOrientationPatientDICOM": [
      0.997684,
      -0.0680153,
      0,
      0.0680153,
      0.997684,
      0
    ],
    "ImageType": [
      "ORIGINAL",
      "PRIMARY",
      "M",
      "MB",
      "ND",
      "NORM",
      "MOSAIC"
    ],
    "ImagingFrequency": 123.259,
    "InPlanePhaseEncodingDirectionDICOM": "COL",
    "InstitutionAddress": "Street_StreetNo_B390A3_District_JP_ZIP",
    "InstitutionName": "Center_for_Information_and_Neural_Networks",
    "InstitutionalDepartmentName": "Department",
    "MRAcquisitionType": "2D",
    "MagneticFieldStrength": 3,
    "Manufacturer": "Siemens",
    "ManufacturersModelName": "TrioTim",
    "Modality": "MR",
    "MultibandAccelerationFactor": 3,
    "PartialFourier": 0.75,
    "PatientPosition": "HFS",
    "PercentPhaseFOV": 100,
    "PhaseEncodingDirection": "j-",
    "PhaseEncodingSteps": 72,
    "PhaseResolution": 1,
    "PixelBandwidth": 1447,
    "ProcedureStepDescription": "NICT_Nishimoto",
    "ProtocolName": "mbep2d_MB3_TR2_2mm_PF6_BW1446_281",
    "PulseSequenceDetails": "%CustomerSeq%_cmrr_mbep2d_bold",
    "ReceiveCoilName": "32Ch_Head",
    "ReconMatrixPE": 96,
    "RepetitionTime": 2,
    "SAR": 0.17726,
    "ScanOptions": "PFP_FS",
    "ScanningSequence": "EP",
    "SequenceName": "epfid2d1_96",
    "SequenceVariant": "SK_SS",
    "SeriesDescription": "mbep2d_MB3_TR2_2mm_PF6_BW1446_281",
    "SeriesNumber": 9,
    "ShimSetting": [
      -326,
      -10100,
      -3972,
      374,
      -88,
      -157,
      74,
      -81
    ],
    "SliceThickness": 2,
    "SliceTiming": [
      0,
      0.92,
      1.8425,
      0.755,
      1.675,
      0.5875,
      1.5075,
      0.42,
      1.34,
      0.2525,
      1.1725,
      0.085,
      1.005,
      1.925,
      0.8375,
      1.7575,
      0.67,
      1.59,
      0.5025,
      1.4225,
      0.335,
      1.255,
      0.1675,
      1.0875,
      0,
      0.92,
      1.8425,
      0.755,
      1.675,
      0.5875,
      1.5075,
      0.42,
      1.34,
      0.2525,
      1.1725,
      0.085,
      1.005,
      1.925,
      0.8375,
      1.7575,
      0.67,
      1.59,
      0.5025,
      1.4225,
      0.335,
      1.255,
      0.1675,
      1.0875,
      0,
      0.92,
      1.8425,
      0.755,
      1.675,
      0.5875,
      1.5075,
      0.42,
      1.34,
      0.2525,
      1.1725,
      0.085,
      1.005,
      1.925,
      0.8375,
      1.7575,
      0.67,
      1.59,
      0.5025,
      1.4225,
      0.335,
      1.255,
      0.1675,
      1.0875
    ],
    "SoftwareVersions": "syngo_MR_B17",
    "SpacingBetweenSlices": 2,
    "StationName": "MRC35466",
    "TaskName": "training",
    "TotalReadoutTime": 0.075999,
    "TxRefAmp": 351.255,
    "dataset": "ds002306",
    "modality": "bold",
    "run_id": 4,
    "subject_id": "04",
    "task_id": "training"
  },
  "dummy_trs": 1,
  "dvars_nstd": 30.49269205885303,
  "dvars_std": 1.240259121899642,
  "dvars_vstd": 1.0140443263799281,
  "efc": 0.5357315870315775,
  "fber": 2033.8819580078125,
  "fd_mean": 0.1251244795334618,
  "fd_num": 42,
  "fd_perc": 15.0,
  "fwhm_avg": 2.0204150000000003,
  "fwhm_x": 1.89946,
  "fwhm_y": 2.220645,
  "fwhm_z": 1.94114,
  "gcor": 0.0154971,
  "gsr_x": -0.00930630974471569,
  "gsr_y": 0.0353681743144989,
  "provenance": {
    "md5sum": "2a904961cbe3631b83d21f7f8ae12272",
    "settings": {
      "fd_thres": 0.2,
      "testing": false
    },
    "software": "mriqc",
    "version": "22.0.0rc1",
    "webapi_port": null,
    "webapi_url": "https://mriqc.nimh.nih.gov/api/v1"
  },
  "size_t": 280,
  "size_x": 96,
  "size_y": 96,
  "size_z": 72,
  "snr": 5.0592570349194474,
  "spacing_tr": 2.0,
  "spacing_x": 2.0,
  "spacing_y": 2.0,
  "spacing_z": 2.0,
  "summary_bg_k": 25.241171384120037,
  "summary_bg_mad": 8.95915203259047,
  "summary_bg_mean": 35.568763732910156,
  "summary_bg_median": 12.467857360839844,
  "summary_bg_n": 435373.0,
  "summary_bg_p05": 4.9464287757873535,
  "summary_bg_p95": 147.41786193847656,
  "summary_bg_stdv": 60.88752746582031,
  "summary_fg_k": 4.30387340061135,
  "summary_fg_mad": 94.844192262785,
  "summary_fg_mean": 585.2235717773438,
  "summary_fg_median": 574.7857055664062,
  "summary_fg_n": 137999.0,
  "summary_fg_p05": 434.56108398437505,
  "summary_fg_p95": 768.4892883300784,
  "summary_fg_stdv": 113.61028289794922,
  "tsnr": 59.415152782574296
}