{
  "aor": 0.001080642857142857,
  "aqi": 0.008511997,
  "bids_meta": {
    "AcquisitionMatrixPE": 96,
    "AcquisitionNumber": 1,
    "AcquisitionTime": "15:22:28.750000",
    "BandwidthPerPixelPhaseEncode": 13.021,
    "BaseResolution": 96,
    "CoilString": "C:HEA;HEP",
    "ConversionSoftware": "dcm2niix",
    "ConversionSoftwareVersion": "v1.0.20190902",
    "DerivedVendorReportedEchoSpacing": 0.00079999,
    "DeviceSerialNumber": "35466",
    "DwellTime": 3.6e-06,
    "EchoTime": 0.03,
    "EffectiveEchoSpacing": 0.00079999,
    "FlipAngle": 62,
    "ImageComments": "Unaliased_MB3_PE3_(remote)",
    "ImageOrientationPatientDICOM": [
      0.998417,
      -0.025908,
      0.0499183,
      0.0296323,
      0.996715,
      -0.075374
    ],
    "ImageType": [
      "ORIGINAL",
      "PRIMARY",
      "M",
      "MB",
      "ND",
      "NORM",
      "MOSAIC"
    ],
    "ImagingFrequency": 123.259,
    "InPlanePhaseEncodingDirectionDICOM": "COL",
    "InstitutionAddress": "Street_StreetNo_B390A3_District_JP_ZIP",
    "InstitutionName": "Center_for_Information_and_Neural_Networks",
    "InstitutionalDepartmentName": "Department",
    "MRAcquisitionType": "2D",
    "MagneticFieldStrength": 3,
    "Manufacturer": "Siemens",
    "ManufacturersModelName": "TrioTim",
    "Modality": "MR",
    "MultibandAccelerationFactor": 3,
    "PartialFourier": 0.75,
    "PatientPosition": "HFS",
    "PercentPhaseFOV": 100,
    "PhaseEncodingDirection": "j-",
    "PhaseEncodingSteps": 72,
    "PhaseResolution": 1,
    "PixelBandwidth": 1447,
    "ProcedureStepDescription": "NICT_Nishimoto",
    "ProtocolName": "mbep2d_MB3_TR2_2mm_PF6_BW1446_281",
    "PulseSequenceDetails": "%CustomerSeq%_cmrr_mbep2d_bold",
    "ReceiveCoilName": "32Ch_Head",
    "ReconMatrixPE": 96,
    "RepetitionTime": 2,
    "SAR": 0.215326,
    "ScanOptions": "PFP_FS",
    "ScanningSequence": "EP",
    "SequenceName": "epfid2d1_96",
    "SequenceVariant": "SK_SS",
    "SeriesDescription": "mbep2d_MB3_TR2_2mm_PF6_BW1446_281",
    "SeriesNumber": 7,
    "ShimSetting": [
      -300,
      -10113,
      -3965,
      369,
      -107,
      -194,
      27,
      -90
    ],
    "SliceThickness": 2,
    "SliceTiming": [
      0,
      0.92,
      1.84,
      0.7525,
      1.6725,
      0.585,
      1.505,
      0.4175,
      1.3375,
      0.25,
      1.17,
      0.0825,
      1.0025,
      1.9225,
      0.835,
      1.7575,
      0.67,
      1.59,
      0.5025,
      1.4225,
      0.335,
      1.255,
      0.1675,
      1.0875,
      0,
      0.92,
      1.84,
      0.7525,
      1.6725,
      0.585,
      1.505,
      0.4175,
      1.3375,
      0.25,
      1.17,
      0.0825,
      1.0025,
      1.9225,
      0.835,
      1.7575,
      0.67,
      1.59,
      0.5025,
      1.4225,
      0.335,
      1.255,
      0.1675,
      1.0875,
      0,
      0.92,
      1.84,
      0.7525,
      1.6725,
      0.585,
      1.505,
      0.4175,
      1.3375,
      0.25,
      1.17,
      0.0825,
      1.0025,
      1.9225,
      0.835,
      1.7575,
      0.67,
      1.59,
      0.5025,
      1.4225,
      0.335,
      1.255,
      0.1675,
      1.0875
    ],
    "SoftwareVersions": "syngo_MR_B17",
    "SpacingBetweenSlices": 2,
    "StationName": "MRC35466",
    "TaskName": "training",
    "TotalReadoutTime": 0.075999,
    "TxRefAmp": 350.067,
    "dataset": "ds002306",
    "modality": "bold",
    "run_id": 9,
    "subject_id": "02",
    "task_id": "training"
  },
  "dummy_trs": 1,
  "dvars_nstd": 29.159490059032258,
  "dvars_std": 1.196054568853046,
  "dvars_vstd": 1.0047913677419344,
  "efc": 0.5921020987296554,
  "fber": 1095.713134765625,
  "fd_mean": 0.13847968372198077,
  "fd_num": 58,
  "fd_perc": 20.714285714285715,
  "fwhm_avg": 2.03984,
  "fwhm_x": 1.958775,
  "fwhm_y": 2.15593,
  "fwhm_z": 2.004815,
  "gcor": 0.0071486,
  "gsr_x": 0.026626216247677803,
  "gsr_y": 0.00940055213868618,
  "provenance": {
    "md5sum": "57929b3ceda9851f9e7b36c412b80468",
    "settings": {
      "fd_thres": 0.2,
      "testing": false
    },
    "software": "mriqc",
    "version": "22.0.0rc1",
    "webapi_port": null,
    "webapi_url": "https://mriqc.nimh.nih.gov/api/v1"
  },
  "size_t": 280,
  "size_x": 96,
  "size_y": 96,
  "size_z": 72,
  "snr": 5.146983192404556,
  "spacing_tr": 2.0,
  "spacing_x": 2.0,
  "spacing_y": 2.0,
  "spacing_z": 2.0,
  "summary_bg_k": 11.295189396775285,
  "summary_bg_mad": 17.918308306939913,
  "summary_bg_mean": 50.37009811401367,
  "summary_bg_median": 18.417858123779297,
  "summary_bg_n": 400403.0,
  "summary_bg_p05": 4.682142734527588,
  "summary_bg_p95": 217.92357482910106,
  "summary_bg_stdv": 77.84637451171875,
  "summary_fg_k": 3.6342462599702188,
  "summary_fg_mad": 96.86421968732728,
  "summary_fg_mean": 625.8289794921875,
  "summary_fg_median": 614.028564453125,
  "summary_fg_n": 168870.0,
  "summary_fg_p05": 467.19215698242186,
  "summary_fg_p95": 826.2605499267574,
  "summary_fg_stdv": 119.29837799072266,
  "tsnr": 55.00753392186016
}