{
  "aor": 0.0004980000000000001,
  "aqi": 0.006629046249999999,
  "bids_meta": {
    "AcquisitionMatrixPE": 96,
    "AcquisitionNumber": 1,
    "AcquisitionTime": "16:18:37.557500",
    "BandwidthPerPixelPhaseEncode": 13.021,
    "BaseResolution": 96,
    "CoilString": "C:HEA;HEP",
    "ConversionSoftware": "dcm2niix",
    "ConversionSoftwareVersion": "v1.0.20190902",
    "DerivedVendorReportedEchoSpacing": 0.00079999,
    "DeviceSerialNumber": "35466",
    "DwellTime": 3.6e-06,
    "EchoTime": 0.03,
    "EffectiveEchoSpacing": 0.00079999,
    "FlipAngle": 62,
    "ImageComments": "Unaliased_MB3_PE3_(remote)",
    "ImageOrientationPatientDICOM": [
      0.997399,
      -0.0408891,
      0.0593552,
      0.0452916,
      0.996167,
      -0.0748281
    ],
    "ImageType": [
      "ORIGINAL",
      "PRIMARY",
      "M",
      "MB",
      "ND",
      "NORM",
      "MOSAIC"
    ],
    "ImagingFrequency": 123.259,
    "InPlanePhaseEncodingDirectionDICOM": "COL",
    "InstitutionAddress": "Street_StreetNo_B390A3_District_JP_ZIP",
    "InstitutionName": "Center_for_Information_and_Neural_Networks",
    "InstitutionalDepartmentName": "Department",
    "MRAcquisitionType": "2D",
    "MagneticFieldStrength": 3,
    "Manufacturer": "Siemens",
    "ManufacturersModelName": "TrioTim",
    "Modality": "MR",
    "MultibandAccelerationFactor": 3,
    "PartialFourier": 0.75,
    "PatientPosition": "HFS",
    "PercentPhaseFOV": 100,
    "PhaseEncodingDirection": "j-",
    "PhaseEncodingSteps": 72,
    "PhaseResolution": 1,
    "PixelBandwidth": 1447,
    "ProcedureStepDescription": "NICT_Nishimoto",
    "ProtocolName": "mbep2d_MB3_TR2_2mm_PF6_BW1446_281",
    "PulseSequenceDetails": "%CustomerSeq%_cmrr_mbep2d_bold",
    "ReceiveCoilName": "32Ch_Head",
    "ReconMatrixPE": 96,
    "RepetitionTime": 2,
    "SAR": 0.218997,
    "ScanOptions": "PFP_FS",
    "ScanningSequence": "EP",
    "SequenceName": "epfid2d1_96",
    "SequenceVariant": "SK_SS",
    "SeriesDescription": "mbep2d_MB3_TR2_2mm_PF6_BW1446_281",
    "SeriesNumber": 15,
    "ShimSetting": [
      -273,
      -10085,
      -3951,
      361,
      -1,
      -98,
      -5,
      -64
    ],
    "SliceThickness": 2,
    "SliceTiming": [
      0,
      0.92,
      1.84,
      0.7525,
      1.6725,
      0.585,
      1.505,
      0.4175,
      1.3375,
      0.25,
      1.17,
      0.0825,
      1.0025,
      1.9225,
      0.835,
      1.755,
      0.6675,
      1.5875,
      0.5,
      1.42,
      0.3325,
      1.2525,
      0.165,
      1.085,
      0,
      0.92,
      1.84,
      0.7525,
      1.6725,
      0.585,
      1.505,
      0.4175,
      1.3375,
      0.25,
      1.17,
      0.0825,
      1.0025,
      1.9225,
      0.835,
      1.755,
      0.6675,
      1.5875,
      0.5,
      1.42,
      0.3325,
      1.2525,
      0.165,
      1.085,
      0,
      0.92,
      1.84,
      0.7525,
      1.6725,
      0.585,
      1.505,
      0.4175,
      1.3375,
      0.25,
      1.17,
      0.0825,
      1.0025,
      1.9225,
      0.835,
      1.755,
      0.6675,
      1.5875,
      0.5,
      1.42,
      0.3325,
      1.2525,
      0.165,
      1.085
    ],
    "SoftwareVersions": "syngo_MR_B17",
    "SpacingBetweenSlices": 2,
    "StationName": "MRC35466",
    "TaskName": "training",
    "TotalReadoutTime": 0.075999,
    "TxRefAmp": 363.6,
    "dataset": "ds002306",
    "modality": "bold",
    "run_id": 12,
    "subject_id": "02",
    "task_id": "training"
  },
  "dummy_trs": 1,
  "dvars_nstd": 29.116891204695342,
  "dvars_std": 1.2045730855197132,
  "dvars_vstd": 1.0013008202508962,
  "efc": 0.5941741507830062,
  "fber": 1057.3668212890625,
  "fd_mean": 0.12367950527516686,
  "fd_num": 34,
  "fd_perc": 12.142857142857142,
  "fwhm_avg": 2.0003933333333332,
  "fwhm_x": 1.92614,
  "fwhm_y": 2.11291,
  "fwhm_z": 1.96213,
  "gcor": 0.00901709,
  "gsr_x": 0.02330164797604084,
  "gsr_y": 0.015120306983590126,
  "provenance": {
    "md5sum": "12383c3c112c225e0f6e55a46b1ce36d",
    "settings": {
      "fd_thres": 0.2,
      "testing": false
    },
    "software": "mriqc",
    "version": "22.0.0rc1",
    "webapi_port": null,
    "webapi_url": "https://mriqc.nimh.nih.gov/api/v1"
  },
  "size_t": 280,
  "size_x": 96,
  "size_y": 96,
  "size_z": 72,
  "snr": 5.1936386832894605,
  "spacing_tr": 2.0,
  "spacing_x": 2.0,
  "spacing_y": 2.0,
  "spacing_z": 2.0,
  "summary_bg_k": 10.218478202625857,
  "summary_bg_mad": 17.049925512814422,
  "summary_bg_mean": 50.288448333740234,
  "summary_bg_median": 18.25,
  "summary_bg_n": 400303.0,
  "summary_bg_p05": 5.164285659790039,
  "summary_bg_p95": 216.324639892578,
  "summary_bg_stdv": 76.28705596923828,
  "summary_fg_k": 3.589411146129149,
  "summary_fg_mad": 94.75949281963796,
  "summary_fg_mean": 616.2557983398438,
  "summary_fg_median": 604.6071166992188,
  "summary_fg_n": 168916.0,
  "summary_fg_p05": 462.3143005371094,
  "summary_fg_p95": 812.5062561035156,
  "summary_fg_stdv": 116.41266632080078,
  "tsnr": 60.903738448861986
}