{
  "aor": 0.0006567259786476868,
  "aqi": 0.006285051601423487,
  "bids_meta": {
    "AcquisitionMatrixPE": 96,
    "AcquisitionNumber": 1,
    "AcquisitionTime": "13:59:6.072500",
    "BandwidthPerPixelPhaseEncode": 13.021,
    "BaseResolution": 96,
    "CoilString": "C:HEA;HEP",
    "ConversionSoftware": "dcm2niix",
    "ConversionSoftwareVersion": "v1.0.20190902",
    "DerivedVendorReportedEchoSpacing": 0.00079999,
    "DeviceSerialNumber": "35466",
    "DwellTime": 3.6e-06,
    "EchoTime": 0.03,
    "EffectiveEchoSpacing": 0.00079999,
    "FlipAngle": 62,
    "ImageComments": "Unaliased_MB3_PE3_(remote)",
    "ImageOrientationPatientDICOM": [
      0.997888,
      0.00302837,
      0.0648805,
      -6.51095e-08,
      0.998913,
      -0.0466244
    ],
    "ImageType": [
      "ORIGINAL",
      "PRIMARY",
      "M",
      "MB",
      "ND",
      "NORM",
      "MOSAIC"
    ],
    "ImagingFrequency": 123.259,
    "InPlanePhaseEncodingDirectionDICOM": "COL",
    "InstitutionAddress": "Street_StreetNo_B390A3_District_JP_ZIP",
    "InstitutionName": "Center_for_Information_and_Neural_Networks",
    "InstitutionalDepartmentName": "Department",
    "MRAcquisitionType": "2D",
    "MagneticFieldStrength": 3,
    "Manufacturer": "Siemens",
    "ManufacturersModelName": "TrioTim",
    "Modality": "MR",
    "MultibandAccelerationFactor": 3,
    "PartialFourier": 0.75,
    "PatientPosition": "HFS",
    "PercentPhaseFOV": 100,
    "PhaseEncodingDirection": "j-",
    "PhaseEncodingSteps": 72,
    "PhaseResolution": 1,
    "PixelBandwidth": 1447,
    "ProcedureStepDescription": "NICT_Nishimoto",
    "ProtocolName": "mbep2d_MB3_TR2_2mm_PF6_BW1446_281",
    "PulseSequenceDetails": "%CustomerSeq%_cmrr_mbep2d_bold",
    "ReceiveCoilName": "32Ch_Head",
    "ReconMatrixPE": 96,
    "RepetitionTime": 2,
    "SAR": 0.231007,
    "ScanOptions": "PFP_FS",
    "ScanningSequence": "EP",
    "SequenceName": "epfid2d1_96",
    "SequenceVariant": "SK_SS",
    "SeriesDescription": "mbep2d_MB3_TR2_2mm_PF6_BW1446_281",
    "SeriesNumber": 8,
    "ShimSetting": [
      -274,
      -10088,
      -3925,
      368,
      -15,
      -120,
      -16,
      -116
    ],
    "SliceThickness": 2,
    "SliceTiming": [
      0,
      0.92,
      1.84,
      0.7525,
      1.6725,
      0.585,
      1.505,
      0.4175,
      1.3375,
      0.25,
      1.17,
      0.0825,
      1.005,
      1.925,
      0.8375,
      1.7575,
      0.67,
      1.59,
      0.5025,
      1.4225,
      0.335,
      1.255,
      0.1675,
      1.0875,
      0,
      0.92,
      1.84,
      0.7525,
      1.6725,
      0.585,
      1.505,
      0.4175,
      1.3375,
      0.25,
      1.17,
      0.0825,
      1.005,
      1.925,
      0.8375,
      1.7575,
      0.67,
      1.59,
      0.5025,
      1.4225,
      0.335,
      1.255,
      0.1675,
      1.0875,
      0,
      0.92,
      1.84,
      0.7525,
      1.6725,
      0.585,
      1.505,
      0.4175,
      1.3375,
      0.25,
      1.17,
      0.0825,
      1.005,
      1.925,
      0.8375,
      1.7575,
      0.67,
      1.59,
      0.5025,
      1.4225,
      0.335,
      1.255,
      0.1675,
      1.0875
    ],
    "SoftwareVersions": "syngo_MR_B17",
    "SpacingBetweenSlices": 2,
    "StationName": "MRC35466",
    "TaskName": "training",
    "TotalReadoutTime": 0.075999,
    "TxRefAmp": 360.14,
    "dataset": "ds002306",
    "modality": "bold",
    "run_id": 7,
    "subject_id": "02",
    "task_id": "training"
  },
  "dummy_trs": 0,
  "dvars_nstd": 28.442886618357136,
  "dvars_std": 1.1778143671071424,
  "dvars_vstd": 1.0053507234642858,
  "efc": 0.592184642765791,
  "fber": 1050.5777587890625,
  "fd_mean": 0.10285932044825416,
  "fd_num": 13,
  "fd_perc": 4.6263345195729535,
  "fwhm_avg": 2.031423333333333,
  "fwhm_x": 1.947255,
  "fwhm_y": 2.15352,
  "fwhm_z": 1.993495,
  "gcor": 0.0107027,
  "gsr_x": 0.024998007342219353,
  "gsr_y": 0.009887615218758583,
  "provenance": {
    "md5sum": "9245bfb07b5ca8dd40fa7159de4be077",
    "settings": {
      "fd_thres": 0.2,
      "testing": false
    },
    "software": "mriqc",
    "version": "22.0.0rc1",
    "webapi_port": null,
    "webapi_url": "https://mriqc.nimh.nih.gov/api/v1"
  },
  "size_t": 281,
  "size_x": 96,
  "size_y": 96,
  "size_z": 72,
  "snr": 5.117695463675546,
  "spacing_tr": 2.0,
  "spacing_x": 2.0,
  "spacing_y": 2.0,
  "spacing_z": 2.0,
  "summary_bg_k": 11.784066477847512,
  "summary_bg_mad": 17.065753636417348,
  "summary_bg_mean": 49.54202651977539,
  "summary_bg_median": 18.224199295043945,
  "summary_bg_n": 400444.0,
  "summary_bg_p05": 4.99288272857666,
  "summary_bg_p95": 214.17739944458,
  "summary_bg_stdv": 76.9483642578125,
  "summary_fg_k": 3.7091680854322897,
  "summary_fg_mad": 95.54070039729658,
  "summary_fg_mean": 615.9212036132812,
  "summary_fg_median": 604.3202514648438,
  "summary_fg_n": 168370.0,
  "summary_fg_p05": 459.871516418457,
  "summary_fg_p95": 814.6709869384765,
  "summary_fg_stdv": 118.08409881591797,
  "tsnr": 60.02564040850848
}