{
  "bids_meta": {
    "AcquisitionMatrixPE": 256,
    "AcquisitionNumber": 1,
    "AcquisitionTime": "16:09:32.277500",
    "BaseResolution": 256,
    "CoilString": "C:HEA;HEP",
    "ConversionSoftware": "dcm2niix",
    "ConversionSoftwareVersion": "v1.0.20190902",
    "DeviceSerialNumber": "35466",
    "DwellTime": 9.8e-06,
    "EchoTime": 0.00326,
    "FlipAngle": 9,
    "ImageOrientationPatientDICOM": [
      0,
      1,
      0,
      0,
      0,
      -1
    ],
    "ImageType": [
      "ORIGINAL",
      "PRIMARY",
      "M",
      "ND",
      "NORM"
    ],
    "ImagingFrequency": 123.259,
    "InPlanePhaseEncodingDirectionDICOM": "ROW",
    "InstitutionAddress": "Street_StreetNo_E019A3_District_JP_ZIP",
    "InstitutionName": "Center_for_Information_and_Neural_Networks",
    "InstitutionalDepartmentName": "Department",
    "InversionTime": 1.2,
    "MRAcquisitionType": "3D",
    "MagneticFieldStrength": 3,
    "Manufacturer": "Siemens",
    "ManufacturersModelName": "TrioTim",
    "Modality": "MR",
    "ParallelReductionFactorInPlane": 2,
    "PartialFourier": 1,
    "PatientPosition": "HFS",
    "PercentPhaseFOV": 100,
    "PhaseEncodingSteps": 255,
    "PhaseResolution": 1,
    "PixelBandwidth": 199,
    "ProcedureStepDescription": "NICT_Nishimoto",
    "ProtocolName": "t1_mpr_sag_p2_iso_1.0mm_SN",
    "PulseSequenceDetails": "%SiemensSeq%_tfl",
    "ReceiveCoilName": "32Ch_Head",
    "ReconMatrixPE": 256,
    "RefLinesPE": 32,
    "RepetitionTime": 2.53,
    "SAR": 0.0955238,
    "ScanOptions": "IR",
    "ScanningSequence": "GR_IR",
    "SequenceName": "_tfl3d1rr_ns",
    "SequenceVariant": "SP_MP",
    "SeriesDescription": "t1_mpr_sag_p2_iso_1.0mm_SN",
    "SeriesNumber": 17,
    "ShimSetting": [
      -343,
      -10448,
      -4102,
      379,
      -162,
      -738,
      80,
      206
    ],
    "SliceThickness": 1,
    "SoftwareVersions": "syngo_MR_B17",
    "StationName": "MRC35466",
    "TxRefAmp": 325.698,
    "dataset": "ds002306",
    "modality": "T1w",
    "subject_id": "03"
  },
  "cjv": 0.6038868828946058,
  "cnr": 2.145136357337212,
  "efc": 0.42830296091661807,
  "fber": 20267.685546875,
  "fwhm_avg": 3.6405733333333337,
  "fwhm_x": 3.63131,
  "fwhm_y": 3.60231,
  "fwhm_z": 3.6881,
  "icvs_csf": 0.17787061677521226,
  "icvs_gm": 0.4271917117893111,
  "icvs_wm": 0.39493767143547664,
  "inu_med": 1.3265013694763184,
  "inu_range": 0.2893136024475098,
  "provenance": {
    "md5sum": "4d50dd0a13a7c73aeb5bb97126a7ef44",
    "settings": {
      "testing": false
    },
    "software": "mriqc",
    "version": "22.0.0rc1",
    "warnings": {
      "large_rot_frame": true,
      "small_air_mask": false
    },
    "webapi_port": null,
    "webapi_url": "https://mriqc.nimh.nih.gov/api/v1"
  },
  "qi_1": 0.0,
  "qi_2": 0.02149822837653015,
  "rpve_csf": 39.116073591325915,
  "rpve_gm": 17.71267242148817,
  "rpve_wm": 22.776596048447917,
  "size_x": 208,
  "size_y": 256,
  "size_z": 256,
  "snr_csf": 3.2686170517558417,
  "snr_gm": 10.03373697344712,
  "snr_total": 14.052044782686009,
  "snr_wm": 28.853780322855062,
  "snrd_csf": 63.13909678005897,
  "snrd_gm": 145.6777626814862,
  "snrd_total": 129.4737913319228,
  "snrd_wm": 179.60451453422326,
  "spacing_x": 1.0,
  "spacing_y": 1.0,
  "spacing_z": 1.0,
  "summary_bg_k": 21.02814078203155,
  "summary_bg_mad": 3.6477101716772578,
  "summary_bg_mean": 3.9558165073394775,
  "summary_bg_median": 2.460472822189331,
  "summary_bg_n": 4907408.0,
  "summary_bg_p05": 0.0,
  "summary_bg_p95": 10.04352784156799,
  "summary_bg_stdv": 4.335664749145508,
  "summary_csf_k": 0.8168346294601871,
  "summary_csf_mad": 84.22952412112694,
  "summary_csf_mean": 384.3334045410156,
  "summary_csf_median": 351.5498962402344,
  "summary_csf_n": 18505.0,
  "summary_csf_p05": 261.67258911132814,
  "summary_csf_p95": 602.7507080078125,
  "summary_csf_stdv": 107.5501937866211,
  "summary_gm_k": -0.3769857672062704,
  "summary_gm_mad": 82.95115976926972,
  "summary_gm_mean": 820.67626953125,
  "summary_gm_median": 811.1139526367188,
  "summary_gm_n": 16757.0,
  "summary_gm_p05": 702.78134765625,
  "summary_gm_p95": 966.2904663085936,
  "summary_gm_stdv": 80.83625793457031,
  "summary_wm_k": 1.2722579734188457,
  "summary_wm_mad": 31.122792286211375,
  "summary_wm_mean": 1001.65576171875,
  "summary_wm_median": 1000.0134887695312,
  "summary_wm_n": 195685.0,
  "summary_wm_p05": 948.418408203125,
  "summary_wm_p95": 1060.7224853515625,
  "summary_wm_stdv": 34.65788269042969,
  "tpm_overlap_csf": 0.1847507208585739,
  "tpm_overlap_gm": 0.4323394000530243,
  "tpm_overlap_wm": 0.5033460855484009,
  "wm2max": 0.7019263242677147
}