{
  "aor": 0.0014284285714285714,
  "aqi": 0.011973026464285714,
  "bids_meta": {
    "AcquisitionMatrixPE": 96,
    "AcquisitionNumber": 1,
    "AcquisitionTime": "13:25:39.777500",
    "BandwidthPerPixelPhaseEncode": 13.021,
    "BaseResolution": 96,
    "CoilString": "C:HEA;HEP",
    "ConversionSoftware": "dcm2niix",
    "ConversionSoftwareVersion": "v1.0.20190902",
    "DerivedVendorReportedEchoSpacing": 0.00079999,
    "DeviceSerialNumber": "35466",
    "DwellTime": 3.6e-06,
    "EchoTime": 0.03,
    "EffectiveEchoSpacing": 0.00079999,
    "FlipAngle": 62,
    "ImageComments": "Unaliased_MB3_PE3_(remote)",
    "ImageOrientationPatientDICOM": [
      0.998864,
      -0.0191742,
      0.0436183,
      0.0191792,
      0.999816,
      0.000304011
    ],
    "ImageType": [
      "ORIGINAL",
      "PRIMARY",
      "M",
      "MB",
      "ND",
      "NORM",
      "MOSAIC"
    ],
    "ImagingFrequency": 123.259,
    "InPlanePhaseEncodingDirectionDICOM": "COL",
    "InstitutionAddress": "Street_StreetNo_B390A3_District_JP_ZIP",
    "InstitutionName": "Center_for_Information_and_Neural_Networks",
    "InstitutionalDepartmentName": "Department",
    "MRAcquisitionType": "2D",
    "MagneticFieldStrength": 3,
    "Manufacturer": "Siemens",
    "ManufacturersModelName": "TrioTim",
    "Modality": "MR",
    "MultibandAccelerationFactor": 3,
    "PartialFourier": 0.75,
    "PatientPosition": "HFS",
    "PercentPhaseFOV": 100,
    "PhaseEncodingDirection": "j-",
    "PhaseEncodingSteps": 72,
    "PhaseResolution": 1,
    "PixelBandwidth": 1447,
    "ProcedureStepDescription": "NICT_Nishimoto",
    "ProtocolName": "mbep2d_MB3_TR2_2mm_PF6_BW1446_281",
    "PulseSequenceDetails": "%CustomerSeq%_cmrr_mbep2d_bold",
    "ReceiveCoilName": "32Ch_Head",
    "ReconMatrixPE": 96,
    "RepetitionTime": 2,
    "SAR": 0.198707,
    "ScanOptions": "PFP_FS",
    "ScanningSequence": "EP",
    "SequenceName": "epfid2d1_96",
    "SequenceVariant": "SK_SS",
    "SeriesDescription": "mbep2d_MB3_TR2_2mm_PF6_BW1446_281",
    "SeriesNumber": 5,
    "ShimSetting": [
      -242,
      -10118,
      -3882,
      425,
      36,
      -330,
      198,
      -57
    ],
    "SliceThickness": 2,
    "SliceTiming": [
      0,
      0.92,
      1.84,
      0.7525,
      1.6725,
      0.585,
      1.505,
      0.4175,
      1.34,
      0.2525,
      1.1725,
      0.085,
      1.005,
      1.925,
      0.8375,
      1.7575,
      0.67,
      1.59,
      0.5025,
      1.4225,
      0.335,
      1.255,
      0.1675,
      1.0875,
      0,
      0.92,
      1.84,
      0.7525,
      1.6725,
      0.585,
      1.505,
      0.4175,
      1.34,
      0.2525,
      1.1725,
      0.085,
      1.005,
      1.925,
      0.8375,
      1.7575,
      0.67,
      1.59,
      0.5025,
      1.4225,
      0.335,
      1.255,
      0.1675,
      1.0875,
      0,
      0.92,
      1.84,
      0.7525,
      1.6725,
      0.585,
      1.505,
      0.4175,
      1.34,
      0.2525,
      1.1725,
      0.085,
      1.005,
      1.925,
      0.8375,
      1.7575,
      0.67,
      1.59,
      0.5025,
      1.4225,
      0.335,
      1.255,
      0.1675,
      1.0875
    ],
    "SoftwareVersions": "syngo_MR_B17",
    "SpacingBetweenSlices": 2,
    "StationName": "MRC35466",
    "TaskName": "training",
    "TotalReadoutTime": 0.075999,
    "TxRefAmp": 349.697,
    "dataset": "ds002306",
    "modality": "bold",
    "run_id": 1,
    "subject_id": "06",
    "task_id": "training"
  },
  "dummy_trs": 1,
  "dvars_nstd": 31.20665108623655,
  "dvars_std": 1.2582744868100362,
  "dvars_vstd": 0.9906253382795702,
  "efc": 0.5659129240144687,
  "fber": 1506.68359375,
  "fd_mean": 0.0672145797243155,
  "fd_num": 7,
  "fd_perc": 2.5,
  "fwhm_avg": 2.126991666666667,
  "fwhm_x": 2.02047,
  "fwhm_y": 2.283475,
  "fwhm_z": 2.07703,
  "gcor": 0.0117238,
  "gsr_x": 0.022703969851136208,
  "gsr_y": 0.018201792612671852,
  "provenance": {
    "md5sum": "0b69d1814df881dabaa7120763cf0135",
    "settings": {
      "fd_thres": 0.2,
      "testing": false
    },
    "software": "mriqc",
    "version": "22.0.0rc1",
    "webapi_port": null,
    "webapi_url": "https://mriqc.nimh.nih.gov/api/v1"
  },
  "size_t": 280,
  "size_x": 96,
  "size_y": 96,
  "size_z": 72,
  "snr": 5.915246297111072,
  "spacing_tr": 2.0,
  "spacing_x": 2.0,
  "spacing_y": 2.0,
  "spacing_z": 2.0,
  "summary_bg_k": 15.272308680577336,
  "summary_bg_mad": 15.874432299539048,
  "summary_bg_mean": 50.18527603149414,
  "summary_bg_median": 17.510713577270508,
  "summary_bg_n": 420802.0,
  "summary_bg_p05": 5.171428680419922,
  "summary_bg_p95": 221.32481842041,
  "summary_bg_stdv": 81.17578125,
  "summary_fg_k": 4.191598062687913,
  "summary_fg_mad": 99.03256162823494,
  "summary_fg_mean": 695.6497802734375,
  "summary_fg_median": 692.3786010742188,
  "summary_fg_n": 150621.0,
  "summary_fg_p05": 527.8643188476562,
  "summary_fg_p95": 877.6571655273438,
  "summary_fg_stdv": 117.04944610595703,
  "tsnr": 52.385588015662506
}