{
  "aor": 0.0009024285714285715,
  "aqi": 0.00910720532142857,
  "bids_meta": {
    "AcquisitionMatrixPE": 96,
    "AcquisitionNumber": 1,
    "AcquisitionTime": "13:38:21.677500",
    "BandwidthPerPixelPhaseEncode": 13.021,
    "BaseResolution": 96,
    "CoilString": "C:HEA;HEP",
    "ConversionSoftware": "dcm2niix",
    "ConversionSoftwareVersion": "v1.0.20190902",
    "DerivedVendorReportedEchoSpacing": 0.00079999,
    "DeviceSerialNumber": "35466",
    "DwellTime": 3.6e-06,
    "EchoTime": 0.03,
    "EffectiveEchoSpacing": 0.00079999,
    "FlipAngle": 62,
    "ImageComments": "Unaliased_MB3_PE3_(remote)",
    "ImageOrientationPatientDICOM": [
      0.996282,
      0.0329379,
      0.0796099,
      -0.0260886,
      0.995988,
      -0.0855953
    ],
    "ImageType": [
      "ORIGINAL",
      "PRIMARY",
      "M",
      "MB",
      "ND",
      "NORM",
      "MOSAIC"
    ],
    "ImagingFrequency": 123.259,
    "InPlanePhaseEncodingDirectionDICOM": "COL",
    "InstitutionAddress": "Street_StreetNo_B390A3_District_JP_ZIP",
    "InstitutionName": "Center_for_Information_and_Neural_Networks",
    "InstitutionalDepartmentName": "Department",
    "MRAcquisitionType": "2D",
    "MagneticFieldStrength": 3,
    "Manufacturer": "Siemens",
    "ManufacturersModelName": "TrioTim",
    "Modality": "MR",
    "MultibandAccelerationFactor": 3,
    "PartialFourier": 0.75,
    "PatientPosition": "HFS",
    "PercentPhaseFOV": 100,
    "PhaseEncodingDirection": "j-",
    "PhaseEncodingSteps": 72,
    "PhaseResolution": 1,
    "PixelBandwidth": 1447,
    "ProcedureStepDescription": "NICT_Nishimoto",
    "ProtocolName": "mbep2d_MB3_TR2_2mm_PF6_BW1446_281",
    "PulseSequenceDetails": "%CustomerSeq%_cmrr_mbep2d_bold",
    "ReceiveCoilName": "32Ch_Head",
    "ReconMatrixPE": 96,
    "RepetitionTime": 2,
    "SAR": 0.210561,
    "ScanOptions": "PFP_FS",
    "ScanningSequence": "EP",
    "SequenceName": "epfid2d1_96",
    "SequenceVariant": "SK_SS",
    "SeriesDescription": "mbep2d_MB3_TR2_2mm_PF6_BW1446_281",
    "SeriesNumber": 7,
    "ShimSetting": [
      -229,
      -10124,
      -3854,
      408,
      -1,
      -307,
      276,
      -91
    ],
    "SliceThickness": 2,
    "SliceTiming": [
      0,
      0.92,
      1.84,
      0.7525,
      1.6725,
      0.585,
      1.505,
      0.4175,
      1.3375,
      0.25,
      1.17,
      0.0825,
      1.0025,
      1.9225,
      0.835,
      1.755,
      0.6675,
      1.59,
      0.5025,
      1.4225,
      0.335,
      1.255,
      0.1675,
      1.0875,
      0,
      0.92,
      1.84,
      0.7525,
      1.6725,
      0.585,
      1.505,
      0.4175,
      1.3375,
      0.25,
      1.17,
      0.0825,
      1.0025,
      1.9225,
      0.835,
      1.755,
      0.6675,
      1.59,
      0.5025,
      1.4225,
      0.335,
      1.255,
      0.1675,
      1.0875,
      0,
      0.92,
      1.84,
      0.7525,
      1.6725,
      0.585,
      1.505,
      0.4175,
      1.3375,
      0.25,
      1.17,
      0.0825,
      1.0025,
      1.9225,
      0.835,
      1.755,
      0.6675,
      1.59,
      0.5025,
      1.4225,
      0.335,
      1.255,
      0.1675,
      1.0875
    ],
    "SoftwareVersions": "syngo_MR_B17",
    "SpacingBetweenSlices": 2,
    "StationName": "MRC35466",
    "TaskName": "training",
    "TotalReadoutTime": 0.075999,
    "TxRefAmp": 365.743,
    "dataset": "ds002306",
    "modality": "bold",
    "run_id": 6,
    "subject_id": "06",
    "task_id": "training"
  },
  "dummy_trs": 1,
  "dvars_nstd": 31.2337539427957,
  "dvars_std": 1.296514081899642,
  "dvars_vstd": 0.9957181269892471,
  "efc": 0.5644404117425402,
  "fber": 1544.9827880859375,
  "fd_mean": 0.06259827573406912,
  "fd_num": 5,
  "fd_perc": 1.7857142857142858,
  "fwhm_avg": 2.11321,
  "fwhm_x": 1.999845,
  "fwhm_y": 2.260115,
  "fwhm_z": 2.07967,
  "gcor": 0.0187596,
  "gsr_x": 0.026234425604343414,
  "gsr_y": 0.015155373141169548,
  "provenance": {
    "md5sum": "64be24153cad581e70ce4e09b4027bca",
    "settings": {
      "fd_thres": 0.2,
      "testing": false
    },
    "software": "mriqc",
    "version": "22.0.0rc1",
    "webapi_port": null,
    "webapi_url": "https://mriqc.nimh.nih.gov/api/v1"
  },
  "size_t": 280,
  "size_x": 96,
  "size_y": 96,
  "size_z": 72,
  "snr": 5.865638417814171,
  "spacing_tr": 2.0,
  "spacing_x": 2.0,
  "spacing_y": 2.0,
  "spacing_z": 2.0,
  "summary_bg_k": 17.01425945141455,
  "summary_bg_mad": 16.59985084928212,
  "summary_bg_mean": 54.40870666503906,
  "summary_bg_median": 18.56785774230957,
  "summary_bg_n": 422641.0,
  "summary_bg_p05": 5.574999809265137,
  "summary_bg_p95": 244.62857055664062,
  "summary_bg_stdv": 89.52116394042969,
  "summary_fg_k": 3.732490693001737,
  "summary_fg_mad": 107.02263292263125,
  "summary_fg_mean": 741.0843505859375,
  "summary_fg_median": 737.3285522460938,
  "summary_fg_n": 149176.0,
  "summary_fg_p05": 558.9830322265625,
  "summary_fg_p95": 939.1991119384766,
  "summary_fg_stdv": 125.7026138305664,
  "tsnr": 59.95029115118086
}