{
  "aor": 0.0005954448398576513,
  "aqi": 0.008198271992882563,
  "bids_meta": {
    "AcquisitionMatrixPE": 96,
    "AcquisitionNumber": 1,
    "AcquisitionTime": "14:09:0.100000",
    "BandwidthPerPixelPhaseEncode": 13.021,
    "BaseResolution": 96,
    "CoilString": "C:HEA;HEP",
    "ConversionSoftware": "dcm2niix",
    "ConversionSoftwareVersion": "v1.0.20190902",
    "DerivedVendorReportedEchoSpacing": 0.00079999,
    "DeviceSerialNumber": "35466",
    "DwellTime": 3.6e-06,
    "EchoTime": 0.03,
    "EffectiveEchoSpacing": 0.00079999,
    "FlipAngle": 62,
    "ImageComments": "Unaliased_MB3_PE3_(remote)",
    "ImageOrientationPatientDICOM": [
      0.996282,
      0.0329379,
      0.0796099,
      -0.0260886,
      0.995988,
      -0.0855953
    ],
    "ImageType": [
      "ORIGINAL",
      "PRIMARY",
      "M",
      "MB",
      "ND",
      "NORM",
      "MOSAIC"
    ],
    "ImagingFrequency": 123.259,
    "InPlanePhaseEncodingDirectionDICOM": "COL",
    "InstitutionAddress": "Street_StreetNo_B390A3_District_JP_ZIP",
    "InstitutionName": "Center_for_Information_and_Neural_Networks",
    "InstitutionalDepartmentName": "Department",
    "MRAcquisitionType": "2D",
    "MagneticFieldStrength": 3,
    "Manufacturer": "Siemens",
    "ManufacturersModelName": "TrioTim",
    "Modality": "MR",
    "MultibandAccelerationFactor": 3,
    "PartialFourier": 0.75,
    "PatientPosition": "HFS",
    "PercentPhaseFOV": 100,
    "PhaseEncodingDirection": "j-",
    "PhaseEncodingSteps": 72,
    "PhaseResolution": 1,
    "PixelBandwidth": 1447,
    "ProcedureStepDescription": "NICT_Nishimoto",
    "ProtocolName": "mbep2d_MB3_TR2_2mm_PF6_BW1446_281",
    "PulseSequenceDetails": "%CustomerSeq%_cmrr_mbep2d_bold",
    "ReceiveCoilName": "32Ch_Head",
    "ReconMatrixPE": 96,
    "RepetitionTime": 2,
    "SAR": 0.215713,
    "ScanOptions": "PFP_FS",
    "ScanningSequence": "EP",
    "SequenceName": "epfid2d1_96",
    "SequenceVariant": "SK_SS",
    "SeriesDescription": "mbep2d_MB3_TR2_2mm_PF6_BW1446_281",
    "SeriesNumber": 10,
    "ShimSetting": [
      -229,
      -10124,
      -3854,
      408,
      -1,
      -307,
      276,
      -91
    ],
    "SliceThickness": 2,
    "SliceTiming": [
      0,
      0.92,
      1.84,
      0.7525,
      1.6725,
      0.585,
      1.505,
      0.4175,
      1.3375,
      0.25,
      1.17,
      0.0825,
      1.0025,
      1.9225,
      0.835,
      1.755,
      0.6675,
      1.5875,
      0.5,
      1.42,
      0.3325,
      1.2525,
      0.165,
      1.0875,
      0,
      0.92,
      1.84,
      0.7525,
      1.6725,
      0.585,
      1.505,
      0.4175,
      1.3375,
      0.25,
      1.17,
      0.0825,
      1.0025,
      1.9225,
      0.835,
      1.755,
      0.6675,
      1.5875,
      0.5,
      1.42,
      0.3325,
      1.2525,
      0.165,
      1.0875,
      0,
      0.92,
      1.84,
      0.7525,
      1.6725,
      0.585,
      1.505,
      0.4175,
      1.3375,
      0.25,
      1.17,
      0.0825,
      1.0025,
      1.9225,
      0.835,
      1.755,
      0.6675,
      1.5875,
      0.5,
      1.42,
      0.3325,
      1.2525,
      0.165,
      1.0875
    ],
    "SoftwareVersions": "syngo_MR_B17",
    "SpacingBetweenSlices": 2,
    "StationName": "MRC35466",
    "TaskName": "training",
    "TotalReadoutTime": 0.075999,
    "TxRefAmp": 365.743,
    "dataset": "ds002306",
    "modality": "bold",
    "run_id": 8,
    "subject_id": "06",
    "task_id": "training"
  },
  "dummy_trs": 0,
  "dvars_nstd": 32.04909118917857,
  "dvars_std": 1.3289241311071425,
  "dvars_vstd": 1.005316656785714,
  "efc": 0.5653458026654399,
  "fber": 1485.8101806640625,
  "fd_mean": 0.0608253188320187,
  "fd_num": 0,
  "fd_perc": 0.0,
  "fwhm_avg": 2.100975,
  "fwhm_x": 1.992845,
  "fwhm_y": 2.24057,
  "fwhm_z": 2.06951,
  "gcor": 0.0220867,
  "gsr_x": 0.024908004328608513,
  "gsr_y": 0.014300664886832237,
  "provenance": {
    "md5sum": "49f1da57dbdacfbd75b0bca670bbb919",
    "settings": {
      "fd_thres": 0.2,
      "testing": false
    },
    "software": "mriqc",
    "version": "22.0.0rc1",
    "webapi_port": null,
    "webapi_url": "https://mriqc.nimh.nih.gov/api/v1"
  },
  "size_t": 281,
  "size_x": 96,
  "size_y": 96,
  "size_z": 72,
  "snr": 5.8635629275362495,
  "spacing_tr": 2.0,
  "spacing_x": 2.0,
  "spacing_y": 2.0,
  "spacing_z": 2.0,
  "summary_bg_k": 15.581164649864746,
  "summary_bg_mad": 16.846793331337995,
  "summary_bg_mean": 55.292728424072266,
  "summary_bg_median": 18.903913497924805,
  "summary_bg_n": 423467.0,
  "summary_bg_p05": 5.758007049560547,
  "summary_bg_p95": 248.2113830566403,
  "summary_bg_stdv": 89.38536834716797,
  "summary_fg_k": 3.699542059200448,
  "summary_fg_mad": 107.114073934704,
  "summary_fg_mean": 740.48486328125,
  "summary_fg_median": 736.9252319335938,
  "summary_fg_n": 148382.0,
  "summary_fg_p05": 557.8792053222656,
  "summary_fg_p95": 938.1777404785156,
  "summary_fg_stdv": 125.6783218383789,
  "tsnr": 64.2294823504053
}