{
  "aor": 0.0004991785714285714,
  "aqi": 0.010521997714285716,
  "bids_meta": {
    "AcquisitionMatrixPE": 96,
    "AcquisitionNumber": 1,
    "AcquisitionTime": "15:29:14.730000",
    "BandwidthPerPixelPhaseEncode": 13.021,
    "BaseResolution": 96,
    "CoilString": "C:HEA;HEP",
    "ConversionSoftware": "dcm2niix",
    "ConversionSoftwareVersion": "v1.0.20190902",
    "DerivedVendorReportedEchoSpacing": 0.00079999,
    "DeviceSerialNumber": "35466",
    "DwellTime": 3.6e-06,
    "EchoTime": 0.03,
    "EffectiveEchoSpacing": 0.00079999,
    "FlipAngle": 62,
    "ImageComments": "Unaliased_MB3_PE3_(remote)",
    "ImageOrientationPatientDICOM": [
      0.995632,
      0.0641663,
      0.0678233,
      -0.0504366,
      0.98094,
      -0.18765
    ],
    "ImageType": [
      "ORIGINAL",
      "PRIMARY",
      "M",
      "MB",
      "ND",
      "NORM",
      "MOSAIC"
    ],
    "ImagingFrequency": 123.259,
    "InPlanePhaseEncodingDirectionDICOM": "COL",
    "InstitutionAddress": "Street_StreetNo_B390A3_District_JP_ZIP",
    "InstitutionName": "Center_for_Information_and_Neural_Networks",
    "InstitutionalDepartmentName": "Department",
    "MRAcquisitionType": "2D",
    "MagneticFieldStrength": 3,
    "Manufacturer": "Siemens",
    "ManufacturersModelName": "TrioTim",
    "Modality": "MR",
    "MultibandAccelerationFactor": 3,
    "PartialFourier": 0.75,
    "PatientPosition": "HFS",
    "PercentPhaseFOV": 100,
    "PhaseEncodingDirection": "j-",
    "PhaseEncodingSteps": 72,
    "PhaseResolution": 1,
    "PixelBandwidth": 1447,
    "ProcedureStepDescription": "NICT_Nishimoto",
    "ProtocolName": "mbep2d_MB3_TR2_2mm_PF6_BW1446_281",
    "PulseSequenceDetails": "%CustomerSeq%_cmrr_mbep2d_bold",
    "ReceiveCoilName": "32Ch_Head",
    "ReconMatrixPE": 96,
    "RepetitionTime": 2,
    "SAR": 0.200517,
    "ScanOptions": "PFP_FS",
    "ScanningSequence": "EP",
    "SequenceName": "epfid2d1_96",
    "SequenceVariant": "SK_SS",
    "SeriesDescription": "mbep2d_MB3_TR2_2mm_PF6_BW1446_281",
    "SeriesNumber": 6,
    "ShimSetting": [
      -230,
      -10089,
      -3906,
      395,
      76,
      -266,
      130,
      -112
    ],
    "SliceThickness": 2,
    "SliceTiming": [
      0,
      0.92,
      1.84,
      0.7525,
      1.6725,
      0.585,
      1.505,
      0.4175,
      1.3375,
      0.25,
      1.17,
      0.0825,
      1.0025,
      1.9225,
      0.835,
      1.7575,
      0.67,
      1.59,
      0.5025,
      1.4225,
      0.335,
      1.255,
      0.1675,
      1.0875,
      0,
      0.92,
      1.84,
      0.7525,
      1.6725,
      0.585,
      1.505,
      0.4175,
      1.3375,
      0.25,
      1.17,
      0.0825,
      1.0025,
      1.9225,
      0.835,
      1.7575,
      0.67,
      1.59,
      0.5025,
      1.4225,
      0.335,
      1.255,
      0.1675,
      1.0875,
      0,
      0.92,
      1.84,
      0.7525,
      1.6725,
      0.585,
      1.505,
      0.4175,
      1.3375,
      0.25,
      1.17,
      0.0825,
      1.0025,
      1.9225,
      0.835,
      1.7575,
      0.67,
      1.59,
      0.5025,
      1.4225,
      0.335,
      1.255,
      0.1675,
      1.0875
    ],
    "SoftwareVersions": "syngo_MR_B17",
    "SpacingBetweenSlices": 2,
    "StationName": "MRC35466",
    "TaskName": "training",
    "TotalReadoutTime": 0.075999,
    "TxRefAmp": 348.226,
    "dataset": "ds002306",
    "modality": "bold",
    "run_id": 9,
    "subject_id": "06",
    "task_id": "training"
  },
  "dummy_trs": 1,
  "dvars_nstd": 28.986614644767023,
  "dvars_std": 1.204638531397849,
  "dvars_vstd": 0.9894311778853049,
  "efc": 0.5592604828270195,
  "fber": 1845.157958984375,
  "fd_mean": 0.07032093797115674,
  "fd_num": 6,
  "fd_perc": 2.142857142857143,
  "fwhm_avg": 2.053555,
  "fwhm_x": 1.963455,
  "fwhm_y": 2.1666,
  "fwhm_z": 2.03061,
  "gcor": 0.0117626,
  "gsr_x": 0.025343716144561768,
  "gsr_y": 0.01829535886645317,
  "provenance": {
    "md5sum": "92f9bda354fe3201b7ef00fac1b506b2",
    "settings": {
      "fd_thres": 0.2,
      "testing": false
    },
    "software": "mriqc",
    "version": "22.0.0rc1",
    "webapi_port": null,
    "webapi_url": "https://mriqc.nimh.nih.gov/api/v1"
  },
  "size_t": 280,
  "size_x": 96,
  "size_y": 96,
  "size_z": 72,
  "snr": 5.853040799294036,
  "spacing_tr": 2.0,
  "spacing_x": 2.0,
  "spacing_y": 2.0,
  "spacing_z": 2.0,
  "summary_bg_k": 18.22185686602061,
  "summary_bg_mad": 13.777610656653334,
  "summary_bg_mean": 47.65053176879883,
  "summary_bg_median": 15.671428680419922,
  "summary_bg_n": 423653.0,
  "summary_bg_p05": 5.153571605682373,
  "summary_bg_p95": 212.4107208251947,
  "summary_bg_stdv": 79.40538024902344,
  "summary_fg_k": 4.212249637482918,
  "summary_fg_mad": 98.57712113960342,
  "summary_fg_mean": 687.162109375,
  "summary_fg_median": 681.1321411132812,
  "summary_fg_n": 148664.0,
  "summary_fg_p05": 526.2164367675781,
  "summary_fg_p95": 872.2357177734375,
  "summary_fg_stdv": 116.37196350097656,
  "tsnr": 56.778524280525744
}