{
  "aor": 0.0007243571428571429,
  "aqi": 0.009922567607142857,
  "bids_meta": {
    "AcquisitionMatrixPE": 96,
    "AcquisitionNumber": 1,
    "AcquisitionTime": "15:39:29.530000",
    "BandwidthPerPixelPhaseEncode": 13.021,
    "BaseResolution": 96,
    "CoilString": "C:HEA;HEP",
    "ConversionSoftware": "dcm2niix",
    "ConversionSoftwareVersion": "v1.0.20190902",
    "DerivedVendorReportedEchoSpacing": 0.00079999,
    "DeviceSerialNumber": "35466",
    "DwellTime": 3.6e-06,
    "EchoTime": 0.03,
    "EffectiveEchoSpacing": 0.00079999,
    "FlipAngle": 62,
    "ImageComments": "Unaliased_MB3_PE3_(remote)",
    "ImageOrientationPatientDICOM": [
      0.995632,
      0.0641663,
      0.0678233,
      -0.0504366,
      0.98094,
      -0.18765
    ],
    "ImageType": [
      "ORIGINAL",
      "PRIMARY",
      "M",
      "MB",
      "ND",
      "NORM",
      "MOSAIC"
    ],
    "ImagingFrequency": 123.259,
    "InPlanePhaseEncodingDirectionDICOM": "COL",
    "InstitutionAddress": "Street_StreetNo_B390A3_District_JP_ZIP",
    "InstitutionName": "Center_for_Information_and_Neural_Networks",
    "InstitutionalDepartmentName": "Department",
    "MRAcquisitionType": "2D",
    "MagneticFieldStrength": 3,
    "Manufacturer": "Siemens",
    "ManufacturersModelName": "TrioTim",
    "Modality": "MR",
    "MultibandAccelerationFactor": 3,
    "PartialFourier": 0.75,
    "PatientPosition": "HFS",
    "PercentPhaseFOV": 100,
    "PhaseEncodingDirection": "j-",
    "PhaseEncodingSteps": 72,
    "PhaseResolution": 1,
    "PixelBandwidth": 1447,
    "ProcedureStepDescription": "NICT_Nishimoto",
    "ProtocolName": "mbep2d_MB3_TR2_2mm_PF6_BW1446_281",
    "PulseSequenceDetails": "%CustomerSeq%_cmrr_mbep2d_bold",
    "ReceiveCoilName": "32Ch_Head",
    "ReconMatrixPE": 96,
    "RepetitionTime": 2,
    "SAR": 0.200843,
    "ScanOptions": "PFP_FS",
    "ScanningSequence": "EP",
    "SequenceName": "epfid2d1_96",
    "SequenceVariant": "SK_SS",
    "SeriesDescription": "mbep2d_MB3_TR2_2mm_PF6_BW1446_281",
    "SeriesNumber": 7,
    "ShimSetting": [
      -230,
      -10089,
      -3906,
      395,
      76,
      -266,
      130,
      -112
    ],
    "SliceThickness": 2,
    "SliceTiming": [
      0,
      0.92,
      1.84,
      0.7525,
      1.6725,
      0.585,
      1.505,
      0.4175,
      1.3375,
      0.25,
      1.1725,
      0.085,
      1.005,
      1.925,
      0.8375,
      1.7575,
      0.67,
      1.59,
      0.5025,
      1.4225,
      0.335,
      1.255,
      0.1675,
      1.0875,
      0,
      0.92,
      1.84,
      0.7525,
      1.6725,
      0.585,
      1.505,
      0.4175,
      1.3375,
      0.25,
      1.1725,
      0.085,
      1.005,
      1.925,
      0.8375,
      1.7575,
      0.67,
      1.59,
      0.5025,
      1.4225,
      0.335,
      1.255,
      0.1675,
      1.0875,
      0,
      0.92,
      1.84,
      0.7525,
      1.6725,
      0.585,
      1.505,
      0.4175,
      1.3375,
      0.25,
      1.1725,
      0.085,
      1.005,
      1.925,
      0.8375,
      1.7575,
      0.67,
      1.59,
      0.5025,
      1.4225,
      0.335,
      1.255,
      0.1675,
      1.0875
    ],
    "SoftwareVersions": "syngo_MR_B17",
    "SpacingBetweenSlices": 2,
    "StationName": "MRC35466",
    "TaskName": "training",
    "TotalReadoutTime": 0.075999,
    "TxRefAmp": 348.226,
    "dataset": "ds002306",
    "modality": "bold",
    "run_id": 10,
    "subject_id": "06",
    "task_id": "training"
  },
  "dummy_trs": 1,
  "dvars_nstd": 29.032520765985662,
  "dvars_std": 1.2070336968100357,
  "dvars_vstd": 0.9982432573835124,
  "efc": 0.5597019995186784,
  "fber": 1834.895263671875,
  "fd_mean": 0.07168639725129751,
  "fd_num": 7,
  "fd_perc": 2.5,
  "fwhm_avg": 2.0475100000000004,
  "fwhm_x": 1.958895,
  "fwhm_y": 2.159055,
  "fwhm_z": 2.02458,
  "gcor": 0.0138937,
  "gsr_x": 0.024544211104512215,
  "gsr_y": 0.018157415091991425,
  "provenance": {
    "md5sum": "a193f671d9c9ec5590341ff9a9b7c09e",
    "settings": {
      "fd_thres": 0.2,
      "testing": false
    },
    "software": "mriqc",
    "version": "22.0.0rc1",
    "webapi_port": null,
    "webapi_url": "https://mriqc.nimh.nih.gov/api/v1"
  },
  "size_t": 280,
  "size_x": 96,
  "size_y": 96,
  "size_z": 72,
  "snr": 5.826788990538162,
  "spacing_tr": 2.0,
  "spacing_x": 2.0,
  "spacing_y": 2.0,
  "spacing_z": 2.0,
  "summary_bg_k": 16.92674290938655,
  "summary_bg_mad": 13.756430140187943,
  "summary_bg_mean": 48.16767120361328,
  "summary_bg_median": 15.703571319580078,
  "summary_bg_n": 424090.0,
  "summary_bg_p05": 5.199999809265137,
  "summary_bg_p95": 216.39481658935543,
  "summary_bg_stdv": 79.85487365722656,
  "summary_fg_k": 4.310317206532711,
  "summary_fg_mad": 98.62218558691885,
  "summary_fg_mean": 688.44677734375,
  "summary_fg_median": 682.5464477539062,
  "summary_fg_n": 148286.0,
  "summary_fg_p05": 526.31787109375,
  "summary_fg_p95": 874.0606994628906,
  "summary_fg_stdv": 117.13898468017578,
  "tsnr": 58.80480352649465
}