{
  "aor": 0.0005430960854092527,
  "aqi": 0.008231794448398578,
  "bids_meta": {
    "AcquisitionMatrixPE": 96,
    "AcquisitionNumber": 1,
    "AcquisitionTime": "14:06:35.657500",
    "BandwidthPerPixelPhaseEncode": 13.021,
    "BaseResolution": 96,
    "CoilString": "C:HEA;HEP",
    "ConversionSoftware": "dcm2niix",
    "ConversionSoftwareVersion": "v1.0.20190902",
    "DerivedVendorReportedEchoSpacing": 0.00079999,
    "DeviceSerialNumber": "35466",
    "DwellTime": 3.6e-06,
    "EchoTime": 0.03,
    "EffectiveEchoSpacing": 0.00079999,
    "FlipAngle": 62,
    "ImageComments": "Unaliased_MB3_PE3_(remote)",
    "ImageOrientationPatientDICOM": [
      0.998864,
      -0.0191742,
      0.0436183,
      0.0191792,
      0.999816,
      0.000304011
    ],
    "ImageType": [
      "ORIGINAL",
      "PRIMARY",
      "M",
      "MB",
      "ND",
      "NORM",
      "MOSAIC"
    ],
    "ImagingFrequency": 123.259,
    "InPlanePhaseEncodingDirectionDICOM": "COL",
    "InstitutionAddress": "Street_StreetNo_B390A3_District_JP_ZIP",
    "InstitutionName": "Center_for_Information_and_Neural_Networks",
    "InstitutionalDepartmentName": "Department",
    "MRAcquisitionType": "2D",
    "MagneticFieldStrength": 3,
    "Manufacturer": "Siemens",
    "ManufacturersModelName": "TrioTim",
    "Modality": "MR",
    "MultibandAccelerationFactor": 3,
    "PartialFourier": 0.75,
    "PatientPosition": "HFS",
    "PercentPhaseFOV": 100,
    "PhaseEncodingDirection": "j-",
    "PhaseEncodingSteps": 72,
    "PhaseResolution": 1,
    "PixelBandwidth": 1447,
    "ProcedureStepDescription": "NICT_Nishimoto",
    "ProtocolName": "mbep2d_MB3_TR2_2mm_PF6_BW1446_281",
    "PulseSequenceDetails": "%CustomerSeq%_cmrr_mbep2d_bold",
    "ReceiveCoilName": "32Ch_Head",
    "ReconMatrixPE": 96,
    "RepetitionTime": 2,
    "SAR": 0.207145,
    "ScanOptions": "PFP_FS",
    "ScanningSequence": "EP",
    "SequenceName": "epfid2d1_96",
    "SequenceVariant": "SK_SS",
    "SeriesDescription": "mbep2d_MB3_TR2_2mm_PF6_BW1446_281",
    "SeriesNumber": 9,
    "ShimSetting": [
      -242,
      -10118,
      -3882,
      425,
      36,
      -330,
      198,
      -57
    ],
    "SliceThickness": 2,
    "SliceTiming": [
      0,
      0.92,
      1.84,
      0.7525,
      1.6725,
      0.585,
      1.505,
      0.4175,
      1.3375,
      0.25,
      1.17,
      0.0825,
      1.0025,
      1.9225,
      0.835,
      1.755,
      0.6675,
      1.5875,
      0.5,
      1.42,
      0.3325,
      1.255,
      0.1675,
      1.0875,
      0,
      0.92,
      1.84,
      0.7525,
      1.6725,
      0.585,
      1.505,
      0.4175,
      1.3375,
      0.25,
      1.17,
      0.0825,
      1.0025,
      1.9225,
      0.835,
      1.755,
      0.6675,
      1.5875,
      0.5,
      1.42,
      0.3325,
      1.255,
      0.1675,
      1.0875,
      0,
      0.92,
      1.84,
      0.7525,
      1.6725,
      0.585,
      1.505,
      0.4175,
      1.3375,
      0.25,
      1.17,
      0.0825,
      1.0025,
      1.9225,
      0.835,
      1.755,
      0.6675,
      1.5875,
      0.5,
      1.42,
      0.3325,
      1.255,
      0.1675,
      1.0875
    ],
    "SoftwareVersions": "syngo_MR_B17",
    "SpacingBetweenSlices": 2,
    "StationName": "MRC35466",
    "TaskName": "training",
    "TotalReadoutTime": 0.075999,
    "TxRefAmp": 349.697,
    "dataset": "ds002306",
    "modality": "bold",
    "run_id": 4,
    "subject_id": "06",
    "task_id": "training"
  },
  "dummy_trs": 0,
  "dvars_nstd": 30.660182373500007,
  "dvars_std": 1.290976614357142,
  "dvars_vstd": 1.005519539928571,
  "efc": 0.5678584323937872,
  "fber": 1395.339111328125,
  "fd_mean": 0.06267858122280534,
  "fd_num": 0,
  "fd_perc": 0.0,
  "fwhm_avg": 2.06183,
  "fwhm_x": 1.966025,
  "fwhm_y": 2.21016,
  "fwhm_z": 2.009305,
  "gcor": 0.0215666,
  "gsr_x": 0.020103130489587784,
  "gsr_y": 0.014759983867406845,
  "provenance": {
    "md5sum": "e89472223ff9a7f5f8b40de7081cfbca",
    "settings": {
      "fd_thres": 0.2,
      "testing": false
    },
    "software": "mriqc",
    "version": "22.0.0rc1",
    "webapi_port": null,
    "webapi_url": "https://mriqc.nimh.nih.gov/api/v1"
  },
  "size_t": 281,
  "size_x": 96,
  "size_y": 96,
  "size_z": 72,
  "snr": 5.931842454554611,
  "spacing_tr": 2.0,
  "spacing_x": 2.0,
  "spacing_y": 2.0,
  "spacing_z": 2.0,
  "summary_bg_k": 12.911763204077426,
  "summary_bg_mad": 16.503841462796842,
  "summary_bg_mean": 52.8233528137207,
  "summary_bg_median": 18.27758026123047,
  "summary_bg_n": 422863.0,
  "summary_bg_p05": 5.534163618087776,
  "summary_bg_p95": 235.722412109375,
  "summary_bg_stdv": 83.38423156738281,
  "summary_fg_k": 4.491638685160613,
  "summary_fg_mad": 98.70652306663364,
  "summary_fg_mean": 699.0379638671875,
  "summary_fg_median": 695.5017700195312,
  "summary_fg_n": 148691.0,
  "summary_fg_p05": 532.3505249023438,
  "summary_fg_p95": 880.94482421875,
  "summary_fg_stdv": 117.24846649169922,
  "tsnr": 63.91457919613458
}