{
  "bids_meta": {
    "AcquisitionMatrixPE": 256,
    "AcquisitionNumber": 1,
    "AcquisitionTime": "11:02:39.670000",
    "BaseResolution": 256,
    "CoilString": "C:HEA;HEP",
    "ConversionSoftware": "dcm2niix",
    "ConversionSoftwareVersion": "v1.0.20190902",
    "DeviceSerialNumber": "35466",
    "DwellTime": 9.8e-06,
    "EchoTime": 0.00326,
    "FlipAngle": 9,
    "ImageOrientationPatientDICOM": [
      0.0191979,
      0.999816,
      3.73883e-08,
      0.00697861,
      -0.000133962,
      -0.999976
    ],
    "ImageType": [
      "ORIGINAL",
      "PRIMARY",
      "M",
      "ND",
      "NORM"
    ],
    "ImagingFrequency": 123.259,
    "InPlanePhaseEncodingDirectionDICOM": "ROW",
    "InstitutionAddress": "Street_StreetNo_B390A3_District_JP_ZIP",
    "InstitutionName": "Center_for_Information_and_Neural_Networks",
    "InstitutionalDepartmentName": "Department",
    "InversionTime": 1.2,
    "MRAcquisitionType": "3D",
    "MagneticFieldStrength": 3,
    "Manufacturer": "Siemens",
    "ManufacturersModelName": "TrioTim",
    "Modality": "MR",
    "ParallelReductionFactorInPlane": 2,
    "PartialFourier": 1,
    "PatientPosition": "HFS",
    "PercentPhaseFOV": 100,
    "PhaseEncodingSteps": 255,
    "PhaseResolution": 1,
    "PixelBandwidth": 199,
    "ProcedureStepDescription": "NICT_Nishimoto",
    "ProtocolName": "t1_mpr_sag_p2_iso_1.0mm_SN",
    "PulseSequenceDetails": "%SiemensSeq%_tfl",
    "ReceiveCoilName": "32Ch_Head",
    "ReconMatrixPE": 256,
    "RefLinesPE": 32,
    "RepetitionTime": 2.53,
    "SAR": 0.0908142,
    "ScanOptions": "IR",
    "ScanningSequence": "GR_IR",
    "SequenceName": "_tfl3d1rr_ns",
    "SequenceVariant": "SP_MP",
    "SeriesDescription": "t1_mpr_sag_p2_iso_1.0mm_SN",
    "SeriesNumber": 8,
    "ShimSetting": [
      -299,
      -10137,
      -3987,
      77,
      90,
      -624,
      156,
      30
    ],
    "SliceThickness": 1,
    "SoftwareVersions": "syngo_MR_B17",
    "StationName": "MRC35466",
    "TxRefAmp": 346.638,
    "dataset": "ds002306",
    "modality": "T1w",
    "subject_id": "01"
  },
  "cjv": 0.49462387137580677,
  "cnr": 2.6232783495846137,
  "efc": 0.46616470085340833,
  "fber": 19195.052734375,
  "fwhm_avg": 3.648936872340297,
  "fwhm_x": 3.661720396756085,
  "fwhm_y": 3.58966,
  "fwhm_z": 3.6954302202648055,
  "icvs_csf": 0.18575834715830492,
  "icvs_gm": 0.4354342832493666,
  "icvs_wm": 0.37880736959232847,
  "inu_med": 1.3930360078811646,
  "inu_range": 0.3468370437622068,
  "provenance": {
    "md5sum": "71ab5d829b3fdb2642129bf3f8f45745",
    "settings": {
      "testing": false
    },
    "software": "mriqc",
    "version": "22.0.0rc1",
    "warnings": {
      "large_rot_frame": true,
      "small_air_mask": false
    },
    "webapi_port": null,
    "webapi_url": "https://mriqc.nimh.nih.gov/api/v1"
  },
  "qi_1": 0.0,
  "qi_2": 0.024600326596652514,
  "rpve_csf": 31.83065904665262,
  "rpve_gm": 14.704018762303754,
  "rpve_wm": 19.862185145001906,
  "size_x": 208,
  "size_y": 256,
  "size_z": 256,
  "snr_csf": 3.3330342448827106,
  "snr_gm": 11.810336005088926,
  "snr_total": 15.002648166959807,
  "snr_wm": 29.86457425090778,
  "snrd_csf": 59.63669690317676,
  "snrd_gm": 136.2873506832885,
  "snrd_total": 122.01548425857136,
  "snrd_wm": 170.12240518924884,
  "spacing_x": 1.0000026226043701,
  "spacing_y": 1.0,
  "spacing_z": 0.9999999403953552,
  "summary_bg_k": 10.413232048820722,
  "summary_bg_mad": 3.8510286370685254,
  "summary_bg_mean": 4.983153343200684,
  "summary_bg_median": 2.5974793434143066,
  "summary_bg_n": 4321138.0,
  "summary_bg_p05": 0.0,
  "summary_bg_p95": 13.145823621749877,
  "summary_bg_stdv": 5.089747905731201,
  "summary_csf_k": 0.7718567508396119,
  "summary_csf_mad": 89.73186599108192,
  "summary_csf_mean": 380.08148193359375,
  "summary_csf_median": 350.5569763183594,
  "summary_csf_n": 22225.0,
  "summary_csf_p05": 256.35125732421875,
  "summary_csf_p95": 589.0820434570312,
  "summary_csf_stdv": 105.17416381835938,
  "summary_gm_k": -0.058707598549625484,
  "summary_gm_mad": 67.71322319831054,
  "summary_gm_mean": 805.4513549804688,
  "summary_gm_median": 801.1255493164062,
  "summary_gm_n": 28536.0,
  "summary_gm_p05": 701.6132659912109,
  "summary_gm_p95": 924.5177001953125,
  "summary_gm_stdv": 67.83139038085938,
  "summary_wm_k": 0.8968248616319356,
  "summary_wm_mad": 30.66228430952833,
  "summary_wm_mean": 999.9423217773438,
  "summary_wm_median": 1000.0150756835938,
  "summary_wm_n": 207565.0,
  "summary_wm_p05": 945.573095703125,
  "summary_wm_p95": 1054.4389892578124,
  "summary_wm_stdv": 33.48491287231445,
  "tpm_overlap_csf": 0.1718204766511917,
  "tpm_overlap_gm": 0.42179521918296814,
  "tpm_overlap_wm": 0.47633272409439087,
  "wm2max": 0.6832110410004182
}