{
  "aor": 0.0004218214285714286,
  "aqi": 0.007532995178571428,
  "bids_meta": {
    "AcquisitionMatrixPE": 96,
    "AcquisitionNumber": 1,
    "AcquisitionTime": "11:07:23.737500",
    "BandwidthPerPixelPhaseEncode": 13.021,
    "BaseResolution": 96,
    "CoilString": "C:HEA;HEP",
    "ConversionSoftware": "dcm2niix",
    "ConversionSoftwareVersion": "v1.0.20190902",
    "DerivedVendorReportedEchoSpacing": 0.00079999,
    "DeviceSerialNumber": "35466",
    "DwellTime": 3.6e-06,
    "EchoTime": 0.03,
    "EffectiveEchoSpacing": 0.00079999,
    "FlipAngle": 62,
    "ImageComments": "Unaliased_MB3_PE3_(remote)",
    "ImageOrientationPatientDICOM": [
      0.999119,
      -0.0419564,
      -0.000196613,
      0.0418755,
      0.997463,
      -0.0575637
    ],
    "ImageType": [
      "ORIGINAL",
      "PRIMARY",
      "M",
      "MB",
      "ND",
      "NORM",
      "MOSAIC"
    ],
    "ImagingFrequency": 123.259,
    "InPlanePhaseEncodingDirectionDICOM": "COL",
    "InstitutionAddress": "Street_StreetNo_B390A3_District_JP_ZIP",
    "InstitutionName": "Center_for_Information_and_Neural_Networks",
    "InstitutionalDepartmentName": "Department",
    "MRAcquisitionType": "2D",
    "MagneticFieldStrength": 3,
    "Manufacturer": "Siemens",
    "ManufacturersModelName": "TrioTim",
    "Modality": "MR",
    "MultibandAccelerationFactor": 3,
    "PartialFourier": 0.75,
    "PatientPosition": "HFS",
    "PercentPhaseFOV": 100,
    "PhaseEncodingDirection": "j-",
    "PhaseEncodingSteps": 72,
    "PhaseResolution": 1,
    "PixelBandwidth": 1447,
    "ProcedureStepDescription": "NICT_Nishimoto",
    "ProtocolName": "mbep2d_MB3_TR2_2mm_PF6_BW1446_281",
    "PulseSequenceDetails": "%CustomerSeq%_cmrr_mbep2d_bold",
    "ReceiveCoilName": "32Ch_Head",
    "ReconMatrixPE": 96,
    "RepetitionTime": 2,
    "SAR": 0.189915,
    "ScanOptions": "PFP_FS",
    "ScanningSequence": "EP",
    "SequenceName": "epfid2d1_96",
    "SequenceVariant": "SK_SS",
    "SeriesDescription": "mbep2d_MB3_TR2_2mm_PF6_BW1446_281",
    "SeriesNumber": 9,
    "ShimSetting": [
      -332,
      -10033,
      -3906,
      292,
      -10,
      -64,
      115,
      -7
    ],
    "SliceThickness": 2,
    "SliceTiming": [
      0,
      0.92,
      1.84,
      0.7525,
      1.6725,
      0.585,
      1.505,
      0.4175,
      1.3375,
      0.25,
      1.17,
      0.0825,
      1.0025,
      1.9225,
      0.835,
      1.755,
      0.6675,
      1.5875,
      0.5,
      1.42,
      0.335,
      1.255,
      0.1675,
      1.0875,
      0,
      0.92,
      1.84,
      0.7525,
      1.6725,
      0.585,
      1.505,
      0.4175,
      1.3375,
      0.25,
      1.17,
      0.0825,
      1.0025,
      1.9225,
      0.835,
      1.755,
      0.6675,
      1.5875,
      0.5,
      1.42,
      0.335,
      1.255,
      0.1675,
      1.0875,
      0,
      0.92,
      1.84,
      0.7525,
      1.6725,
      0.585,
      1.505,
      0.4175,
      1.3375,
      0.25,
      1.17,
      0.0825,
      1.0025,
      1.9225,
      0.835,
      1.755,
      0.6675,
      1.5875,
      0.5,
      1.42,
      0.335,
      1.255,
      0.1675,
      1.0875
    ],
    "SoftwareVersions": "syngo_MR_B17",
    "SpacingBetweenSlices": 2,
    "StationName": "MRC35466",
    "TaskName": "training",
    "TotalReadoutTime": 0.075999,
    "TxRefAmp": 354.471,
    "dataset": "ds002306",
    "modality": "bold",
    "run_id": 11,
    "subject_id": "01",
    "task_id": "training"
  },
  "dummy_trs": 1,
  "dvars_nstd": 28.348760892329764,
  "dvars_std": 1.1962091250896056,
  "dvars_vstd": 0.986532670215054,
  "efc": 0.5748936793739541,
  "fber": 1366.46728515625,
  "fd_mean": 0.10213830913120582,
  "fd_num": 0,
  "fd_perc": 0.0,
  "fwhm_avg": 2.04297,
  "fwhm_x": 1.922395,
  "fwhm_y": 2.221185,
  "fwhm_z": 1.98533,
  "gcor": 0.00686627,
  "gsr_x": 0.01172216422855854,
  "gsr_y": 0.015236803330481052,
  "provenance": {
    "md5sum": "c88bcfd8aead879bee88a9eeb5eea523",
    "settings": {
      "fd_thres": 0.2,
      "testing": false
    },
    "software": "mriqc",
    "version": "22.0.0rc1",
    "webapi_port": null,
    "webapi_url": "https://mriqc.nimh.nih.gov/api/v1"
  },
  "size_t": 280,
  "size_x": 96,
  "size_y": 96,
  "size_z": 72,
  "snr": 5.010347569301095,
  "spacing_tr": 2.0,
  "spacing_x": 2.0,
  "spacing_y": 2.0,
  "spacing_z": 2.0,
  "summary_bg_k": 24.666770146377875,
  "summary_bg_mad": 14.826023598975677,
  "summary_bg_mean": 45.27178955078125,
  "summary_bg_median": 16.871429443359375,
  "summary_bg_n": 406291.0,
  "summary_bg_p05": 5.117856979370117,
  "summary_bg_p95": 186.55178833007812,
  "summary_bg_stdv": 73.41764068603516,
  "summary_fg_k": 5.162568747437101,
  "summary_fg_mad": 103.86685473853919,
  "summary_fg_mean": 652.4388427734375,
  "summary_fg_median": 641.1464233398438,
  "summary_fg_n": 162025.0,
  "summary_fg_p05": 480.8892822265625,
  "summary_fg_p95": 858.3292968749998,
  "summary_fg_stdv": 127.96406555175781,
  "tsnr": 60.819929980672896
}