{
  "aor": 0.0008921785714285714,
  "aqi": 0.008365682357142856,
  "bids_meta": {
    "AcquisitionMatrixPE": 96,
    "AcquisitionNumber": 1,
    "AcquisitionTime": "16:33:33.120000",
    "BandwidthPerPixelPhaseEncode": 13.021,
    "BaseResolution": 96,
    "CoilString": "C:HEA;HEP",
    "ConversionSoftware": "dcm2niix",
    "ConversionSoftwareVersion": "v1.0.20190902",
    "DerivedVendorReportedEchoSpacing": 0.00079999,
    "DeviceSerialNumber": "35466",
    "DwellTime": 3.6e-06,
    "EchoTime": 0.03,
    "EffectiveEchoSpacing": 0.00079999,
    "FlipAngle": 62,
    "ImageComments": "Unaliased_MB3_PE3_(remote)",
    "ImageOrientationPatientDICOM": [
      0.999517,
      -0.0244225,
      -0.0191974,
      0.0244277,
      0.999702,
      3.35993e-05
    ],
    "ImageType": [
      "ORIGINAL",
      "PRIMARY",
      "M",
      "MB",
      "ND",
      "NORM",
      "MOSAIC"
    ],
    "ImagingFrequency": 123.259,
    "InPlanePhaseEncodingDirectionDICOM": "COL",
    "InstitutionAddress": "Street_StreetNo_B390A3_District_JP_ZIP",
    "InstitutionName": "Center_for_Information_and_Neural_Networks",
    "InstitutionalDepartmentName": "Department",
    "MRAcquisitionType": "2D",
    "MagneticFieldStrength": 3,
    "Manufacturer": "Siemens",
    "ManufacturersModelName": "TrioTim",
    "Modality": "MR",
    "MultibandAccelerationFactor": 3,
    "PartialFourier": 0.75,
    "PatientPosition": "HFS",
    "PercentPhaseFOV": 100,
    "PhaseEncodingDirection": "j-",
    "PhaseEncodingSteps": 72,
    "PhaseResolution": 1,
    "PixelBandwidth": 1447,
    "ProcedureStepDescription": "NICT_Nishimoto",
    "ProtocolName": "mbep2d_MB3_TR2_2mm_PF6_BW1446_281",
    "PulseSequenceDetails": "%CustomerSeq%_cmrr_mbep2d_bold",
    "ReceiveCoilName": "32Ch_Head",
    "ReconMatrixPE": 96,
    "RepetitionTime": 2,
    "SAR": 0.173272,
    "ScanOptions": "PFP_FS",
    "ScanningSequence": "EP",
    "SequenceName": "epfid2d1_96",
    "SequenceVariant": "SK_SS",
    "SeriesDescription": "mbep2d_MB3_TR2_2mm_PF6_BW1446_281",
    "SeriesNumber": 11,
    "ShimSetting": [
      -314,
      -10067,
      -3965,
      370,
      31,
      52,
      78,
      10
    ],
    "SliceThickness": 2,
    "SliceTiming": [
      0,
      0.92,
      1.84,
      0.7525,
      1.6725,
      0.585,
      1.505,
      0.4175,
      1.3375,
      0.25,
      1.17,
      0.0825,
      1.0025,
      1.9225,
      0.835,
      1.755,
      0.6675,
      1.5875,
      0.5025,
      1.4225,
      0.335,
      1.255,
      0.1675,
      1.0875,
      0,
      0.92,
      1.84,
      0.7525,
      1.6725,
      0.585,
      1.505,
      0.4175,
      1.3375,
      0.25,
      1.17,
      0.0825,
      1.0025,
      1.9225,
      0.835,
      1.755,
      0.6675,
      1.5875,
      0.5025,
      1.4225,
      0.335,
      1.255,
      0.1675,
      1.0875,
      0,
      0.92,
      1.84,
      0.7525,
      1.6725,
      0.585,
      1.505,
      0.4175,
      1.3375,
      0.25,
      1.17,
      0.0825,
      1.0025,
      1.9225,
      0.835,
      1.755,
      0.6675,
      1.5875,
      0.5025,
      1.4225,
      0.335,
      1.255,
      0.1675,
      1.0875
    ],
    "SoftwareVersions": "syngo_MR_B17",
    "SpacingBetweenSlices": 2,
    "StationName": "MRC35466",
    "TaskName": "training",
    "TotalReadoutTime": 0.075999,
    "TxRefAmp": 351.283,
    "dataset": "ds002306",
    "modality": "bold",
    "run_id": 5,
    "subject_id": "01",
    "task_id": "training"
  },
  "dummy_trs": 1,
  "dvars_nstd": 32.87871780541219,
  "dvars_std": 1.2557407320430107,
  "dvars_vstd": 0.9952846205017923,
  "efc": 0.5772771272385985,
  "fber": 1132.8348388671875,
  "fd_mean": 0.1100124460087466,
  "fd_num": 7,
  "fd_perc": 2.5,
  "fwhm_avg": 2.03879,
  "fwhm_x": 1.92221,
  "fwhm_y": 2.22234,
  "fwhm_z": 1.97182,
  "gcor": 0.00663603,
  "gsr_x": 0.01100854855030775,
  "gsr_y": 0.016033431515097618,
  "provenance": {
    "md5sum": "15eb06227c3b8ac73df5d1c764e4a447",
    "settings": {
      "fd_thres": 0.2,
      "testing": false
    },
    "software": "mriqc",
    "version": "22.0.0rc1",
    "webapi_port": null,
    "webapi_url": "https://mriqc.nimh.nih.gov/api/v1"
  },
  "size_t": 280,
  "size_x": 96,
  "size_y": 96,
  "size_z": 72,
  "snr": 4.877323056281688,
  "spacing_tr": 2.0,
  "spacing_x": 2.0,
  "spacing_y": 2.0,
  "spacing_z": 2.0,
  "summary_bg_k": 20.872983976224308,
  "summary_bg_mad": 15.371408465722753,
  "summary_bg_mean": 44.025203704833984,
  "summary_bg_median": 17.475000381469727,
  "summary_bg_n": 406203.0,
  "summary_bg_p05": 4.6785712242126465,
  "summary_bg_p95": 180.67428894042945,
  "summary_bg_stdv": 68.46696472167969,
  "summary_fg_k": 5.302597657524535,
  "summary_fg_mad": 97.83057156058297,
  "summary_fg_mean": 615.6488647460938,
  "summary_fg_median": 605.3107299804688,
  "summary_fg_n": 162235.0,
  "summary_fg_p05": 449.36036071777346,
  "summary_fg_p95": 812.7185791015623,
  "summary_fg_stdv": 124.10678100585938,
  "tsnr": 56.89093411923386
}