{
  "aor": 0.0014035,
  "aqi": 0.008612294178571428,
  "bids_meta": {
    "AcquisitionMatrixPE": 96,
    "AcquisitionNumber": 1,
    "AcquisitionTime": "10:55:25.085000",
    "BandwidthPerPixelPhaseEncode": 13.021,
    "BaseResolution": 96,
    "CoilString": "C:HEA;HEP",
    "ConversionSoftware": "dcm2niix",
    "ConversionSoftwareVersion": "v1.0.20190902",
    "DerivedVendorReportedEchoSpacing": 0.00079999,
    "DeviceSerialNumber": "35466",
    "DwellTime": 3.6e-06,
    "EchoTime": 0.03,
    "EffectiveEchoSpacing": 0.00079999,
    "FlipAngle": 62,
    "ImageComments": "Unaliased_MB3_PE3_(remote)",
    "ImageOrientationPatientDICOM": [
      0.999292,
      -0.0341348,
      0.0158455,
      0.034896,
      0.998112,
      -0.0505436
    ],
    "ImageType": [
      "ORIGINAL",
      "PRIMARY",
      "M",
      "MB",
      "ND",
      "NORM",
      "MOSAIC"
    ],
    "ImagingFrequency": 123.259,
    "InPlanePhaseEncodingDirectionDICOM": "COL",
    "InstitutionAddress": "Street_StreetNo_B390A3_District_JP_ZIP",
    "InstitutionName": "Center_for_Information_and_Neural_Networks",
    "InstitutionalDepartmentName": "Department",
    "MRAcquisitionType": "2D",
    "MagneticFieldStrength": 3,
    "Manufacturer": "Siemens",
    "ManufacturersModelName": "TrioTim",
    "Modality": "MR",
    "MultibandAccelerationFactor": 3,
    "PartialFourier": 0.75,
    "PatientPosition": "HFS",
    "PercentPhaseFOV": 100,
    "PhaseEncodingDirection": "j-",
    "PhaseEncodingSteps": 72,
    "PhaseResolution": 1,
    "PixelBandwidth": 1447,
    "ProcedureStepDescription": "NICT_Nishimoto",
    "ProtocolName": "mbep2d_MB3_TR2_2mm_PF6_BW1446_281",
    "PulseSequenceDetails": "%CustomerSeq%_cmrr_mbep2d_bold",
    "ReceiveCoilName": "32Ch_Head",
    "ReconMatrixPE": 96,
    "RepetitionTime": 2,
    "SAR": 0.167759,
    "ScanOptions": "PFP_FS",
    "ScanningSequence": "EP",
    "SequenceName": "epfid2d1_96",
    "SequenceVariant": "SK_SS",
    "SeriesDescription": "mbep2d_MB3_TR2_2mm_PF6_BW1446_281",
    "SeriesNumber": 7,
    "ShimSetting": [
      -297,
      -10032,
      -3954,
      326,
      14,
      71,
      -56,
      19
    ],
    "SliceThickness": 2,
    "SliceTiming": [
      0,
      0.92,
      1.84,
      0.7525,
      1.6725,
      0.585,
      1.505,
      0.4175,
      1.3375,
      0.25,
      1.1725,
      0.085,
      1.005,
      1.925,
      0.8375,
      1.7575,
      0.67,
      1.59,
      0.5025,
      1.4225,
      0.335,
      1.255,
      0.1675,
      1.0875,
      0,
      0.92,
      1.84,
      0.7525,
      1.6725,
      0.585,
      1.505,
      0.4175,
      1.3375,
      0.25,
      1.1725,
      0.085,
      1.005,
      1.925,
      0.8375,
      1.7575,
      0.67,
      1.59,
      0.5025,
      1.4225,
      0.335,
      1.255,
      0.1675,
      1.0875,
      0,
      0.92,
      1.84,
      0.7525,
      1.6725,
      0.585,
      1.505,
      0.4175,
      1.3375,
      0.25,
      1.1725,
      0.085,
      1.005,
      1.925,
      0.8375,
      1.7575,
      0.67,
      1.59,
      0.5025,
      1.4225,
      0.335,
      1.255,
      0.1675,
      1.0875
    ],
    "SoftwareVersions": "syngo_MR_B17",
    "SpacingBetweenSlices": 2,
    "StationName": "MRC35466",
    "TaskName": "training",
    "TotalReadoutTime": 0.075999,
    "TxRefAmp": 351.248,
    "dataset": "ds002306",
    "modality": "bold",
    "run_id": 6,
    "subject_id": "01",
    "task_id": "training"
  },
  "dummy_trs": 1,
  "dvars_nstd": 29.7368894663441,
  "dvars_std": 1.1922447916845869,
  "dvars_vstd": 0.9965586378494624,
  "efc": 0.5721182591253636,
  "fber": 1212.491455078125,
  "fd_mean": 0.10466087900244887,
  "fd_num": 6,
  "fd_perc": 2.142857142857143,
  "fwhm_avg": 2.109268333333333,
  "fwhm_x": 1.983255,
  "fwhm_y": 2.270665,
  "fwhm_z": 2.073885,
  "gcor": 0.00784153,
  "gsr_x": 0.01435914821922779,
  "gsr_y": 0.019070569425821304,
  "provenance": {
    "md5sum": "2e74879217e52f3ad1ddaa8ed7c2d6d9",
    "settings": {
      "fd_thres": 0.2,
      "testing": false
    },
    "software": "mriqc",
    "version": "22.0.0rc1",
    "webapi_port": null,
    "webapi_url": "https://mriqc.nimh.nih.gov/api/v1"
  },
  "size_t": 280,
  "size_x": 96,
  "size_y": 96,
  "size_z": 72,
  "snr": 4.791714582314394,
  "spacing_tr": 2.0,
  "spacing_x": 2.0,
  "spacing_y": 2.0,
  "spacing_z": 2.0,
  "summary_bg_k": 23.144492534116207,
  "summary_bg_mad": 15.694402858302023,
  "summary_bg_mean": 44.74277877807617,
  "summary_bg_median": 17.93214225769043,
  "summary_bg_n": 407577.0,
  "summary_bg_p05": 4.652857303619395,
  "summary_bg_p95": 183.83499755859225,
  "summary_bg_stdv": 71.75545501708984,
  "summary_fg_k": 4.555361553692628,
  "summary_fg_mad": 106.6626602892563,
  "summary_fg_mean": 653.8934326171875,
  "summary_fg_median": 642.4071655273438,
  "summary_fg_n": 161401.0,
  "summary_fg_p05": 466.9607238769531,
  "summary_fg_p95": 870.2857055664062,
  "summary_fg_stdv": 134.06582641601562,
  "tsnr": 53.25312914443202
}