{
  "aor": 0.0011908928571428572,
  "aqi": 0.009043601321428571,
  "bids_meta": {
    "AcquisitionMatrixPE": 96,
    "AcquisitionNumber": 1,
    "AcquisitionTime": "10:55:33.142500",
    "BandwidthPerPixelPhaseEncode": 13.021,
    "BaseResolution": 96,
    "CoilString": "C:HEA;HEP",
    "ConversionSoftware": "dcm2niix",
    "ConversionSoftwareVersion": "v1.0.20190902",
    "DerivedVendorReportedEchoSpacing": 0.00079999,
    "DeviceSerialNumber": "35466",
    "DwellTime": 3.6e-06,
    "EchoTime": 0.03,
    "EffectiveEchoSpacing": 0.00079999,
    "FlipAngle": 62,
    "ImageComments": "Unaliased_MB3_PE3_(remote)",
    "ImageOrientationPatientDICOM": [
      0.995605,
      0.089451,
      -0.0277359,
      -0.0906071,
      0.994928,
      -0.0436837
    ],
    "ImageType": [
      "ORIGINAL",
      "PRIMARY",
      "M",
      "MB",
      "ND",
      "NORM",
      "MOSAIC"
    ],
    "ImagingFrequency": 123.259,
    "InPlanePhaseEncodingDirectionDICOM": "COL",
    "InstitutionAddress": "Street_StreetNo_B390A3_District_JP_ZIP",
    "InstitutionName": "Center_for_Information_and_Neural_Networks",
    "InstitutionalDepartmentName": "Department",
    "MRAcquisitionType": "2D",
    "MagneticFieldStrength": 3,
    "Manufacturer": "Siemens",
    "ManufacturersModelName": "TrioTim",
    "Modality": "MR",
    "MultibandAccelerationFactor": 3,
    "PartialFourier": 0.75,
    "PatientPosition": "HFS",
    "PercentPhaseFOV": 100,
    "PhaseEncodingDirection": "j-",
    "PhaseEncodingSteps": 72,
    "PhaseResolution": 1,
    "PixelBandwidth": 1447,
    "ProcedureStepDescription": "NICT_Nishimoto",
    "ProtocolName": "mbep2d_MB3_TR2_2mm_PF6_BW1446_281",
    "PulseSequenceDetails": "%CustomerSeq%_cmrr_mbep2d_bold",
    "ReceiveCoilName": "32Ch_Head",
    "ReconMatrixPE": 96,
    "RepetitionTime": 2,
    "SAR": 0.171212,
    "ScanOptions": "PFP_FS",
    "ScanningSequence": "EP",
    "SequenceName": "epfid2d1_96",
    "SequenceVariant": "SK_SS",
    "SeriesDescription": "mbep2d_MB3_TR2_2mm_PF6_BW1446_281",
    "SeriesNumber": 7,
    "ShimSetting": [
      -238,
      -10056,
      -3983,
      364,
      232,
      -77,
      -68,
      23
    ],
    "SliceThickness": 2,
    "SliceTiming": [
      0,
      0.92,
      1.84,
      0.7525,
      1.6725,
      0.585,
      1.505,
      0.4175,
      1.34,
      0.2525,
      1.1725,
      0.085,
      1.005,
      1.925,
      0.8375,
      1.7575,
      0.67,
      1.59,
      0.5025,
      1.4225,
      0.335,
      1.255,
      0.1675,
      1.0875,
      0,
      0.92,
      1.84,
      0.7525,
      1.6725,
      0.585,
      1.505,
      0.4175,
      1.34,
      0.2525,
      1.1725,
      0.085,
      1.005,
      1.925,
      0.8375,
      1.7575,
      0.67,
      1.59,
      0.5025,
      1.4225,
      0.335,
      1.255,
      0.1675,
      1.0875,
      0,
      0.92,
      1.84,
      0.7525,
      1.6725,
      0.585,
      1.505,
      0.4175,
      1.34,
      0.2525,
      1.1725,
      0.085,
      1.005,
      1.925,
      0.8375,
      1.7575,
      0.67,
      1.59,
      0.5025,
      1.4225,
      0.335,
      1.255,
      0.1675,
      1.0875
    ],
    "SoftwareVersions": "syngo_MR_B17",
    "SpacingBetweenSlices": 2,
    "StationName": "MRC35466",
    "TaskName": "training",
    "TotalReadoutTime": 0.075999,
    "TxRefAmp": 351.05,
    "dataset": "ds002306",
    "modality": "bold",
    "run_id": 6,
    "subject_id": "04",
    "task_id": "training"
  },
  "dummy_trs": 1,
  "dvars_nstd": 31.01657595344086,
  "dvars_std": 1.2477817682795698,
  "dvars_vstd": 0.991381731290322,
  "efc": 0.5311383199546801,
  "fber": 2312.08642578125,
  "fd_mean": 0.12800674364334327,
  "fd_num": 36,
  "fd_perc": 12.857142857142858,
  "fwhm_avg": 2.0378866666666666,
  "fwhm_x": 1.906865,
  "fwhm_y": 2.236375,
  "fwhm_z": 1.97042,
  "gcor": 0.0138417,
  "gsr_x": -0.01069101132452488,
  "gsr_y": 0.038894522935152054,
  "provenance": {
    "md5sum": "8c8ddf9c42db1b549eb0d51793798e2f",
    "settings": {
      "fd_thres": 0.2,
      "testing": false
    },
    "software": "mriqc",
    "version": "22.0.0rc1",
    "webapi_port": null,
    "webapi_url": "https://mriqc.nimh.nih.gov/api/v1"
  },
  "size_t": 280,
  "size_x": 96,
  "size_y": 96,
  "size_z": 72,
  "snr": 4.9909582545848075,
  "spacing_tr": 2.0,
  "spacing_x": 2.0,
  "spacing_y": 2.0,
  "spacing_z": 2.0,
  "summary_bg_k": 33.384589327589474,
  "summary_bg_mad": 8.138427521391597,
  "summary_bg_mean": 33.61592483520508,
  "summary_bg_median": 11.435714721679688,
  "summary_bg_n": 436699.0,
  "summary_bg_p05": 4.949999809265137,
  "summary_bg_p95": 137.46857910156234,
  "summary_bg_stdv": 59.72953796386719,
  "summary_fg_k": 3.984155683553187,
  "summary_fg_mad": 94.3226482023384,
  "summary_fg_mean": 572.8496704101562,
  "summary_fg_median": 561.023193359375,
  "summary_fg_n": 137018.0,
  "summary_fg_p05": 428.1157165527344,
  "summary_fg_p95": 756.1337524414062,
  "summary_fg_stdv": 112.40750122070312,
  "tsnr": 54.56921914592385
}