{
  "aor": 0.00047603571428571427,
  "aqi": 0.0071487854642857136,
  "bids_meta": {
    "AcquisitionMatrixPE": 96,
    "AcquisitionNumber": 1,
    "AcquisitionTime": "10:57:52.415000",
    "BandwidthPerPixelPhaseEncode": 13.021,
    "BaseResolution": 96,
    "CoilString": "C:HEA;HEP",
    "ConversionSoftware": "dcm2niix",
    "ConversionSoftwareVersion": "v1.0.20190902",
    "DerivedVendorReportedEchoSpacing": 0.00079999,
    "DeviceSerialNumber": "35466",
    "DwellTime": 3.6e-06,
    "EchoTime": 0.03,
    "EffectiveEchoSpacing": 0.00079999,
    "FlipAngle": 62,
    "ImageComments": "Unaliased_MB3_PE3_(remote)",
    "ImageOrientationPatientDICOM": [
      0.997684,
      -0.0680153,
      0,
      0.0680153,
      0.997684,
      0
    ],
    "ImageType": [
      "ORIGINAL",
      "PRIMARY",
      "M",
      "MB",
      "ND",
      "NORM",
      "MOSAIC"
    ],
    "ImagingFrequency": 123.259,
    "InPlanePhaseEncodingDirectionDICOM": "COL",
    "InstitutionAddress": "Street_StreetNo_B390A3_District_JP_ZIP",
    "InstitutionName": "Center_for_Information_and_Neural_Networks",
    "InstitutionalDepartmentName": "Department",
    "MRAcquisitionType": "2D",
    "MagneticFieldStrength": 3,
    "Manufacturer": "Siemens",
    "ManufacturersModelName": "TrioTim",
    "Modality": "MR",
    "MultibandAccelerationFactor": 3,
    "PartialFourier": 0.75,
    "PatientPosition": "HFS",
    "PercentPhaseFOV": 100,
    "PhaseEncodingDirection": "j-",
    "PhaseEncodingSteps": 72,
    "PhaseResolution": 1,
    "PixelBandwidth": 1447,
    "ProcedureStepDescription": "NICT_Nishimoto",
    "ProtocolName": "mbep2d_MB3_TR2_2mm_PF6_BW1446_281",
    "PulseSequenceDetails": "%CustomerSeq%_cmrr_mbep2d_bold",
    "ReceiveCoilName": "32Ch_Head",
    "ReconMatrixPE": 96,
    "RepetitionTime": 2,
    "SAR": 0.17666,
    "ScanOptions": "PFP_FS",
    "ScanningSequence": "EP",
    "SequenceName": "epfid2d1_96",
    "SequenceVariant": "SK_SS",
    "SeriesDescription": "mbep2d_MB3_TR2_2mm_PF6_BW1446_281",
    "SeriesNumber": 8,
    "ShimSetting": [
      -326,
      -10100,
      -3972,
      374,
      -88,
      -157,
      74,
      -81
    ],
    "SliceThickness": 2,
    "SliceTiming": [
      0,
      0.92,
      1.84,
      0.7525,
      1.6725,
      0.585,
      1.505,
      0.4175,
      1.34,
      0.2525,
      1.1725,
      0.085,
      1.005,
      1.925,
      0.8375,
      1.7575,
      0.67,
      1.59,
      0.5025,
      1.4225,
      0.335,
      1.255,
      0.1675,
      1.0875,
      0,
      0.92,
      1.84,
      0.7525,
      1.6725,
      0.585,
      1.505,
      0.4175,
      1.34,
      0.2525,
      1.1725,
      0.085,
      1.005,
      1.925,
      0.8375,
      1.7575,
      0.67,
      1.59,
      0.5025,
      1.4225,
      0.335,
      1.255,
      0.1675,
      1.0875,
      0,
      0.92,
      1.84,
      0.7525,
      1.6725,
      0.585,
      1.505,
      0.4175,
      1.34,
      0.2525,
      1.1725,
      0.085,
      1.005,
      1.925,
      0.8375,
      1.7575,
      0.67,
      1.59,
      0.5025,
      1.4225,
      0.335,
      1.255,
      0.1675,
      1.0875
    ],
    "SoftwareVersions": "syngo_MR_B17",
    "SpacingBetweenSlices": 2,
    "StationName": "MRC35466",
    "TaskName": "training",
    "TotalReadoutTime": 0.075999,
    "TxRefAmp": 351.255,
    "dataset": "ds002306",
    "modality": "bold",
    "run_id": 3,
    "subject_id": "04",
    "task_id": "training"
  },
  "dummy_trs": 1,
  "dvars_nstd": 31.174737875555554,
  "dvars_std": 1.2364873192114698,
  "dvars_vstd": 0.9949548820071688,
  "efc": 0.5351826200046891,
  "fber": 2056.8134765625,
  "fd_mean": 0.14199442829370768,
  "fd_num": 47,
  "fd_perc": 16.785714285714285,
  "fwhm_avg": 2.0287133333333336,
  "fwhm_x": 1.903305,
  "fwhm_y": 2.23116,
  "fwhm_z": 1.951675,
  "gcor": 0.0192324,
  "gsr_x": -0.008917425759136677,
  "gsr_y": 0.0358072966337204,
  "provenance": {
    "md5sum": "3be5ffefd51a2b772e17ec66a9a11b66",
    "settings": {
      "fd_thres": 0.2,
      "testing": false
    },
    "software": "mriqc",
    "version": "22.0.0rc1",
    "webapi_port": null,
    "webapi_url": "https://mriqc.nimh.nih.gov/api/v1"
  },
  "size_t": 280,
  "size_x": 96,
  "size_y": 96,
  "size_z": 72,
  "snr": 5.0340901290403215,
  "spacing_tr": 2.0,
  "spacing_x": 2.0,
  "spacing_y": 2.0,
  "spacing_z": 2.0,
  "summary_bg_k": 26.21329536060901,
  "summary_bg_mad": 8.87443279456822,
  "summary_bg_mean": 35.32977294921875,
  "summary_bg_median": 12.399999618530273,
  "summary_bg_n": 435158.0,
  "summary_bg_p05": 4.9285712242126465,
  "summary_bg_p95": 146.02911529541004,
  "summary_bg_stdv": 60.891075134277344,
  "summary_fg_k": 4.342022058324806,
  "summary_fg_mad": 94.90246837537762,
  "summary_fg_mean": 585.1382446289062,
  "summary_fg_median": 574.789306640625,
  "summary_fg_n": 138229.0,
  "summary_fg_p05": 434.2549987792969,
  "summary_fg_p95": 769.1528686523438,
  "summary_fg_stdv": 114.17897033691406,
  "tsnr": 60.25631922413595
}