{
  "aor": 0.000497892857142857,
  "aqi": 0.007507669464285714,
  "bids_meta": {
    "AcquisitionMatrixPE": 96,
    "AcquisitionNumber": 1,
    "AcquisitionTime": "10:37:15.317500",
    "BandwidthPerPixelPhaseEncode": 13.021,
    "BaseResolution": 96,
    "CoilString": "C:HEA;HEP",
    "ConversionSoftware": "dcm2niix",
    "ConversionSoftwareVersion": "v1.0.20190902",
    "DerivedVendorReportedEchoSpacing": 0.00079999,
    "DeviceSerialNumber": "35466",
    "DwellTime": 3.6e-06,
    "EchoTime": 0.03,
    "EffectiveEchoSpacing": 0.00079999,
    "FlipAngle": 62,
    "ImageComments": "Unaliased_MB3_PE3_(remote)",
    "ImageOrientationPatientDICOM": [
      0.997684,
      -0.0680153,
      0,
      0.0680153,
      0.997684,
      0
    ],
    "ImageType": [
      "ORIGINAL",
      "PRIMARY",
      "M",
      "MB",
      "ND",
      "NORM",
      "MOSAIC"
    ],
    "ImagingFrequency": 123.259,
    "InPlanePhaseEncodingDirectionDICOM": "COL",
    "InstitutionAddress": "Street_StreetNo_B390A3_District_JP_ZIP",
    "InstitutionName": "Center_for_Information_and_Neural_Networks",
    "InstitutionalDepartmentName": "Department",
    "MRAcquisitionType": "2D",
    "MagneticFieldStrength": 3,
    "Manufacturer": "Siemens",
    "ManufacturersModelName": "TrioTim",
    "Modality": "MR",
    "MultibandAccelerationFactor": 3,
    "PartialFourier": 0.75,
    "PatientPosition": "HFS",
    "PercentPhaseFOV": 100,
    "PhaseEncodingDirection": "j-",
    "PhaseEncodingSteps": 72,
    "PhaseResolution": 1,
    "PixelBandwidth": 1447,
    "ProcedureStepDescription": "NICT_Nishimoto",
    "ProtocolName": "mbep2d_MB3_TR2_2mm_PF6_BW1446_281",
    "PulseSequenceDetails": "%CustomerSeq%_cmrr_mbep2d_bold",
    "ReceiveCoilName": "32Ch_Head",
    "ReconMatrixPE": 96,
    "RepetitionTime": 2,
    "SAR": 0.173144,
    "ScanOptions": "PFP_FS",
    "ScanningSequence": "EP",
    "SequenceName": "epfid2d1_96",
    "SequenceVariant": "SK_SS",
    "SeriesDescription": "mbep2d_MB3_TR2_2mm_PF6_BW1446_281",
    "SeriesNumber": 6,
    "ShimSetting": [
      -326,
      -10100,
      -3972,
      374,
      -88,
      -157,
      74,
      -81
    ],
    "SliceThickness": 2,
    "SliceTiming": [
      0,
      0.92,
      1.84,
      0.7525,
      1.6725,
      0.585,
      1.505,
      0.4175,
      1.3375,
      0.25,
      1.17,
      0.0825,
      1.005,
      1.925,
      0.8375,
      1.7575,
      0.67,
      1.59,
      0.5025,
      1.4225,
      0.335,
      1.255,
      0.1675,
      1.0875,
      0,
      0.92,
      1.84,
      0.7525,
      1.6725,
      0.585,
      1.505,
      0.4175,
      1.3375,
      0.25,
      1.17,
      0.0825,
      1.005,
      1.925,
      0.8375,
      1.7575,
      0.67,
      1.59,
      0.5025,
      1.4225,
      0.335,
      1.255,
      0.1675,
      1.0875,
      0,
      0.92,
      1.84,
      0.7525,
      1.6725,
      0.585,
      1.505,
      0.4175,
      1.3375,
      0.25,
      1.17,
      0.0825,
      1.005,
      1.925,
      0.8375,
      1.7575,
      0.67,
      1.59,
      0.5025,
      1.4225,
      0.335,
      1.255,
      0.1675,
      1.0875
    ],
    "SoftwareVersions": "syngo_MR_B17",
    "SpacingBetweenSlices": 2,
    "StationName": "MRC35466",
    "TaskName": "training",
    "TotalReadoutTime": 0.075999,
    "TxRefAmp": 351.255,
    "dataset": "ds002306",
    "modality": "bold",
    "run_id": 2,
    "subject_id": "04",
    "task_id": "training"
  },
  "dummy_trs": 1,
  "dvars_nstd": 30.909122392043,
  "dvars_std": 1.2397366369534053,
  "dvars_vstd": 0.9908239383512546,
  "efc": 0.5346133076167812,
  "fber": 2132.375244140625,
  "fd_mean": 0.11603330551928703,
  "fd_num": 16,
  "fd_perc": 5.714285714285714,
  "fwhm_avg": 2.032653333333333,
  "fwhm_x": 1.900235,
  "fwhm_y": 2.241625,
  "fwhm_z": 1.9561,
  "gcor": 0.0150403,
  "gsr_x": -0.008768586441874504,
  "gsr_y": 0.03625646233558655,
  "provenance": {
    "md5sum": "c955a83d8c4df25a4711db96c3361c79",
    "settings": {
      "fd_thres": 0.2,
      "testing": false
    },
    "software": "mriqc",
    "version": "22.0.0rc1",
    "webapi_port": null,
    "webapi_url": "https://mriqc.nimh.nih.gov/api/v1"
  },
  "size_t": 280,
  "size_x": 96,
  "size_y": 96,
  "size_z": 72,
  "snr": 5.051241007169524,
  "spacing_tr": 2.0,
  "spacing_x": 2.0,
  "spacing_y": 2.0,
  "spacing_z": 2.0,
  "summary_bg_k": 25.389036993496756,
  "summary_bg_mad": 8.916793120539174,
  "summary_bg_mean": 34.97636413574219,
  "summary_bg_median": 12.242856979370117,
  "summary_bg_n": 434742.0,
  "summary_bg_p05": 4.6678571701049805,
  "summary_bg_p95": 144.74535827636618,
  "summary_bg_stdv": 61.04007339477539,
  "summary_fg_k": 4.234953914551525,
  "summary_fg_mad": 95.13014337426435,
  "summary_fg_mean": 586.5606079101562,
  "summary_fg_median": 576.2357177734375,
  "summary_fg_n": 138440.0,
  "summary_fg_p05": 435.471435546875,
  "summary_fg_p95": 771.5719482421873,
  "summary_fg_stdv": 114.07763671875,
  "tsnr": 58.46746232151054
}