{
  "aor": 0.0007528571428571428,
  "aqi": 0.006647440142857143,
  "bids_meta": {
    "AcquisitionMatrixPE": 96,
    "AcquisitionNumber": 1,
    "AcquisitionTime": "16:15:51.875000",
    "BandwidthPerPixelPhaseEncode": 13.021,
    "BaseResolution": 96,
    "CoilString": "C:HEA;HEP",
    "ConversionSoftware": "dcm2niix",
    "ConversionSoftwareVersion": "v1.0.20190902",
    "DerivedVendorReportedEchoSpacing": 0.00079999,
    "DeviceSerialNumber": "35466",
    "DwellTime": 3.6e-06,
    "EchoTime": 0.03,
    "EffectiveEchoSpacing": 0.00079999,
    "FlipAngle": 62,
    "ImageComments": "Unaliased_MB3_PE3_(remote)",
    "ImageOrientationPatientDICOM": [
      0.998637,
      -0.00459155,
      0.051989,
      0.00697195,
      0.998931,
      -0.0456983
    ],
    "ImageType": [
      "ORIGINAL",
      "PRIMARY",
      "M",
      "MB",
      "ND",
      "NORM",
      "MOSAIC"
    ],
    "ImagingFrequency": 123.259,
    "InPlanePhaseEncodingDirectionDICOM": "COL",
    "InstitutionAddress": "Street_StreetNo_B390A3_District_JP_ZIP",
    "InstitutionName": "Center_for_Information_and_Neural_Networks",
    "InstitutionalDepartmentName": "Department",
    "MRAcquisitionType": "2D",
    "MagneticFieldStrength": 3,
    "Manufacturer": "Siemens",
    "ManufacturersModelName": "TrioTim",
    "Modality": "MR",
    "MultibandAccelerationFactor": 3,
    "PartialFourier": 0.75,
    "PatientPosition": "HFS",
    "PercentPhaseFOV": 100,
    "PhaseEncodingDirection": "j-",
    "PhaseEncodingSteps": 72,
    "PhaseResolution": 1,
    "PixelBandwidth": 1447,
    "ProcedureStepDescription": "NICT_Nishimoto",
    "ProtocolName": "mbep2d_MB3_TR2_2mm_PF6_BW1446_281",
    "PulseSequenceDetails": "%CustomerSeq%_cmrr_mbep2d_bold",
    "ReceiveCoilName": "32Ch_Head",
    "ReconMatrixPE": 96,
    "RepetitionTime": 2,
    "SAR": 0.212811,
    "ScanOptions": "PFP_FS",
    "ScanningSequence": "EP",
    "SequenceName": "epfid2d1_96",
    "SequenceVariant": "SK_SS",
    "SeriesDescription": "mbep2d_MB3_TR2_2mm_PF6_BW1446_281",
    "SeriesNumber": 8,
    "ShimSetting": [
      -292,
      -10101,
      -3965,
      320,
      -21,
      -112,
      -14,
      -46
    ],
    "SliceThickness": 2,
    "SliceTiming": [
      0,
      0.92,
      1.84,
      0.7525,
      1.6725,
      0.585,
      1.505,
      0.4175,
      1.3375,
      0.25,
      1.17,
      0.0825,
      1.005,
      1.925,
      0.8375,
      1.7575,
      0.67,
      1.59,
      0.5025,
      1.4225,
      0.335,
      1.255,
      0.1675,
      1.0875,
      0,
      0.92,
      1.84,
      0.7525,
      1.6725,
      0.585,
      1.505,
      0.4175,
      1.3375,
      0.25,
      1.17,
      0.0825,
      1.005,
      1.925,
      0.8375,
      1.7575,
      0.67,
      1.59,
      0.5025,
      1.4225,
      0.335,
      1.255,
      0.1675,
      1.0875,
      0,
      0.92,
      1.84,
      0.7525,
      1.6725,
      0.585,
      1.505,
      0.4175,
      1.3375,
      0.25,
      1.17,
      0.0825,
      1.005,
      1.925,
      0.8375,
      1.7575,
      0.67,
      1.59,
      0.5025,
      1.4225,
      0.335,
      1.255,
      0.1675,
      1.0875
    ],
    "SoftwareVersions": "syngo_MR_B17",
    "SpacingBetweenSlices": 2,
    "StationName": "MRC35466",
    "TaskName": "training",
    "TotalReadoutTime": 0.075999,
    "TxRefAmp": 355.665,
    "dataset": "ds002306",
    "modality": "bold",
    "run_id": 3,
    "subject_id": "02",
    "task_id": "training"
  },
  "dummy_trs": 1,
  "dvars_nstd": 29.046201637634404,
  "dvars_std": 1.2127568906810025,
  "dvars_vstd": 1.0029398465232984,
  "efc": 0.5896181313670518,
  "fber": 1098.226806640625,
  "fd_mean": 0.08409548107603089,
  "fd_num": 4,
  "fd_perc": 1.4285714285714286,
  "fwhm_avg": 2.0655883333333334,
  "fwhm_x": 1.98006,
  "fwhm_y": 2.17706,
  "fwhm_z": 2.039645,
  "gcor": 0.0152388,
  "gsr_x": 0.02048758789896965,
  "gsr_y": 0.011441314592957497,
  "provenance": {
    "md5sum": "12aac7e591c066992429c23bf39cad24",
    "settings": {
      "fd_thres": 0.2,
      "testing": false
    },
    "software": "mriqc",
    "version": "22.0.0rc1",
    "webapi_port": null,
    "webapi_url": "https://mriqc.nimh.nih.gov/api/v1"
  },
  "size_t": 280,
  "size_x": 96,
  "size_y": 96,
  "size_z": 72,
  "snr": 5.238670642117929,
  "spacing_tr": 2.0,
  "spacing_x": 2.0,
  "spacing_y": 2.0,
  "spacing_z": 2.0,
  "summary_bg_k": 11.274896819399782,
  "summary_bg_mad": 16.53101346380977,
  "summary_bg_mean": 46.933189392089844,
  "summary_bg_median": 17.72142791748047,
  "summary_bg_n": 400782.0,
  "summary_bg_p05": 5.0535712242126465,
  "summary_bg_p95": 198.8742858886712,
  "summary_bg_stdv": 71.6618423461914,
  "summary_fg_k": 3.5742581713149777,
  "summary_fg_mad": 91.31776352406654,
  "summary_fg_mean": 607.7472534179688,
  "summary_fg_median": 596.43212890625,
  "summary_fg_n": 168437.0,
  "summary_fg_p05": 454.63713989257815,
  "summary_fg_p95": 802.2843017578123,
  "summary_fg_stdv": 113.85147094726562,
  "tsnr": 60.10961591079831
}