{
  "aor": 0.0003754642857142858,
  "aqi": 0.006587670892857144,
  "bids_meta": {
    "AcquisitionMatrixPE": 96,
    "AcquisitionNumber": 1,
    "AcquisitionTime": "16:26:3.155000",
    "BandwidthPerPixelPhaseEncode": 13.021,
    "BaseResolution": 96,
    "CoilString": "C:HEA;HEP",
    "ConversionSoftware": "dcm2niix",
    "ConversionSoftwareVersion": "v1.0.20190902",
    "DerivedVendorReportedEchoSpacing": 0.00079999,
    "DeviceSerialNumber": "35466",
    "DwellTime": 3.6e-06,
    "EchoTime": 0.03,
    "EffectiveEchoSpacing": 0.00079999,
    "FlipAngle": 62,
    "ImageComments": "Unaliased_MB3_PE3_(remote)",
    "ImageOrientationPatientDICOM": [
      0.998637,
      -0.00459155,
      0.051989,
      0.00697195,
      0.998931,
      -0.0456983
    ],
    "ImageType": [
      "ORIGINAL",
      "PRIMARY",
      "M",
      "MB",
      "ND",
      "NORM",
      "MOSAIC"
    ],
    "ImagingFrequency": 123.259,
    "InPlanePhaseEncodingDirectionDICOM": "COL",
    "InstitutionAddress": "Street_StreetNo_B390A3_District_JP_ZIP",
    "InstitutionName": "Center_for_Information_and_Neural_Networks",
    "InstitutionalDepartmentName": "Department",
    "MRAcquisitionType": "2D",
    "MagneticFieldStrength": 3,
    "Manufacturer": "Siemens",
    "ManufacturersModelName": "TrioTim",
    "Modality": "MR",
    "MultibandAccelerationFactor": 3,
    "PartialFourier": 0.75,
    "PatientPosition": "HFS",
    "PercentPhaseFOV": 100,
    "PhaseEncodingDirection": "j-",
    "PhaseEncodingSteps": 72,
    "PhaseResolution": 1,
    "PixelBandwidth": 1447,
    "ProcedureStepDescription": "NICT_Nishimoto",
    "ProtocolName": "mbep2d_MB3_TR2_2mm_PF6_BW1446_281",
    "PulseSequenceDetails": "%CustomerSeq%_cmrr_mbep2d_bold",
    "ReceiveCoilName": "32Ch_Head",
    "ReconMatrixPE": 96,
    "RepetitionTime": 2,
    "SAR": 0.214342,
    "ScanOptions": "PFP_FS",
    "ScanningSequence": "EP",
    "SequenceName": "epfid2d1_96",
    "SequenceVariant": "SK_SS",
    "SeriesDescription": "mbep2d_MB3_TR2_2mm_PF6_BW1446_281",
    "SeriesNumber": 9,
    "ShimSetting": [
      -292,
      -10101,
      -3965,
      320,
      -21,
      -112,
      -14,
      -46
    ],
    "SliceThickness": 2,
    "SliceTiming": [
      0,
      0.92,
      1.84,
      0.7525,
      1.675,
      0.5875,
      1.5075,
      0.42,
      1.34,
      0.2525,
      1.1725,
      0.085,
      1.005,
      1.925,
      0.8375,
      1.7575,
      0.67,
      1.59,
      0.5025,
      1.4225,
      0.335,
      1.255,
      0.1675,
      1.0875,
      0,
      0.92,
      1.84,
      0.7525,
      1.675,
      0.5875,
      1.5075,
      0.42,
      1.34,
      0.2525,
      1.1725,
      0.085,
      1.005,
      1.925,
      0.8375,
      1.7575,
      0.67,
      1.59,
      0.5025,
      1.4225,
      0.335,
      1.255,
      0.1675,
      1.0875,
      0,
      0.92,
      1.84,
      0.7525,
      1.675,
      0.5875,
      1.5075,
      0.42,
      1.34,
      0.2525,
      1.1725,
      0.085,
      1.005,
      1.925,
      0.8375,
      1.7575,
      0.67,
      1.59,
      0.5025,
      1.4225,
      0.335,
      1.255,
      0.1675,
      1.0875
    ],
    "SoftwareVersions": "syngo_MR_B17",
    "SpacingBetweenSlices": 2,
    "StationName": "MRC35466",
    "TaskName": "training",
    "TotalReadoutTime": 0.075999,
    "TxRefAmp": 355.665,
    "dataset": "ds002306",
    "modality": "bold",
    "run_id": 4,
    "subject_id": "02",
    "task_id": "training"
  },
  "dummy_trs": 1,
  "dvars_nstd": 28.844589431756276,
  "dvars_std": 1.195792317706093,
  "dvars_vstd": 0.9925229289964156,
  "efc": 0.5892098826942903,
  "fber": 1091.882568359375,
  "fd_mean": 0.09423138748596908,
  "fd_num": 6,
  "fd_perc": 2.142857142857143,
  "fwhm_avg": 2.0675333333333334,
  "fwhm_x": 1.98423,
  "fwhm_y": 2.175705,
  "fwhm_z": 2.042665,
  "gcor": 0.0137127,
  "gsr_x": 0.021341118961572647,
  "gsr_y": 0.01179979182779789,
  "provenance": {
    "md5sum": "c4ff4c8d6f3b4c5b29c4da6bad9c505a",
    "settings": {
      "fd_thres": 0.2,
      "testing": false
    },
    "software": "mriqc",
    "version": "22.0.0rc1",
    "webapi_port": null,
    "webapi_url": "https://mriqc.nimh.nih.gov/api/v1"
  },
  "size_t": 280,
  "size_x": 96,
  "size_y": 96,
  "size_z": 72,
  "snr": 5.228674477873978,
  "spacing_tr": 2.0,
  "spacing_x": 2.0,
  "spacing_y": 2.0,
  "spacing_z": 2.0,
  "summary_bg_k": 11.57091955102291,
  "summary_bg_mad": 16.753404644937405,
  "summary_bg_mean": 47.15021896362305,
  "summary_bg_median": 17.814285278320312,
  "summary_bg_n": 401405.0,
  "summary_bg_p05": 4.953571319580078,
  "summary_bg_p95": 199.47072143554684,
  "summary_bg_stdv": 72.00077819824219,
  "summary_fg_k": 3.624141994465223,
  "summary_fg_mad": 91.43422525839372,
  "summary_fg_mean": 608.4948120117188,
  "summary_fg_median": 596.875,
  "summary_fg_n": 168155.0,
  "summary_fg_p05": 455.7917755126953,
  "summary_fg_p95": 803.5703613281246,
  "summary_fg_stdv": 114.1538314819336,
  "tsnr": 60.17272186651826
}