{
  "aor": 0.0007218505338078291,
  "aqi": 0.009961692241992882,
  "bids_meta": {
    "AcquisitionMatrixPE": 96,
    "AcquisitionNumber": 1,
    "AcquisitionTime": "15:59:54.905000",
    "BandwidthPerPixelPhaseEncode": 13.021,
    "BaseResolution": 96,
    "CoilString": "C:HEA;HEP",
    "ConversionSoftware": "dcm2niix",
    "ConversionSoftwareVersion": "v1.0.20190902",
    "DerivedVendorReportedEchoSpacing": 0.00079999,
    "DeviceSerialNumber": "35466",
    "DwellTime": 3.6e-06,
    "EchoTime": 0.03,
    "EffectiveEchoSpacing": 0.00079999,
    "FlipAngle": 62,
    "ImageComments": "Unaliased_MB3_PE3_(remote)",
    "ImageOrientationPatientDICOM": [
      0.995632,
      0.0641663,
      0.0678233,
      -0.0504366,
      0.98094,
      -0.18765
    ],
    "ImageType": [
      "ORIGINAL",
      "PRIMARY",
      "M",
      "MB",
      "ND",
      "NORM",
      "MOSAIC"
    ],
    "ImagingFrequency": 123.259,
    "InPlanePhaseEncodingDirectionDICOM": "COL",
    "InstitutionAddress": "Street_StreetNo_B390A3_District_JP_ZIP",
    "InstitutionName": "Center_for_Information_and_Neural_Networks",
    "InstitutionalDepartmentName": "Department",
    "MRAcquisitionType": "2D",
    "MagneticFieldStrength": 3,
    "Manufacturer": "Siemens",
    "ManufacturersModelName": "TrioTim",
    "Modality": "MR",
    "MultibandAccelerationFactor": 3,
    "PartialFourier": 0.75,
    "PatientPosition": "HFS",
    "PercentPhaseFOV": 100,
    "PhaseEncodingDirection": "j-",
    "PhaseEncodingSteps": 72,
    "PhaseResolution": 1,
    "PixelBandwidth": 1447,
    "ProcedureStepDescription": "NICT_Nishimoto",
    "ProtocolName": "mbep2d_MB3_TR2_2mm_PF6_BW1446_281",
    "PulseSequenceDetails": "%CustomerSeq%_cmrr_mbep2d_bold",
    "ReceiveCoilName": "32Ch_Head",
    "ReconMatrixPE": 96,
    "RepetitionTime": 2,
    "SAR": 0.202508,
    "ScanOptions": "PFP_FS",
    "ScanningSequence": "EP",
    "SequenceName": "epfid2d1_96",
    "SequenceVariant": "SK_SS",
    "SeriesDescription": "mbep2d_MB3_TR2_2mm_PF6_BW1446_281",
    "SeriesNumber": 9,
    "ShimSetting": [
      -230,
      -10089,
      -3906,
      395,
      76,
      -266,
      130,
      -112
    ],
    "SliceThickness": 2,
    "SliceTiming": [
      0,
      0.92,
      1.84,
      0.7525,
      1.6725,
      0.585,
      1.505,
      0.42,
      1.34,
      0.2525,
      1.1725,
      0.085,
      1.005,
      1.925,
      0.8375,
      1.7575,
      0.67,
      1.59,
      0.5025,
      1.4225,
      0.335,
      1.255,
      0.1675,
      1.0875,
      0,
      0.92,
      1.84,
      0.7525,
      1.6725,
      0.585,
      1.505,
      0.42,
      1.34,
      0.2525,
      1.1725,
      0.085,
      1.005,
      1.925,
      0.8375,
      1.7575,
      0.67,
      1.59,
      0.5025,
      1.4225,
      0.335,
      1.255,
      0.1675,
      1.0875,
      0,
      0.92,
      1.84,
      0.7525,
      1.6725,
      0.585,
      1.505,
      0.42,
      1.34,
      0.2525,
      1.1725,
      0.085,
      1.005,
      1.925,
      0.8375,
      1.7575,
      0.67,
      1.59,
      0.5025,
      1.4225,
      0.335,
      1.255,
      0.1675,
      1.0875
    ],
    "SoftwareVersions": "syngo_MR_B17",
    "SpacingBetweenSlices": 2,
    "StationName": "MRC35466",
    "TaskName": "training",
    "TotalReadoutTime": 0.075999,
    "TxRefAmp": 348.226,
    "dataset": "ds002306",
    "modality": "bold",
    "run_id": 11,
    "subject_id": "06",
    "task_id": "training"
  },
  "dummy_trs": 0,
  "dvars_nstd": 28.890708316999984,
  "dvars_std": 1.208357433071428,
  "dvars_vstd": 1.0037486758928575,
  "efc": 0.5621195202736453,
  "fber": 1742.0408935546875,
  "fd_mean": 0.07585562046784014,
  "fd_num": 8,
  "fd_perc": 2.8469750889679717,
  "fwhm_avg": 2.0429333333333335,
  "fwhm_x": 1.95249,
  "fwhm_y": 2.155705,
  "fwhm_z": 2.020605,
  "gcor": 0.0229865,
  "gsr_x": 0.02452455833554268,
  "gsr_y": 0.016826394945383072,
  "provenance": {
    "md5sum": "92a10ecfdd6f8957c9a58496ad5804bb",
    "settings": {
      "fd_thres": 0.2,
      "testing": false
    },
    "software": "mriqc",
    "version": "22.0.0rc1",
    "webapi_port": null,
    "webapi_url": "https://mriqc.nimh.nih.gov/api/v1"
  },
  "size_t": 281,
  "size_x": 96,
  "size_y": 96,
  "size_z": 72,
  "snr": 5.824855972394284,
  "spacing_tr": 2.0,
  "spacing_x": 2.0,
  "spacing_y": 2.0,
  "spacing_z": 2.0,
  "summary_bg_k": 15.318340169929527,
  "summary_bg_mad": 14.134843820692396,
  "summary_bg_mean": 49.638092041015625,
  "summary_bg_median": 16.081850051879883,
  "summary_bg_n": 424071.0,
  "summary_bg_p05": 5.334519386291504,
  "summary_bg_p95": 223.487548828125,
  "summary_bg_stdv": 81.43148803710938,
  "summary_fg_k": 4.381011000204233,
  "summary_fg_mad": 98.02060236251545,
  "summary_fg_mean": 687.9596557617188,
  "summary_fg_median": 682.0320434570312,
  "summary_fg_n": 148207.0,
  "summary_fg_p05": 525.546240234375,
  "summary_fg_p95": 873.3583557128906,
  "summary_fg_stdv": 117.08954620361328,
  "tsnr": 59.09449299797416
}