{
  "aor": 0.0007927240143369175,
  "aqi": 0.010350982258064518,
  "bids_meta": {
    "AcquisitionMatrixPE": 96,
    "AcquisitionNumber": 1,
    "AcquisitionTime": "13:48:31.910000",
    "BandwidthPerPixelPhaseEncode": 13.021,
    "BaseResolution": 96,
    "CoilString": "C:HEA;HEP",
    "ConversionSoftware": "dcm2niix",
    "ConversionSoftwareVersion": "v1.0.20190902",
    "DerivedVendorReportedEchoSpacing": 0.00079999,
    "DeviceSerialNumber": "35466",
    "DwellTime": 3.6e-06,
    "EchoTime": 0.03,
    "EffectiveEchoSpacing": 0.00079999,
    "FlipAngle": 62,
    "ImageComments": "Unaliased_MB3_PE3_(remote)",
    "ImageOrientationPatientDICOM": [
      0.996282,
      0.0329379,
      0.0796099,
      -0.0260886,
      0.995988,
      -0.0855953
    ],
    "ImageType": [
      "ORIGINAL",
      "PRIMARY",
      "M",
      "MB",
      "ND",
      "NORM",
      "MOSAIC"
    ],
    "ImagingFrequency": 123.259,
    "InPlanePhaseEncodingDirectionDICOM": "COL",
    "InstitutionAddress": "Street_StreetNo_B390A3_District_JP_ZIP",
    "InstitutionName": "Center_for_Information_and_Neural_Networks",
    "InstitutionalDepartmentName": "Department",
    "MRAcquisitionType": "2D",
    "MagneticFieldStrength": 3,
    "Manufacturer": "Siemens",
    "ManufacturersModelName": "TrioTim",
    "Modality": "MR",
    "MultibandAccelerationFactor": 3,
    "PartialFourier": 0.75,
    "PatientPosition": "HFS",
    "PercentPhaseFOV": 100,
    "PhaseEncodingDirection": "j-",
    "PhaseEncodingSteps": 72,
    "PhaseResolution": 1,
    "PixelBandwidth": 1447,
    "ProcedureStepDescription": "NICT_Nishimoto",
    "ProtocolName": "mbep2d_MB3_TR2_2mm_PF6_BW1446_281",
    "PulseSequenceDetails": "%CustomerSeq%_cmrr_mbep2d_bold",
    "ReceiveCoilName": "32Ch_Head",
    "ReconMatrixPE": 96,
    "RepetitionTime": 2,
    "SAR": 0.208775,
    "ScanOptions": "PFP_FS",
    "ScanningSequence": "EP",
    "SequenceName": "epfid2d1_96",
    "SequenceVariant": "SK_SS",
    "SeriesDescription": "mbep2d_MB3_TR2_2mm_PF6_BW1446_281",
    "SeriesNumber": 8,
    "ShimSetting": [
      -229,
      -10124,
      -3854,
      408,
      -1,
      -307,
      276,
      -91
    ],
    "SliceThickness": 2,
    "SliceTiming": [
      0,
      0.92,
      1.84,
      0.7525,
      1.6725,
      0.585,
      1.505,
      0.4175,
      1.3375,
      0.25,
      1.17,
      0.0825,
      1.0025,
      1.9225,
      0.835,
      1.755,
      0.6675,
      1.5875,
      0.5,
      1.42,
      0.335,
      1.255,
      0.1675,
      1.0875,
      0,
      0.92,
      1.84,
      0.7525,
      1.6725,
      0.585,
      1.505,
      0.4175,
      1.3375,
      0.25,
      1.17,
      0.0825,
      1.0025,
      1.9225,
      0.835,
      1.755,
      0.6675,
      1.5875,
      0.5,
      1.42,
      0.335,
      1.255,
      0.1675,
      1.0875,
      0,
      0.92,
      1.84,
      0.7525,
      1.6725,
      0.585,
      1.505,
      0.4175,
      1.3375,
      0.25,
      1.17,
      0.0825,
      1.0025,
      1.9225,
      0.835,
      1.755,
      0.6675,
      1.5875,
      0.5,
      1.42,
      0.335,
      1.255,
      0.1675,
      1.0875
    ],
    "SoftwareVersions": "syngo_MR_B17",
    "SpacingBetweenSlices": 2,
    "StationName": "MRC35466",
    "TaskName": "training",
    "TotalReadoutTime": 0.075999,
    "TxRefAmp": 365.743,
    "dataset": "ds002306",
    "modality": "bold",
    "run_id": 7,
    "subject_id": "06",
    "task_id": "training"
  },
  "dummy_trs": 2,
  "dvars_nstd": 31.58145566316547,
  "dvars_std": 1.2856648662230221,
  "dvars_vstd": 0.988078136043165,
  "efc": 0.564732401209477,
  "fber": 1541.9759521484375,
  "fd_mean": 0.07470840714431465,
  "fd_num": 3,
  "fd_perc": 1.075268817204301,
  "fwhm_avg": 2.11271,
  "fwhm_x": 1.99922,
  "fwhm_y": 2.25424,
  "fwhm_z": 2.08467,
  "gcor": 0.020643,
  "gsr_x": 0.026154814288020134,
  "gsr_y": 0.014936896041035652,
  "provenance": {
    "md5sum": "6c7368cfbd9011ff7677a0024aac983b",
    "settings": {
      "fd_thres": 0.2,
      "testing": false
    },
    "software": "mriqc",
    "version": "22.0.0rc1",
    "webapi_port": null,
    "webapi_url": "https://mriqc.nimh.nih.gov/api/v1"
  },
  "size_t": 279,
  "size_x": 96,
  "size_y": 96,
  "size_z": 72,
  "snr": 5.861648799460567,
  "spacing_tr": 2.0,
  "spacing_x": 2.0,
  "spacing_y": 2.0,
  "spacing_z": 2.0,
  "summary_bg_k": 15.979574745288822,
  "summary_bg_mad": 16.96224552702992,
  "summary_bg_mean": 55.162864685058594,
  "summary_bg_median": 18.724014282226562,
  "summary_bg_n": 423133.0,
  "summary_bg_p05": 5.4587812423706055,
  "summary_bg_p95": 248.3225860595703,
  "summary_bg_stdv": 90.36415100097656,
  "summary_fg_k": 3.840771479911501,
  "summary_fg_mad": 106.09369901918464,
  "summary_fg_mean": 744.6176147460938,
  "summary_fg_median": 740.3583984375,
  "summary_fg_n": 148830.0,
  "summary_fg_p05": 562.4078826904297,
  "summary_fg_p95": 944.0309936523436,
  "summary_fg_stdv": 126.30506134033203,
  "tsnr": 56.57240765169263
}