{
  "aor": 0.0005597142857142856,
  "aqi": 0.009171614857142857,
  "bids_meta": {
    "AcquisitionMatrixPE": 96,
    "AcquisitionNumber": 1,
    "AcquisitionTime": "16:10:2.537500",
    "BandwidthPerPixelPhaseEncode": 13.021,
    "BaseResolution": 96,
    "CoilString": "C:HEA;HEP",
    "ConversionSoftware": "dcm2niix",
    "ConversionSoftwareVersion": "v1.0.20190902",
    "DerivedVendorReportedEchoSpacing": 0.00079999,
    "DeviceSerialNumber": "35466",
    "DwellTime": 3.6e-06,
    "EchoTime": 0.03,
    "EffectiveEchoSpacing": 0.00079999,
    "FlipAngle": 62,
    "ImageComments": "Unaliased_MB3_PE3_(remote)",
    "ImageOrientationPatientDICOM": [
      0.995632,
      0.0641663,
      0.0678233,
      -0.0504366,
      0.98094,
      -0.18765
    ],
    "ImageType": [
      "ORIGINAL",
      "PRIMARY",
      "M",
      "MB",
      "ND",
      "NORM",
      "MOSAIC"
    ],
    "ImagingFrequency": 123.259,
    "InPlanePhaseEncodingDirectionDICOM": "COL",
    "InstitutionAddress": "Street_StreetNo_B390A3_District_JP_ZIP",
    "InstitutionName": "Center_for_Information_and_Neural_Networks",
    "InstitutionalDepartmentName": "Department",
    "MRAcquisitionType": "2D",
    "MagneticFieldStrength": 3,
    "Manufacturer": "Siemens",
    "ManufacturersModelName": "TrioTim",
    "Modality": "MR",
    "MultibandAccelerationFactor": 3,
    "PartialFourier": 0.75,
    "PatientPosition": "HFS",
    "PercentPhaseFOV": 100,
    "PhaseEncodingDirection": "j-",
    "PhaseEncodingSteps": 72,
    "PhaseResolution": 1,
    "PixelBandwidth": 1447,
    "ProcedureStepDescription": "NICT_Nishimoto",
    "ProtocolName": "mbep2d_MB3_TR2_2mm_PF6_BW1446_281",
    "PulseSequenceDetails": "%CustomerSeq%_cmrr_mbep2d_bold",
    "ReceiveCoilName": "32Ch_Head",
    "ReconMatrixPE": 96,
    "RepetitionTime": 2,
    "SAR": 0.200988,
    "ScanOptions": "PFP_FS",
    "ScanningSequence": "EP",
    "SequenceName": "epfid2d1_96",
    "SequenceVariant": "SK_SS",
    "SeriesDescription": "mbep2d_MB3_TR2_2mm_PF6_BW1446_281",
    "SeriesNumber": 10,
    "ShimSetting": [
      -230,
      -10089,
      -3906,
      395,
      76,
      -266,
      130,
      -112
    ],
    "SliceThickness": 2,
    "SliceTiming": [
      0,
      0.92,
      1.84,
      0.7525,
      1.6725,
      0.585,
      1.505,
      0.42,
      1.34,
      0.2525,
      1.1725,
      0.085,
      1.005,
      1.925,
      0.8375,
      1.7575,
      0.67,
      1.59,
      0.5025,
      1.4225,
      0.335,
      1.255,
      0.1675,
      1.0875,
      0,
      0.92,
      1.84,
      0.7525,
      1.6725,
      0.585,
      1.505,
      0.42,
      1.34,
      0.2525,
      1.1725,
      0.085,
      1.005,
      1.925,
      0.8375,
      1.7575,
      0.67,
      1.59,
      0.5025,
      1.4225,
      0.335,
      1.255,
      0.1675,
      1.0875,
      0,
      0.92,
      1.84,
      0.7525,
      1.6725,
      0.585,
      1.505,
      0.42,
      1.34,
      0.2525,
      1.1725,
      0.085,
      1.005,
      1.925,
      0.8375,
      1.7575,
      0.67,
      1.59,
      0.5025,
      1.4225,
      0.335,
      1.255,
      0.1675,
      1.0875
    ],
    "SoftwareVersions": "syngo_MR_B17",
    "SpacingBetweenSlices": 2,
    "StationName": "MRC35466",
    "TaskName": "training",
    "TotalReadoutTime": 0.075999,
    "TxRefAmp": 348.226,
    "dataset": "ds002306",
    "modality": "bold",
    "run_id": 12,
    "subject_id": "06",
    "task_id": "training"
  },
  "dummy_trs": 1,
  "dvars_nstd": 27.806348835089604,
  "dvars_std": 1.189372419605736,
  "dvars_vstd": 0.9954880129390674,
  "efc": 0.5639224322655119,
  "fber": 1648.8118896484375,
  "fd_mean": 0.05518212756630544,
  "fd_num": 6,
  "fd_perc": 2.142857142857143,
  "fwhm_avg": 2.04444,
  "fwhm_x": 1.95173,
  "fwhm_y": 2.157615,
  "fwhm_z": 2.023975,
  "gcor": 0.0123296,
  "gsr_x": 0.024142185226082802,
  "gsr_y": 0.015434165485203266,
  "provenance": {
    "md5sum": "21d348b5b1e0ea1d92708a21ff8a4968",
    "settings": {
      "fd_thres": 0.2,
      "testing": false
    },
    "software": "mriqc",
    "version": "22.0.0rc1",
    "webapi_port": null,
    "webapi_url": "https://mriqc.nimh.nih.gov/api/v1"
  },
  "size_t": 280,
  "size_x": 96,
  "size_y": 96,
  "size_z": 72,
  "snr": 5.786062804476522,
  "spacing_tr": 2.0,
  "spacing_x": 2.0,
  "spacing_y": 2.0,
  "spacing_z": 2.0,
  "summary_bg_k": 15.551302048619629,
  "summary_bg_mad": 14.619516391277427,
  "summary_bg_mean": 50.620574951171875,
  "summary_bg_median": 16.532142639160156,
  "summary_bg_n": 423907.0,
  "summary_bg_p05": 5.421428680419922,
  "summary_bg_p95": 228.346435546875,
  "summary_bg_stdv": 82.37618255615234,
  "summary_fg_k": 4.407034664266887,
  "summary_fg_mad": 98.30976589945604,
  "summary_fg_mean": 686.1802978515625,
  "summary_fg_median": 680.7000122070312,
  "summary_fg_n": 148442.0,
  "summary_fg_p05": 523.5252014160156,
  "summary_fg_p95": 871.4991088867184,
  "summary_fg_stdv": 117.64437103271484,
  "tsnr": 60.0190801138524
}