{
  "aor": 0.0008047857142857143,
  "aqi": 0.007065442321428572,
  "bids_meta": {
    "AcquisitionMatrixPE": 96,
    "AcquisitionNumber": 1,
    "AcquisitionTime": "11:06:8.755000",
    "BandwidthPerPixelPhaseEncode": 13.021,
    "BaseResolution": 96,
    "CoilString": "C:HEA;HEP",
    "ConversionSoftware": "dcm2niix",
    "ConversionSoftwareVersion": "v1.0.20190902",
    "DerivedVendorReportedEchoSpacing": 0.00079999,
    "DeviceSerialNumber": "35466",
    "DwellTime": 3.6e-06,
    "EchoTime": 0.03,
    "EffectiveEchoSpacing": 0.00079999,
    "FlipAngle": 62,
    "ImageComments": "Unaliased_MB3_PE3_(remote)",
    "ImageOrientationPatientDICOM": [
      0.999292,
      -0.0341348,
      0.0158455,
      0.034896,
      0.998112,
      -0.0505436
    ],
    "ImageType": [
      "ORIGINAL",
      "PRIMARY",
      "M",
      "MB",
      "ND",
      "NORM",
      "MOSAIC"
    ],
    "ImagingFrequency": 123.259,
    "InPlanePhaseEncodingDirectionDICOM": "COL",
    "InstitutionAddress": "Street_StreetNo_B390A3_District_JP_ZIP",
    "InstitutionName": "Center_for_Information_and_Neural_Networks",
    "InstitutionalDepartmentName": "Department",
    "MRAcquisitionType": "2D",
    "MagneticFieldStrength": 3,
    "Manufacturer": "Siemens",
    "ManufacturersModelName": "TrioTim",
    "Modality": "MR",
    "MultibandAccelerationFactor": 3,
    "PartialFourier": 0.75,
    "PatientPosition": "HFS",
    "PercentPhaseFOV": 100,
    "PhaseEncodingDirection": "j-",
    "PhaseEncodingSteps": 72,
    "PhaseResolution": 1,
    "PixelBandwidth": 1447,
    "ProcedureStepDescription": "NICT_Nishimoto",
    "ProtocolName": "mbep2d_MB3_TR2_2mm_PF6_BW1446_281",
    "PulseSequenceDetails": "%CustomerSeq%_cmrr_mbep2d_bold",
    "ReceiveCoilName": "32Ch_Head",
    "ReconMatrixPE": 96,
    "RepetitionTime": 2,
    "SAR": 0.16808,
    "ScanOptions": "PFP_FS",
    "ScanningSequence": "EP",
    "SequenceName": "epfid2d1_96",
    "SequenceVariant": "SK_SS",
    "SeriesDescription": "mbep2d_MB3_TR2_2mm_PF6_BW1446_281",
    "SeriesNumber": 8,
    "ShimSetting": [
      -297,
      -10032,
      -3954,
      326,
      14,
      71,
      -56,
      19
    ],
    "SliceThickness": 2,
    "SliceTiming": [
      0,
      0.9225,
      1.8425,
      0.755,
      1.675,
      0.5875,
      1.5075,
      0.42,
      1.34,
      0.2525,
      1.1725,
      0.085,
      1.005,
      1.925,
      0.8375,
      1.7575,
      0.67,
      1.59,
      0.5025,
      1.4225,
      0.335,
      1.255,
      0.1675,
      1.0875,
      0,
      0.9225,
      1.8425,
      0.755,
      1.675,
      0.5875,
      1.5075,
      0.42,
      1.34,
      0.2525,
      1.1725,
      0.085,
      1.005,
      1.925,
      0.8375,
      1.7575,
      0.67,
      1.59,
      0.5025,
      1.4225,
      0.335,
      1.255,
      0.1675,
      1.0875,
      0,
      0.9225,
      1.8425,
      0.755,
      1.675,
      0.5875,
      1.5075,
      0.42,
      1.34,
      0.2525,
      1.1725,
      0.085,
      1.005,
      1.925,
      0.8375,
      1.7575,
      0.67,
      1.59,
      0.5025,
      1.4225,
      0.335,
      1.255,
      0.1675,
      1.0875
    ],
    "SoftwareVersions": "syngo_MR_B17",
    "SpacingBetweenSlices": 2,
    "StationName": "MRC35466",
    "TaskName": "training",
    "TotalReadoutTime": 0.075999,
    "TxRefAmp": 351.248,
    "dataset": "ds002306",
    "modality": "bold",
    "run_id": 7,
    "subject_id": "01",
    "task_id": "training"
  },
  "dummy_trs": 1,
  "dvars_nstd": 29.115218760788537,
  "dvars_std": 1.1976912799283155,
  "dvars_vstd": 0.9989302052688172,
  "efc": 0.5719736058442701,
  "fber": 1219.20458984375,
  "fd_mean": 0.09457582306396149,
  "fd_num": 1,
  "fd_perc": 0.35714285714285715,
  "fwhm_avg": 2.086228333333333,
  "fwhm_x": 1.963965,
  "fwhm_y": 2.24567,
  "fwhm_z": 2.04905,
  "gcor": 0.00933317,
  "gsr_x": 0.014379569329321384,
  "gsr_y": 0.018900267779827118,
  "provenance": {
    "md5sum": "478fb5cc1a30d35ffa1b423a497b91f2",
    "settings": {
      "fd_thres": 0.2,
      "testing": false
    },
    "software": "mriqc",
    "version": "22.0.0rc1",
    "webapi_port": null,
    "webapi_url": "https://mriqc.nimh.nih.gov/api/v1"
  },
  "size_t": 280,
  "size_x": 96,
  "size_y": 96,
  "size_z": 72,
  "snr": 4.815837011736774,
  "spacing_tr": 2.0,
  "spacing_x": 2.0,
  "spacing_y": 2.0,
  "spacing_z": 2.0,
  "summary_bg_k": 23.16644087976895,
  "summary_bg_mad": 15.620271757632983,
  "summary_bg_mean": 44.79833984375,
  "summary_bg_median": 17.90357208251953,
  "summary_bg_n": 407970.0,
  "summary_bg_p05": 4.710714340209961,
  "summary_bg_p95": 184.14481658935543,
  "summary_bg_stdv": 71.91669464111328,
  "summary_fg_k": 4.619958430335795,
  "summary_fg_mad": 106.64673389823719,
  "summary_fg_mean": 653.1437377929688,
  "summary_fg_median": 641.7321166992188,
  "summary_fg_n": 160896.0,
  "summary_fg_p05": 466.70804595947266,
  "summary_fg_p95": 868.1152038574219,
  "summary_fg_stdv": 133.25411987304688,
  "tsnr": 58.53868024540134
}