{
  "aor": 0.00048182142857142846,
  "aqi": 0.0073329611428571435,
  "bids_meta": {
    "AcquisitionMatrixPE": 96,
    "AcquisitionNumber": 1,
    "AcquisitionTime": "15:59:48.747500",
    "BandwidthPerPixelPhaseEncode": 13.021,
    "BaseResolution": 96,
    "CoilString": "C:HEA;HEP",
    "ConversionSoftware": "dcm2niix",
    "ConversionSoftwareVersion": "v1.0.20190902",
    "DerivedVendorReportedEchoSpacing": 0.00079999,
    "DeviceSerialNumber": "35466",
    "DwellTime": 3.6e-06,
    "EchoTime": 0.03,
    "EffectiveEchoSpacing": 0.00079999,
    "FlipAngle": 62,
    "ImageComments": "Unaliased_MB3_PE3_(remote)",
    "ImageOrientationPatientDICOM": [
      0.999517,
      -0.0244225,
      -0.0191974,
      0.0244277,
      0.999702,
      3.35993e-05
    ],
    "ImageType": [
      "ORIGINAL",
      "PRIMARY",
      "M",
      "MB",
      "ND",
      "NORM",
      "MOSAIC"
    ],
    "ImagingFrequency": 123.259,
    "InPlanePhaseEncodingDirectionDICOM": "COL",
    "InstitutionAddress": "Street_StreetNo_B390A3_District_JP_ZIP",
    "InstitutionName": "Center_for_Information_and_Neural_Networks",
    "InstitutionalDepartmentName": "Department",
    "MRAcquisitionType": "2D",
    "MagneticFieldStrength": 3,
    "Manufacturer": "Siemens",
    "ManufacturersModelName": "TrioTim",
    "Modality": "MR",
    "MultibandAccelerationFactor": 3,
    "PartialFourier": 0.75,
    "PatientPosition": "HFS",
    "PercentPhaseFOV": 100,
    "PhaseEncodingDirection": "j-",
    "PhaseEncodingSteps": 72,
    "PhaseResolution": 1,
    "PixelBandwidth": 1447,
    "ProcedureStepDescription": "NICT_Nishimoto",
    "ProtocolName": "mbep2d_MB3_TR2_2mm_PF6_BW1446_281",
    "PulseSequenceDetails": "%CustomerSeq%_cmrr_mbep2d_bold",
    "ReceiveCoilName": "32Ch_Head",
    "ReconMatrixPE": 96,
    "RepetitionTime": 2,
    "SAR": 0.171476,
    "ScanOptions": "PFP_FS",
    "ScanningSequence": "EP",
    "SequenceName": "epfid2d1_96",
    "SequenceVariant": "SK_SS",
    "SeriesDescription": "mbep2d_MB3_TR2_2mm_PF6_BW1446_281",
    "SeriesNumber": 8,
    "ShimSetting": [
      -314,
      -10067,
      -3965,
      370,
      31,
      52,
      78,
      10
    ],
    "SliceThickness": 2,
    "SliceTiming": [
      0,
      0.92,
      1.84,
      0.755,
      1.675,
      0.5875,
      1.5075,
      0.42,
      1.34,
      0.2525,
      1.1725,
      0.085,
      1.005,
      1.925,
      0.8375,
      1.7575,
      0.67,
      1.59,
      0.5025,
      1.4225,
      0.335,
      1.255,
      0.1675,
      1.0875,
      0,
      0.92,
      1.84,
      0.755,
      1.675,
      0.5875,
      1.5075,
      0.42,
      1.34,
      0.2525,
      1.1725,
      0.085,
      1.005,
      1.925,
      0.8375,
      1.7575,
      0.67,
      1.59,
      0.5025,
      1.4225,
      0.335,
      1.255,
      0.1675,
      1.0875,
      0,
      0.92,
      1.84,
      0.755,
      1.675,
      0.5875,
      1.5075,
      0.42,
      1.34,
      0.2525,
      1.1725,
      0.085,
      1.005,
      1.925,
      0.8375,
      1.7575,
      0.67,
      1.59,
      0.5025,
      1.4225,
      0.335,
      1.255,
      0.1675,
      1.0875
    ],
    "SoftwareVersions": "syngo_MR_B17",
    "SpacingBetweenSlices": 2,
    "StationName": "MRC35466",
    "TaskName": "training",
    "TotalReadoutTime": 0.075999,
    "TxRefAmp": 351.283,
    "dataset": "ds002306",
    "modality": "bold",
    "run_id": 3,
    "subject_id": "01",
    "task_id": "training"
  },
  "dummy_trs": 1,
  "dvars_nstd": 32.21521601107527,
  "dvars_std": 1.2646942559856642,
  "dvars_vstd": 1.0000356502150547,
  "efc": 0.5756404659110612,
  "fber": 1181.8878173828125,
  "fd_mean": 0.11138374505827288,
  "fd_num": 1,
  "fd_perc": 0.35714285714285715,
  "fwhm_avg": 2.0305483333333334,
  "fwhm_x": 1.915355,
  "fwhm_y": 2.208295,
  "fwhm_z": 1.967995,
  "gcor": 0.00920276,
  "gsr_x": 0.009564371779561043,
  "gsr_y": 0.01740765944123268,
  "provenance": {
    "md5sum": "bbd8a32384b5dffbb30397ab40f23fe6",
    "settings": {
      "fd_thres": 0.2,
      "testing": false
    },
    "software": "mriqc",
    "version": "22.0.0rc1",
    "webapi_port": null,
    "webapi_url": "https://mriqc.nimh.nih.gov/api/v1"
  },
  "size_t": 280,
  "size_x": 96,
  "size_y": 96,
  "size_z": 72,
  "snr": 4.915834992876001,
  "spacing_tr": 2.0,
  "spacing_x": 2.0,
  "spacing_y": 2.0,
  "spacing_z": 2.0,
  "summary_bg_k": 21.97879661602161,
  "summary_bg_mad": 15.223146971344502,
  "summary_bg_mean": 43.19952392578125,
  "summary_bg_median": 17.10357093811035,
  "summary_bg_n": 406203.0,
  "summary_bg_p05": 4.385714530944824,
  "summary_bg_p95": 177.9071502685547,
  "summary_bg_stdv": 67.88381958007812,
  "summary_fg_k": 5.189654226525981,
  "summary_fg_mad": 97.98947350734174,
  "summary_fg_mean": 616.6021118164062,
  "summary_fg_median": 605.9357299804688,
  "summary_fg_n": 161823.0,
  "summary_fg_p05": 451.9964294433594,
  "summary_fg_p95": 813.6678466796875,
  "summary_fg_stdv": 123.26163482666016,
  "tsnr": 60.392974900314584
}