{
  "aor": 0.0005402491103202847,
  "aqi": 0.006629309644128114,
  "bids_meta": {
    "AcquisitionMatrixPE": 96,
    "AcquisitionNumber": 1,
    "AcquisitionTime": "10:33:21.725000",
    "BandwidthPerPixelPhaseEncode": 13.021,
    "BaseResolution": 96,
    "CoilString": "C:HEA;HEP",
    "ConversionSoftware": "dcm2niix",
    "ConversionSoftwareVersion": "v1.0.20190902",
    "DerivedVendorReportedEchoSpacing": 0.00079999,
    "DeviceSerialNumber": "35466",
    "DwellTime": 3.6e-06,
    "EchoTime": 0.03,
    "EffectiveEchoSpacing": 0.00079999,
    "FlipAngle": 62,
    "ImageComments": "Unaliased_MB3_PE3_(remote)",
    "ImageOrientationPatientDICOM": [
      0.999119,
      -0.0419564,
      -0.000196613,
      0.0418755,
      0.997463,
      -0.0575637
    ],
    "ImageType": [
      "ORIGINAL",
      "PRIMARY",
      "M",
      "MB",
      "ND",
      "NORM",
      "MOSAIC"
    ],
    "ImagingFrequency": 123.259,
    "InPlanePhaseEncodingDirectionDICOM": "COL",
    "InstitutionAddress": "Street_StreetNo_B390A3_District_JP_ZIP",
    "InstitutionName": "Center_for_Information_and_Neural_Networks",
    "InstitutionalDepartmentName": "Department",
    "MRAcquisitionType": "2D",
    "MagneticFieldStrength": 3,
    "Manufacturer": "Siemens",
    "ManufacturersModelName": "TrioTim",
    "Modality": "MR",
    "MultibandAccelerationFactor": 3,
    "PartialFourier": 0.75,
    "PatientPosition": "HFS",
    "PercentPhaseFOV": 100,
    "PhaseEncodingDirection": "j-",
    "PhaseEncodingSteps": 72,
    "PhaseResolution": 1,
    "PixelBandwidth": 1447,
    "ProcedureStepDescription": "NICT_Nishimoto",
    "ProtocolName": "mbep2d_MB3_TR2_2mm_PF6_BW1446_281",
    "PulseSequenceDetails": "%CustomerSeq%_cmrr_mbep2d_bold",
    "ReceiveCoilName": "32Ch_Head",
    "ReconMatrixPE": 96,
    "RepetitionTime": 2,
    "SAR": 0.187361,
    "ScanOptions": "PFP_FS",
    "ScanningSequence": "EP",
    "SequenceName": "epfid2d1_96",
    "SequenceVariant": "SK_SS",
    "SeriesDescription": "mbep2d_MB3_TR2_2mm_PF6_BW1446_281",
    "SeriesNumber": 6,
    "ShimSetting": [
      -332,
      -10033,
      -3906,
      292,
      -10,
      -64,
      115,
      -7
    ],
    "SliceThickness": 2,
    "SliceTiming": [
      0,
      0.9225,
      1.8425,
      0.755,
      1.675,
      0.5875,
      1.5075,
      0.42,
      1.34,
      0.2525,
      1.1725,
      0.085,
      1.005,
      1.925,
      0.8375,
      1.7575,
      0.67,
      1.59,
      0.5025,
      1.4225,
      0.335,
      1.255,
      0.1675,
      1.0875,
      0,
      0.9225,
      1.8425,
      0.755,
      1.675,
      0.5875,
      1.5075,
      0.42,
      1.34,
      0.2525,
      1.1725,
      0.085,
      1.005,
      1.925,
      0.8375,
      1.7575,
      0.67,
      1.59,
      0.5025,
      1.4225,
      0.335,
      1.255,
      0.1675,
      1.0875,
      0,
      0.9225,
      1.8425,
      0.755,
      1.675,
      0.5875,
      1.5075,
      0.42,
      1.34,
      0.2525,
      1.1725,
      0.085,
      1.005,
      1.925,
      0.8375,
      1.7575,
      0.67,
      1.59,
      0.5025,
      1.4225,
      0.335,
      1.255,
      0.1675,
      1.0875
    ],
    "SoftwareVersions": "syngo_MR_B17",
    "SpacingBetweenSlices": 2,
    "StationName": "MRC35466",
    "TaskName": "training",
    "TotalReadoutTime": 0.075999,
    "TxRefAmp": 354.471,
    "dataset": "ds002306",
    "modality": "bold",
    "run_id": 9,
    "subject_id": "01",
    "task_id": "training"
  },
  "dummy_trs": 0,
  "dvars_nstd": 29.953274876607118,
  "dvars_std": 1.257159421428571,
  "dvars_vstd": 1.002609299214286,
  "efc": 0.5735333125205673,
  "fber": 1426.1749267578125,
  "fd_mean": 0.10866428875250671,
  "fd_num": 2,
  "fd_perc": 0.7117437722419929,
  "fwhm_avg": 2.0472550000000003,
  "fwhm_x": 1.927505,
  "fwhm_y": 2.23206,
  "fwhm_z": 1.9822,
  "gcor": 0.0127876,
  "gsr_x": 0.010604843497276306,
  "gsr_y": 0.016093825921416283,
  "provenance": {
    "md5sum": "0e88fa755020f8db98b1bcc1407866e8",
    "settings": {
      "fd_thres": 0.2,
      "testing": false
    },
    "software": "mriqc",
    "version": "22.0.0rc1",
    "webapi_port": null,
    "webapi_url": "https://mriqc.nimh.nih.gov/api/v1"
  },
  "size_t": 281,
  "size_x": 96,
  "size_y": 96,
  "size_z": 72,
  "snr": 4.964180250387113,
  "spacing_tr": 2.0,
  "spacing_x": 2.0,
  "spacing_y": 2.0,
  "spacing_z": 2.0,
  "summary_bg_k": 25.56112679936829,
  "summary_bg_mad": 14.208711225345361,
  "summary_bg_mean": 44.53868865966797,
  "summary_bg_median": 16.4661922454834,
  "summary_bg_n": 406423.0,
  "summary_bg_p05": 5.252668857574463,
  "summary_bg_p95": 184.15942993164037,
  "summary_bg_stdv": 72.53795623779297,
  "summary_fg_k": 4.974690687884637,
  "summary_fg_mad": 104.35464570892825,
  "summary_fg_mean": 651.426025390625,
  "summary_fg_median": 640.3309326171875,
  "summary_fg_n": 161980.0,
  "summary_fg_p05": 478.59769134521486,
  "summary_fg_p95": 858.1211517333984,
  "summary_fg_stdv": 128.9898681640625,
  "tsnr": 64.69537927256897
}