{
  "bids_meta": {
    "AcquisitionMatrixPE": 256,
    "AcquisitionNumber": 1,
    "AcquisitionTime": "14:27:33.162500",
    "BaseResolution": 256,
    "CoilString": "C:HEA;HEP",
    "ConversionSoftware": "dcm2niix",
    "ConversionSoftwareVersion": "v1.0.20190902",
    "DeviceSerialNumber": "35466",
    "DwellTime": 9.8e-06,
    "EchoTime": 0.00326,
    "FlipAngle": 9,
    "ImageOrientationPatientDICOM": [
      0.012217,
      0.999925,
      -4.45192e-09,
      0.0436161,
      -0.000532903,
      -0.999048
    ],
    "ImageType": [
      "ORIGINAL",
      "PRIMARY",
      "M",
      "ND",
      "NORM"
    ],
    "ImagingFrequency": 123.259,
    "InPlanePhaseEncodingDirectionDICOM": "ROW",
    "InstitutionAddress": "Street_StreetNo_B390A3_District_JP_ZIP",
    "InstitutionName": "Center_for_Information_and_Neural_Networks",
    "InstitutionalDepartmentName": "Department",
    "InversionTime": 1.2,
    "MRAcquisitionType": "3D",
    "MagneticFieldStrength": 3,
    "Manufacturer": "Siemens",
    "ManufacturersModelName": "TrioTim",
    "Modality": "MR",
    "ParallelReductionFactorInPlane": 2,
    "PartialFourier": 1,
    "PatientPosition": "HFS",
    "PercentPhaseFOV": 100,
    "PhaseEncodingSteps": 255,
    "PhaseResolution": 1,
    "PixelBandwidth": 199,
    "ProcedureStepDescription": "NICT_Nishimoto",
    "ProtocolName": "t1_mpr_sag_p2_iso_1.0mm_SN",
    "PulseSequenceDetails": "%SiemensSeq%_tfl",
    "ReceiveCoilName": "32Ch_Head",
    "ReconMatrixPE": 256,
    "RefLinesPE": 32,
    "RepetitionTime": 2.53,
    "SAR": 0.113086,
    "ScanOptions": "IR",
    "ScanningSequence": "GR_IR",
    "SequenceName": "_tfl3d1rr_ns",
    "SequenceVariant": "SP_MP",
    "SeriesDescription": "t1_mpr_sag_p2_iso_1.0mm_SN",
    "SeriesNumber": 11,
    "ShimSetting": [
      -227,
      -10182,
      -3995,
      -62,
      -24,
      -602,
      351,
      -87
    ],
    "SliceThickness": 1,
    "SoftwareVersions": "syngo_MR_B17",
    "StationName": "MRC35466",
    "TxRefAmp": 349.697,
    "dataset": "ds002306",
    "modality": "T1w",
    "subject_id": "06"
  },
  "cjv": 0.4685486794038899,
  "cnr": 2.7247579175168055,
  "efc": 0.46548583243060027,
  "fber": 22867.05078125,
  "fwhm_avg": 3.7168241735051804,
  "fwhm_x": 3.685252520515541,
  "fwhm_y": 3.65982,
  "fwhm_z": 3.8054,
  "icvs_csf": 0.16256262589421774,
  "icvs_gm": 0.4543923184749627,
  "icvs_wm": 0.3830450556308196,
  "inu_med": 1.4064189195632935,
  "inu_range": 0.3656325340270996,
  "provenance": {
    "md5sum": "914a2f03f98410d8e396205dfde6c37a",
    "settings": {
      "testing": false
    },
    "software": "mriqc",
    "version": "22.0.0rc1",
    "warnings": {
      "large_rot_frame": true,
      "small_air_mask": false
    },
    "webapi_port": null,
    "webapi_url": "https://mriqc.nimh.nih.gov/api/v1"
  },
  "qi_1": 0.0,
  "qi_2": 0.0152236636148498,
  "rpve_csf": 37.18315714422826,
  "rpve_gm": 15.056076531496041,
  "rpve_wm": 20.343656733792052,
  "size_x": 208,
  "size_y": 256,
  "size_z": 256,
  "snr_csf": 3.1115486704170716,
  "snr_gm": 11.825247478657268,
  "snr_total": 13.222383151208227,
  "snr_wm": 24.73035330455034,
  "snrd_csf": 65.11856754474604,
  "snrd_gm": 142.1876334795164,
  "snrd_total": 129.29806892121258,
  "snrd_wm": 180.58800573937526,
  "spacing_x": 0.9999966025352478,
  "spacing_y": 1.0,
  "spacing_z": 1.0,
  "summary_bg_k": 16.504754481279154,
  "summary_bg_mad": 3.6278421261336957,
  "summary_bg_mean": 4.315103530883789,
  "summary_bg_median": 2.4469423294067383,
  "summary_bg_n": 3827900.0,
  "summary_bg_p05": 0.0,
  "summary_bg_p95": 12.23011884689331,
  "summary_bg_stdv": 4.697920322418213,
  "summary_csf_k": 1.7640708878016191,
  "summary_csf_mad": 90.37159111215891,
  "summary_csf_mean": 393.65887451171875,
  "summary_csf_median": 360.59649658203125,
  "summary_csf_n": 15280.0,
  "summary_csf_p05": 258.5162551879883,
  "summary_csf_p95": 627.8602783203125,
  "summary_csf_stdv": 115.88592529296875,
  "summary_gm_k": -0.10228262966020996,
  "summary_gm_mad": 63.26894568625819,
  "summary_gm_mean": 797.78955078125,
  "summary_gm_median": 787.3693237304688,
  "summary_gm_n": 30451.0,
  "summary_gm_p05": 704.0697021484375,
  "summary_gm_p95": 922.84619140625,
  "summary_gm_stdv": 66.58265686035156,
  "summary_wm_k": 0.8336892492365502,
  "summary_wm_mad": 36.36488244837692,
  "summary_wm_mean": 998.877197265625,
  "summary_wm_median": 1000.0128173828125,
  "summary_wm_n": 195954.0,
  "summary_wm_p05": 929.9558258056641,
  "summary_wm_p95": 1062.9251770019532,
  "summary_wm_stdv": 40.436553955078125,
  "tpm_overlap_csf": 0.16012273728847504,
  "tpm_overlap_gm": 0.4433201849460602,
  "tpm_overlap_wm": 0.48051801323890686,
  "wm2max": 0.6476444117163048
}