{
  "bids_meta": {
    "AcquisitionMatrixPE": 256,
    "AcquisitionNumber": 1,
    "AcquisitionTime": "16:25:4.127500",
    "BaseResolution": 256,
    "CoilString": "C:HEA;HEP",
    "ConversionSoftware": "dcm2niix",
    "ConversionSoftwareVersion": "v1.0.20190902",
    "DeviceSerialNumber": "35466",
    "DwellTime": 9.8e-06,
    "EchoTime": 0.00326,
    "FlipAngle": 9,
    "ImageOrientationPatientDICOM": [
      -0.0314108,
      0.999507,
      0,
      0,
      0,
      -1
    ],
    "ImageType": [
      "ORIGINAL",
      "PRIMARY",
      "M",
      "ND",
      "NORM"
    ],
    "ImagingFrequency": 123.259,
    "InPlanePhaseEncodingDirectionDICOM": "ROW",
    "InstitutionAddress": "Street_StreetNo_B390A3_District_JP_ZIP",
    "InstitutionName": "Center_for_Information_and_Neural_Networks",
    "InstitutionalDepartmentName": "Department",
    "InversionTime": 1.2,
    "MRAcquisitionType": "3D",
    "MagneticFieldStrength": 3,
    "Manufacturer": "Siemens",
    "ManufacturersModelName": "TrioTim",
    "Modality": "MR",
    "ParallelReductionFactorInPlane": 2,
    "PartialFourier": 1,
    "PatientPosition": "HFS",
    "PercentPhaseFOV": 100,
    "PhaseEncodingSteps": 255,
    "PhaseResolution": 1,
    "PixelBandwidth": 199,
    "ProcedureStepDescription": "NICT_Nishimoto",
    "ProtocolName": "t1_mpr_sag_p2_iso_1.0mm_SN",
    "PulseSequenceDetails": "%SiemensSeq%_tfl",
    "ReceiveCoilName": "32Ch_Head",
    "ReconMatrixPE": 256,
    "RefLinesPE": 32,
    "RepetitionTime": 2.53,
    "SAR": 0.103531,
    "ScanOptions": "IR",
    "ScanningSequence": "GR_IR",
    "SequenceName": "_tfl3d1rr_ns",
    "SequenceVariant": "SP_MP",
    "SeriesDescription": "t1_mpr_sag_p2_iso_1.0mm_SN",
    "SeriesNumber": 11,
    "ShimSetting": [
      -270,
      -10173,
      -4055,
      -13,
      5,
      -761,
      323,
      -64
    ],
    "SliceThickness": 1,
    "SoftwareVersions": "syngo_MR_B17",
    "StationName": "MRC35466",
    "TxRefAmp": 357.563,
    "dataset": "ds002306",
    "modality": "T1w",
    "subject_id": "05"
  },
  "cjv": 0.47372624577207356,
  "cnr": 2.812237529892659,
  "efc": 0.5134147280888018,
  "fber": 16840.02734375,
  "fwhm_avg": 3.570679463171943,
  "fwhm_x": 3.518518179081022,
  "fwhm_y": 3.530510210434807,
  "fwhm_z": 3.66301,
  "icvs_csf": 0.18631807562699168,
  "icvs_gm": 0.447573268757563,
  "icvs_wm": 0.3661086556154453,
  "inu_med": 1.3643537759780884,
  "inu_range": 0.3885558128356932,
  "provenance": {
    "md5sum": "70bde80b479857c5639910181df25967",
    "settings": {
      "testing": false
    },
    "software": "mriqc",
    "version": "22.0.0rc1",
    "warnings": {
      "large_rot_frame": true,
      "small_air_mask": false
    },
    "webapi_port": null,
    "webapi_url": "https://mriqc.nimh.nih.gov/api/v1"
  },
  "qi_1": 0.0,
  "qi_2": 0.01725371340148674,
  "rpve_csf": 30.06833479423,
  "rpve_gm": 13.57865540387587,
  "rpve_wm": 18.781851920139516,
  "size_x": 208,
  "size_y": 210,
  "size_z": 256,
  "snr_csf": 3.461778087781349,
  "snr_gm": 13.852115910539935,
  "snr_total": 13.090741314919248,
  "snr_wm": 21.958329946436457,
  "snrd_csf": 57.68347227840435,
  "snrd_gm": 121.48822313841764,
  "snrd_total": 110.7567578992938,
  "snrd_wm": 153.0985782810594,
  "spacing_x": 0.9999976754188538,
  "spacing_y": 0.9999999403953552,
  "spacing_z": 1.0,
  "summary_bg_k": 336.6782309236776,
  "summary_bg_mad": 4.279337774877256,
  "summary_bg_mean": 5.361509799957275,
  "summary_bg_median": 2.8993918895721436,
  "summary_bg_n": 3503797.0,
  "summary_bg_p05": 0.0,
  "summary_bg_p95": 14.63678855895996,
  "summary_bg_stdv": 5.902756214141846,
  "summary_csf_k": 0.7011559344154543,
  "summary_csf_mad": 92.32691757318607,
  "summary_csf_mean": 403.0780944824219,
  "summary_csf_median": 376.78729248046875,
  "summary_csf_n": 22477.0,
  "summary_csf_p05": 268.4069458007813,
  "summary_csf_p95": 621.6069213867188,
  "summary_csf_stdv": 108.83970642089844,
  "summary_gm_k": 0.5468881991367494,
  "summary_gm_mad": 53.986031502714575,
  "summary_gm_mean": 795.8629150390625,
  "summary_gm_median": 793.5586547851562,
  "summary_gm_n": 20421.0,
  "summary_gm_p05": 706.3267822265625,
  "summary_gm_p95": 893.9650268554688,
  "summary_gm_stdv": 57.2864990234375,
  "summary_wm_k": 0.3218161292163928,
  "summary_wm_mad": 43.828115967129946,
  "summary_wm_mean": 999.4403686523438,
  "summary_wm_median": 1000.036865234375,
  "summary_wm_n": 172390.0,
  "summary_wm_p05": 923.7361694335938,
  "summary_wm_p95": 1072.9377014160154,
  "summary_wm_stdv": 45.54235076904297,
  "tpm_overlap_csf": 0.17058376967906952,
  "tpm_overlap_gm": 0.4361177980899811,
  "tpm_overlap_wm": 0.47797057032585144,
  "wm2max": 0.6564393345027936
}