{
  "bids_meta": {
    "AcquisitionMatrixPE": 256,
    "AcquisitionNumber": 1,
    "AcquisitionTime": "16:22:55.135000",
    "BaseResolution": 256,
    "CoilString": "C:HEA;HEP",
    "ConversionSoftware": "dcm2niix",
    "ConversionSoftwareVersion": "v1.0.20190902",
    "DeviceSerialNumber": "35466",
    "DwellTime": 9.8e-06,
    "EchoTime": 0.00326,
    "FlipAngle": 9,
    "ImageOrientationPatientDICOM": [
      -0.0888943,
      0.996041,
      2.37646e-08,
      0.0312864,
      0.00279226,
      -0.999507
    ],
    "ImageType": [
      "ORIGINAL",
      "PRIMARY",
      "M",
      "ND",
      "NORM"
    ],
    "ImagingFrequency": 123.259,
    "InPlanePhaseEncodingDirectionDICOM": "ROW",
    "InstitutionAddress": "Street_StreetNo_B390A3_District_JP_ZIP",
    "InstitutionName": "Center_for_Information_and_Neural_Networks",
    "InstitutionalDepartmentName": "Department",
    "InversionTime": 1.2,
    "MRAcquisitionType": "3D",
    "MagneticFieldStrength": 3,
    "Manufacturer": "Siemens",
    "ManufacturersModelName": "TrioTim",
    "Modality": "MR",
    "ParallelReductionFactorInPlane": 2,
    "PartialFourier": 1,
    "PatientPosition": "HFS",
    "PercentPhaseFOV": 100,
    "PhaseEncodingSteps": 255,
    "PhaseResolution": 1,
    "PixelBandwidth": 199,
    "ProcedureStepDescription": "NICT_Nishimoto",
    "ProtocolName": "t1_mpr_sag_p2_iso_1.0mm_SN",
    "PulseSequenceDetails": "%SiemensSeq%_tfl",
    "ReceiveCoilName": "32Ch_Head",
    "ReconMatrixPE": 256,
    "RefLinesPE": 32,
    "RepetitionTime": 2.53,
    "SAR": 0.0936226,
    "ScanOptions": "IR",
    "ScanningSequence": "GR_IR",
    "SequenceName": "_tfl3d1rr_ns",
    "SequenceVariant": "SP_MP",
    "SeriesDescription": "t1_mpr_sag_p2_iso_1.0mm_SN",
    "SeriesNumber": 11,
    "ShimSetting": [
      -298,
      -10126,
      -4037,
      60,
      -56,
      -541,
      93,
      21
    ],
    "SliceThickness": 1,
    "SoftwareVersions": "syngo_MR_B17",
    "StationName": "MRC35466",
    "TxRefAmp": 351.692,
    "dataset": "ds002306",
    "modality": "T1w",
    "subject_id": "04"
  },
  "cjv": 0.5815881471742528,
  "cnr": 2.2331976783053022,
  "efc": 0.43560068374377553,
  "fber": 21221.697265625,
  "fwhm_avg": 3.5635071690785076,
  "fwhm_x": 3.478351292312486,
  "fwhm_y": 3.60636,
  "fwhm_z": 3.605810214923037,
  "icvs_csf": 0.17271183202612742,
  "icvs_gm": 0.4371626381931805,
  "icvs_wm": 0.3901255297806921,
  "inu_med": 1.361337423324585,
  "inu_range": 0.2883791565895082,
  "provenance": {
    "md5sum": "a53e093e8e84df363927d6f664ce2817",
    "settings": {
      "testing": false
    },
    "software": "mriqc",
    "version": "22.0.0rc1",
    "warnings": {
      "large_rot_frame": true,
      "small_air_mask": false
    },
    "webapi_port": null,
    "webapi_url": "https://mriqc.nimh.nih.gov/api/v1"
  },
  "qi_1": 0.0,
  "qi_2": 0.01816224601307303,
  "rpve_csf": 40.50581428328323,
  "rpve_gm": 17.623156212169295,
  "rpve_wm": 22.983398339833983,
  "size_x": 208,
  "size_y": 256,
  "size_z": 256,
  "snr_csf": 2.993221277282382,
  "snr_gm": 10.832071274937125,
  "snr_total": 14.148759597154827,
  "snr_wm": 28.62098623924497,
  "snrd_csf": 69.02292498958357,
  "snrd_gm": 144.74115835745343,
  "snrd_total": 130.48622472045022,
  "snrd_wm": 177.69459081431364,
  "spacing_x": 1.0000025033950806,
  "spacing_y": 1.0,
  "spacing_z": 0.9999999403953552,
  "summary_bg_k": 15.487555090815079,
  "summary_bg_mad": 3.686918163772404,
  "summary_bg_mean": 4.311047554016113,
  "summary_bg_median": 2.4871044158935547,
  "summary_bg_n": 4614142.0,
  "summary_bg_p05": 0.0,
  "summary_bg_p95": 12.410843849182129,
  "summary_bg_stdv": 4.556676387786865,
  "summary_csf_k": 1.958977410369104,
  "summary_csf_mad": 135.80510539218605,
  "summary_csf_mean": 420.770263671875,
  "summary_csf_median": 388.4410705566406,
  "summary_csf_n": 16809.0,
  "summary_csf_p05": 260.88746948242186,
  "summary_csf_p95": 633.3659057617188,
  "summary_csf_stdv": 129.7697296142578,
  "summary_gm_k": -0.3323270494200514,
  "summary_gm_mad": 75.84590808501427,
  "summary_gm_mean": 822.205322265625,
  "summary_gm_median": 814.5614013671875,
  "summary_gm_n": 23917.0,
  "summary_gm_p05": 708.7075561523437,
  "summary_gm_p95": 956.8418701171876,
  "summary_gm_stdv": 75.19747161865234,
  "summary_wm_k": 0.7656396808008314,
  "summary_wm_mad": 32.0110053035296,
  "summary_wm_mean": 999.835205078125,
  "summary_wm_median": 1000.0137939453125,
  "summary_wm_n": 172030.0,
  "summary_wm_p05": 942.1093688964844,
  "summary_wm_p95": 1056.4967041015625,
  "summary_wm_stdv": 34.93977737426758,
  "tpm_overlap_csf": 0.16750860214233398,
  "tpm_overlap_gm": 0.43401896953582764,
  "tpm_overlap_wm": 0.4841822683811188,
  "wm2max": 0.7434875464392934
}