{
  "bids_meta": {
    "AcquisitionMatrixPE": 256,
    "AcquisitionNumber": 1,
    "AcquisitionTime": "16:46:48.140000",
    "BaseResolution": 256,
    "CoilString": "C:HEA;HEP",
    "ConversionSoftware": "dcm2niix",
    "ConversionSoftwareVersion": "v1.0.20190902",
    "DeviceSerialNumber": "35466",
    "DwellTime": 9.8e-06,
    "EchoTime": 0.00326,
    "FlipAngle": 9,
    "ImageOrientationPatientDICOM": [
      0.0122192,
      0.999925,
      -3.347e-08,
      0.0523318,
      -0.000639532,
      -0.99863
    ],
    "ImageType": [
      "ORIGINAL",
      "PRIMARY",
      "M",
      "ND",
      "NORM"
    ],
    "ImagingFrequency": 123.259,
    "InPlanePhaseEncodingDirectionDICOM": "ROW",
    "InstitutionAddress": "Street_StreetNo_B390A3_District_JP_ZIP",
    "InstitutionName": "Center_for_Information_and_Neural_Networks",
    "InstitutionalDepartmentName": "Department",
    "InversionTime": 1.2,
    "MRAcquisitionType": "3D",
    "MagneticFieldStrength": 3,
    "Manufacturer": "Siemens",
    "ManufacturersModelName": "TrioTim",
    "Modality": "MR",
    "ParallelReductionFactorInPlane": 2,
    "PartialFourier": 1,
    "PatientPosition": "HFS",
    "PercentPhaseFOV": 100,
    "PhaseEncodingSteps": 255,
    "PhaseResolution": 1,
    "PixelBandwidth": 199,
    "ProcedureStepDescription": "NICT_Nishimoto",
    "ProtocolName": "t1_mpr_sag_p2_iso_1.0mm_SN",
    "PulseSequenceDetails": "%SiemensSeq%_tfl",
    "ReceiveCoilName": "32Ch_Head",
    "ReconMatrixPE": 256,
    "RefLinesPE": 32,
    "RepetitionTime": 2.53,
    "SAR": 0.117207,
    "ScanOptions": "IR",
    "ScanningSequence": "GR_IR",
    "SequenceName": "_tfl3d1rr_ns",
    "SequenceVariant": "SP_MP",
    "SeriesDescription": "t1_mpr_sag_p2_iso_1.0mm_SN",
    "SeriesNumber": 11,
    "ShimSetting": [
      -262,
      -10129,
      -3991,
      211,
      140,
      -347,
      213,
      -174
    ],
    "SliceThickness": 1,
    "SoftwareVersions": "syngo_MR_B17",
    "StationName": "MRC35466",
    "TxRefAmp": 355.665,
    "dataset": "ds002306",
    "modality": "T1w",
    "subject_id": "02"
  },
  "cjv": 0.4121623152088323,
  "cnr": 3.0602046908544267,
  "efc": 0.4961051578891684,
  "fber": 15675.587890625,
  "fwhm_avg": 3.631116057619156,
  "fwhm_x": 3.6295877399036094,
  "fwhm_y": 3.5333102106017003,
  "fwhm_z": 3.73045022235216,
  "icvs_csf": 0.17332941594157125,
  "icvs_gm": 0.44574185923609344,
  "icvs_wm": 0.3809287248223353,
  "inu_med": 1.4732273817062378,
  "inu_range": 0.40092300176620466,
  "provenance": {
    "md5sum": "2c4c9003416429fcf9428af0a63526fe",
    "settings": {
      "testing": false
    },
    "software": "mriqc",
    "version": "22.0.0rc1",
    "warnings": {
      "large_rot_frame": true,
      "small_air_mask": false
    },
    "webapi_port": null,
    "webapi_url": "https://mriqc.nimh.nih.gov/api/v1"
  },
  "qi_1": 0.0,
  "qi_2": 0.015108174081566013,
  "rpve_csf": 33.74704637673944,
  "rpve_gm": 14.5547721545796,
  "rpve_wm": 19.470109699594754,
  "size_x": 208,
  "size_y": 256,
  "size_z": 256,
  "snr_csf": 2.731624347126387,
  "snr_gm": 12.695787725840562,
  "snr_total": 13.407629227977319,
  "snr_wm": 24.795475610965006,
  "snrd_csf": 51.699538633230276,
  "snrd_gm": 116.56903498160413,
  "snrd_total": 106.20049615412641,
  "snrd_wm": 150.33291484754483,
  "spacing_x": 0.9999951124191284,
  "spacing_y": 0.9999999403953552,
  "spacing_z": 0.9999999403953552,
  "summary_bg_k": 15.902041131280168,
  "summary_bg_mad": 4.357967614415705,
  "summary_bg_mean": 5.010274410247803,
  "summary_bg_median": 2.9394044876098633,
  "summary_bg_n": 3820833.0,
  "summary_bg_p05": 0.0,
  "summary_bg_p95": 14.657822227478027,
  "summary_bg_stdv": 5.455738067626953,
  "summary_csf_k": 38.78020018152558,
  "summary_csf_mad": 78.58511160401292,
  "summary_csf_mean": 378.1780700683594,
  "summary_csf_median": 343.9053649902344,
  "summary_csf_n": 23835.0,
  "summary_csf_p05": 254.55765380859376,
  "summary_csf_p95": 606.3168090820311,
  "summary_csf_stdv": 125.89511108398438,
  "summary_gm_k": 0.7883367614507866,
  "summary_gm_mad": 56.2581664578206,
  "summary_gm_mean": 779.6832275390625,
  "summary_gm_median": 775.4172973632812,
  "summary_gm_n": 23802.0,
  "summary_gm_p05": 687.8082824707031,
  "summary_gm_p95": 888.5723022460937,
  "summary_gm_stdv": 61.07545471191406,
  "summary_wm_k": 0.7965330609986583,
  "summary_wm_mad": 36.31239775070033,
  "summary_wm_mean": 997.9119262695312,
  "summary_wm_median": 1000.0146484375,
  "summary_wm_n": 218468.0,
  "summary_wm_p05": 926.6438812255859,
  "summary_wm_p95": 1059.7348327636719,
  "summary_wm_stdv": 40.33043670654297,
  "tpm_overlap_csf": 0.17821191251277924,
  "tpm_overlap_gm": 0.4335159659385681,
  "tpm_overlap_wm": 0.48913589119911194,
  "wm2max": 0.6571620155220861
}