{
  "aor": 0.0012084341637010677,
  "aqi": 0.006839417544483985,
  "bids_meta": {
    "AcquisitionMatrixPE": 96,
    "AcquisitionNumber": 1,
    "AcquisitionTime": "13:35:41.437500",
    "BandwidthPerPixelPhaseEncode": 13.021,
    "BaseResolution": 96,
    "CoilString": "C:HEA;HEP",
    "ConversionSoftware": "dcm2niix",
    "ConversionSoftwareVersion": "v1.0.20190902",
    "DerivedVendorReportedEchoSpacing": 0.00079999,
    "DeviceSerialNumber": "35466",
    "DwellTime": 3.6e-06,
    "EchoTime": 0.03,
    "EffectiveEchoSpacing": 0.00079999,
    "FlipAngle": 62,
    "ImageComments": "Unaliased_MB3_PE3_(remote)",
    "ImageOrientationPatientDICOM": [
      1,
      0,
      0,
      0,
      0.963163,
      -0.26892
    ],
    "ImageType": [
      "ORIGINAL",
      "PRIMARY",
      "M",
      "MB",
      "ND",
      "NORM",
      "MOSAIC"
    ],
    "ImagingFrequency": 123.259,
    "InPlanePhaseEncodingDirectionDICOM": "COL",
    "InstitutionAddress": "Street_StreetNo_B390A3_District_JP_ZIP",
    "InstitutionName": "Center_for_Information_and_Neural_Networks",
    "InstitutionalDepartmentName": "Department",
    "MRAcquisitionType": "2D",
    "MagneticFieldStrength": 3,
    "Manufacturer": "Siemens",
    "ManufacturersModelName": "TrioTim",
    "Modality": "MR",
    "MultibandAccelerationFactor": 3,
    "PartialFourier": 0.75,
    "PatientPosition": "HFS",
    "PercentPhaseFOV": 100,
    "PhaseEncodingDirection": "j-",
    "PhaseEncodingSteps": 72,
    "PhaseResolution": 1,
    "PixelBandwidth": 1447,
    "ProcedureStepDescription": "NICT_Nishimoto",
    "ProtocolName": "mbep2d_MB3_TR2_2mm_PF6_BW1446_281",
    "PulseSequenceDetails": "%CustomerSeq%_cmrr_mbep2d_bold",
    "ReceiveCoilName": "32Ch_Head",
    "ReconMatrixPE": 96,
    "RepetitionTime": 2,
    "SAR": 0.174464,
    "ScanOptions": "PFP_FS",
    "ScanningSequence": "EP",
    "SequenceName": "epfid2d1_96",
    "SequenceVariant": "SK_SS",
    "SeriesDescription": "mbep2d_MB3_TR2_2mm_PF6_BW1446_281",
    "SeriesNumber": 6,
    "ShimSetting": [
      -286,
      -10054,
      -3974,
      384,
      -18,
      -256,
      172,
      57
    ],
    "SliceThickness": 2,
    "SliceTiming": [
      0,
      0.92,
      1.84,
      0.7525,
      1.6725,
      0.585,
      1.505,
      0.42,
      1.34,
      0.2525,
      1.1725,
      0.085,
      1.005,
      1.925,
      0.8375,
      1.7575,
      0.67,
      1.59,
      0.5025,
      1.4225,
      0.335,
      1.255,
      0.1675,
      1.0875,
      0,
      0.92,
      1.84,
      0.7525,
      1.6725,
      0.585,
      1.505,
      0.42,
      1.34,
      0.2525,
      1.1725,
      0.085,
      1.005,
      1.925,
      0.8375,
      1.7575,
      0.67,
      1.59,
      0.5025,
      1.4225,
      0.335,
      1.255,
      0.1675,
      1.0875,
      0,
      0.92,
      1.84,
      0.7525,
      1.6725,
      0.585,
      1.505,
      0.42,
      1.34,
      0.2525,
      1.1725,
      0.085,
      1.005,
      1.925,
      0.8375,
      1.7575,
      0.67,
      1.59,
      0.5025,
      1.4225,
      0.335,
      1.255,
      0.1675,
      1.0875
    ],
    "SoftwareVersions": "syngo_MR_B17",
    "SpacingBetweenSlices": 2,
    "StationName": "MRC35466",
    "TaskName": "training",
    "TotalReadoutTime": 0.075999,
    "TxRefAmp": 344.101,
    "dataset": "ds002306",
    "modality": "bold",
    "run_id": 9,
    "subject_id": "03",
    "task_id": "training"
  },
  "dummy_trs": 0,
  "dvars_nstd": 30.253924642285696,
  "dvars_std": 1.2761474150000005,
  "dvars_vstd": 1.0148254090000002,
  "efc": 0.5234953056185249,
  "fber": 2736.05224609375,
  "fd_mean": 0.11579379134789747,
  "fd_num": 13,
  "fd_perc": 4.6263345195729535,
  "fwhm_avg": 2.0616683333333334,
  "fwhm_x": 1.984195,
  "fwhm_y": 2.141135,
  "fwhm_z": 2.059675,
  "gcor": 0.0151448,
  "gsr_x": 0.00114061264321208,
  "gsr_y": 0.014401228167116642,
  "provenance": {
    "md5sum": "daceb27ccee962cf1fe292c479b7af2d",
    "settings": {
      "fd_thres": 0.2,
      "testing": false
    },
    "software": "mriqc",
    "version": "22.0.0rc1",
    "webapi_port": null,
    "webapi_url": "https://mriqc.nimh.nih.gov/api/v1"
  },
  "size_t": 281,
  "size_x": 96,
  "size_y": 96,
  "size_z": 72,
  "snr": 4.979574524708373,
  "spacing_tr": 2.0,
  "spacing_x": 2.0,
  "spacing_y": 2.0,
  "spacing_z": 2.0,
  "summary_bg_k": 31.869897509912334,
  "summary_bg_mad": 8.030322052238667,
  "summary_bg_mean": 29.744749069213867,
  "summary_bg_median": 11.145907402038574,
  "summary_bg_n": 433615.0,
  "summary_bg_p05": 4.569395065307617,
  "summary_bg_p95": 117.16832580566403,
  "summary_bg_stdv": 52.571685791015625,
  "summary_fg_k": 3.2304082796874,
  "summary_fg_mad": 99.77757286266832,
  "summary_fg_mean": 608.2925415039062,
  "summary_fg_median": 592.0604858398438,
  "summary_fg_n": 141087.0,
  "summary_fg_p05": 461.23486328125,
  "summary_fg_p95": 820.5505126953125,
  "summary_fg_stdv": 118.89738464355469,
  "tsnr": 61.76134147122502
}