{
  "aor": 0.0015189642857142856,
  "aqi": 0.009583936107142857,
  "bids_meta": {
    "AcquisitionMatrixPE": 96,
    "AcquisitionNumber": 1,
    "AcquisitionTime": "14:05:38.147500",
    "BandwidthPerPixelPhaseEncode": 13.021,
    "BaseResolution": 96,
    "CoilString": "C:HEA;HEP",
    "ConversionSoftware": "dcm2niix",
    "ConversionSoftwareVersion": "v1.0.20190902",
    "DerivedVendorReportedEchoSpacing": 0.00079999,
    "DeviceSerialNumber": "35466",
    "DwellTime": 3.6e-06,
    "EchoTime": 0.03,
    "EffectiveEchoSpacing": 0.00079999,
    "FlipAngle": 62,
    "ImageComments": "Unaliased_MB3_PE3_(remote)",
    "ImageOrientationPatientDICOM": [
      0.998832,
      0.0268351,
      -0.0401759,
      -0.0296446,
      0.997032,
      -0.0710497
    ],
    "ImageType": [
      "ORIGINAL",
      "PRIMARY",
      "M",
      "MB",
      "ND",
      "NORM",
      "MOSAIC"
    ],
    "ImagingFrequency": 123.259,
    "InPlanePhaseEncodingDirectionDICOM": "COL",
    "InstitutionAddress": "Street_StreetNo_B390A3_District_JP_ZIP",
    "InstitutionName": "Center_for_Information_and_Neural_Networks",
    "InstitutionalDepartmentName": "Department",
    "MRAcquisitionType": "2D",
    "MagneticFieldStrength": 3,
    "Manufacturer": "Siemens",
    "ManufacturersModelName": "TrioTim",
    "Modality": "MR",
    "MultibandAccelerationFactor": 3,
    "PartialFourier": 0.75,
    "PatientPosition": "HFS",
    "PercentPhaseFOV": 100,
    "PhaseEncodingDirection": "j-",
    "PhaseEncodingSteps": 72,
    "PhaseResolution": 1,
    "PixelBandwidth": 1447,
    "ProcedureStepDescription": "NICT_Nishimoto",
    "ProtocolName": "mbep2d_MB3_TR2_2mm_PF6_BW1446_281",
    "PulseSequenceDetails": "%CustomerSeq%_cmrr_mbep2d_bold",
    "ReceiveCoilName": "32Ch_Head",
    "ReconMatrixPE": 96,
    "RepetitionTime": 2,
    "SAR": 0.180111,
    "ScanOptions": "PFP_FS",
    "ScanningSequence": "EP",
    "SequenceName": "epfid2d1_96",
    "SequenceVariant": "SK_SS",
    "SeriesDescription": "mbep2d_MB3_TR2_2mm_PF6_BW1446_281",
    "SeriesNumber": 12,
    "ShimSetting": [
      -314,
      -10090,
      -3939,
      388,
      -49,
      -291,
      242,
      110
    ],
    "SliceThickness": 2,
    "SliceTiming": [
      0,
      0.92,
      1.84,
      0.7525,
      1.6725,
      0.585,
      1.505,
      0.4175,
      1.3375,
      0.25,
      1.17,
      0.0825,
      1.0025,
      1.925,
      0.8375,
      1.7575,
      0.67,
      1.59,
      0.5025,
      1.4225,
      0.335,
      1.255,
      0.1675,
      1.0875,
      0,
      0.92,
      1.84,
      0.7525,
      1.6725,
      0.585,
      1.505,
      0.4175,
      1.3375,
      0.25,
      1.17,
      0.0825,
      1.0025,
      1.925,
      0.8375,
      1.7575,
      0.67,
      1.59,
      0.5025,
      1.4225,
      0.335,
      1.255,
      0.1675,
      1.0875,
      0,
      0.92,
      1.84,
      0.7525,
      1.6725,
      0.585,
      1.505,
      0.4175,
      1.3375,
      0.25,
      1.17,
      0.0825,
      1.0025,
      1.925,
      0.8375,
      1.7575,
      0.67,
      1.59,
      0.5025,
      1.4225,
      0.335,
      1.255,
      0.1675,
      1.0875
    ],
    "SoftwareVersions": "syngo_MR_B17",
    "SpacingBetweenSlices": 2,
    "StationName": "MRC35466",
    "TaskName": "training",
    "TotalReadoutTime": 0.075999,
    "TxRefAmp": 343.108,
    "dataset": "ds002306",
    "modality": "bold",
    "run_id": 7,
    "subject_id": "03",
    "task_id": "training"
  },
  "dummy_trs": 1,
  "dvars_nstd": 29.27829440942651,
  "dvars_std": 1.178083502007168,
  "dvars_vstd": 0.9805331355555555,
  "efc": 0.5322417092481151,
  "fber": 2190.840576171875,
  "fd_mean": 0.13058463758470829,
  "fd_num": 17,
  "fd_perc": 6.071428571428571,
  "fwhm_avg": 2.109621666666667,
  "fwhm_x": 2.009545,
  "fwhm_y": 2.234795,
  "fwhm_z": 2.084525,
  "gcor": 0.0148795,
  "gsr_x": -0.0004077659104950726,
  "gsr_y": 0.01573309116065502,
  "provenance": {
    "md5sum": "2b6a90227659368b2c02fa34bfef4f9e",
    "settings": {
      "fd_thres": 0.2,
      "testing": false
    },
    "software": "mriqc",
    "version": "22.0.0rc1",
    "webapi_port": null,
    "webapi_url": "https://mriqc.nimh.nih.gov/api/v1"
  },
  "size_t": 280,
  "size_x": 96,
  "size_y": 96,
  "size_z": 72,
  "snr": 5.032772631665042,
  "spacing_tr": 2.0,
  "spacing_x": 2.0,
  "spacing_y": 2.0,
  "spacing_z": 2.0,
  "summary_bg_k": 24.535268733238343,
  "summary_bg_mad": 9.811650146326746,
  "summary_bg_mean": 33.3359375,
  "summary_bg_median": 12.925000190734863,
  "summary_bg_n": 430977.0,
  "summary_bg_p05": 4.949999809265137,
  "summary_bg_p95": 131.52499389648438,
  "summary_bg_stdv": 55.54536056518555,
  "summary_fg_k": 3.090618145344621,
  "summary_fg_mad": 103.37177925407605,
  "summary_fg_mean": 627.7034912109375,
  "summary_fg_median": 611.8125,
  "summary_fg_n": 143024.0,
  "summary_fg_p05": 473.9368011474609,
  "summary_fg_p95": 845.2182220458985,
  "summary_fg_stdv": 121.56526947021484,
  "tsnr": 53.21806096192449
}