{
  "aor": 0.0014311032028469755,
  "aqi": 0.009010837758007118,
  "bids_meta": {
    "AcquisitionMatrixPE": 96,
    "AcquisitionNumber": 1,
    "AcquisitionTime": "15:20:56.287500",
    "BandwidthPerPixelPhaseEncode": 13.021,
    "BaseResolution": 96,
    "CoilString": "C:HEA;HEP",
    "ConversionSoftware": "dcm2niix",
    "ConversionSoftwareVersion": "v1.0.20190902",
    "DerivedVendorReportedEchoSpacing": 0.00079999,
    "DeviceSerialNumber": "35466",
    "DwellTime": 3.6e-06,
    "EchoTime": 0.03,
    "EffectiveEchoSpacing": 0.00079999,
    "FlipAngle": 62,
    "ImageComments": "Unaliased_MB3_PE3_(remote)",
    "ImageOrientationPatientDICOM": [
      0.999391,
      0.0348994,
      0,
      -0.0348994,
      0.999391,
      0
    ],
    "ImageType": [
      "ORIGINAL",
      "PRIMARY",
      "M",
      "MB",
      "ND",
      "NORM",
      "MOSAIC"
    ],
    "ImagingFrequency": 123.259,
    "InPlanePhaseEncodingDirectionDICOM": "COL",
    "InstitutionAddress": "Street_StreetNo_B390A3_District_JP_ZIP",
    "InstitutionName": "Center_for_Information_and_Neural_Networks",
    "InstitutionalDepartmentName": "Department",
    "MRAcquisitionType": "2D",
    "MagneticFieldStrength": 3,
    "Manufacturer": "Siemens",
    "ManufacturersModelName": "TrioTim",
    "Modality": "MR",
    "MultibandAccelerationFactor": 3,
    "PartialFourier": 0.75,
    "PatientPosition": "HFS",
    "PercentPhaseFOV": 100,
    "PhaseEncodingDirection": "j-",
    "PhaseEncodingSteps": 72,
    "PhaseResolution": 1,
    "PixelBandwidth": 1447,
    "ProcedureStepDescription": "NICT_Nishimoto",
    "ProtocolName": "mbep2d_MB3_TR2_2mm_PF6_BW1446_281",
    "PulseSequenceDetails": "%CustomerSeq%_cmrr_mbep2d_bold",
    "ReceiveCoilName": "32Ch_Head",
    "ReconMatrixPE": 96,
    "RepetitionTime": 2,
    "SAR": 0.196472,
    "ScanOptions": "PFP_FS",
    "ScanningSequence": "EP",
    "SequenceName": "epfid2d1_96",
    "SequenceVariant": "SK_SS",
    "SeriesDescription": "mbep2d_MB3_TR2_2mm_PF6_BW1446_281",
    "SeriesNumber": 5,
    "ShimSetting": [
      -275,
      -10122,
      -3962,
      268,
      -38,
      -311,
      332,
      -122
    ],
    "SliceThickness": 2,
    "SliceTiming": [
      0,
      0.9225,
      1.8425,
      0.755,
      1.675,
      0.5875,
      1.5075,
      0.42,
      1.34,
      0.2525,
      1.1725,
      0.085,
      1.005,
      1.925,
      0.8375,
      1.7575,
      0.67,
      1.59,
      0.5025,
      1.4225,
      0.335,
      1.255,
      0.1675,
      1.0875,
      0,
      0.9225,
      1.8425,
      0.755,
      1.675,
      0.5875,
      1.5075,
      0.42,
      1.34,
      0.2525,
      1.1725,
      0.085,
      1.005,
      1.925,
      0.8375,
      1.7575,
      0.67,
      1.59,
      0.5025,
      1.4225,
      0.335,
      1.255,
      0.1675,
      1.0875,
      0,
      0.9225,
      1.8425,
      0.755,
      1.675,
      0.5875,
      1.5075,
      0.42,
      1.34,
      0.2525,
      1.1725,
      0.085,
      1.005,
      1.925,
      0.8375,
      1.7575,
      0.67,
      1.59,
      0.5025,
      1.4225,
      0.335,
      1.255,
      0.1675,
      1.0875
    ],
    "SoftwareVersions": "syngo_MR_B17",
    "SpacingBetweenSlices": 2,
    "StationName": "MRC35466",
    "TaskName": "training",
    "TotalReadoutTime": 0.075999,
    "TxRefAmp": 357.563,
    "dataset": "ds002306",
    "modality": "bold",
    "run_id": 1,
    "subject_id": "05",
    "task_id": "training"
  },
  "dummy_trs": 0,
  "dvars_nstd": 30.244895246928582,
  "dvars_std": 1.1639254838928577,
  "dvars_vstd": 1.0064316029999993,
  "efc": 0.5561247037554515,
  "fber": 1408.1646728515625,
  "fd_mean": 0.13099672256386025,
  "fd_num": 43,
  "fd_perc": 15.302491103202847,
  "fwhm_avg": 2.173151666666666,
  "fwhm_x": 2.01437,
  "fwhm_y": 2.395275,
  "fwhm_z": 2.10981,
  "gcor": 0.0187198,
  "gsr_x": 0.012522553093731403,
  "gsr_y": 0.025108493864536285,
  "provenance": {
    "md5sum": "abe576da7dfa0e75167ccf20142c8729",
    "settings": {
      "fd_thres": 0.2,
      "testing": false
    },
    "software": "mriqc",
    "version": "22.0.0rc1",
    "webapi_port": null,
    "webapi_url": "https://mriqc.nimh.nih.gov/api/v1"
  },
  "size_t": 281,
  "size_x": 96,
  "size_y": 96,
  "size_z": 72,
  "snr": 4.898371819972255,
  "spacing_tr": 2.0,
  "spacing_x": 2.0,
  "spacing_y": 2.0,
  "spacing_z": 2.0,
  "summary_bg_k": 17.317005254291054,
  "summary_bg_mad": 13.570295393870975,
  "summary_bg_mean": 42.828426361083984,
  "summary_bg_median": 15.405694007873535,
  "summary_bg_n": 428618.0,
  "summary_bg_p05": 4.846974849700928,
  "summary_bg_p95": 180.34626617431616,
  "summary_bg_stdv": 66.6393051147461,
  "summary_fg_k": 4.277016544847801,
  "summary_fg_mad": 100.34739379589158,
  "summary_fg_mean": 599.41748046875,
  "summary_fg_median": 592.227783203125,
  "summary_fg_n": 143339.0,
  "summary_fg_p05": 439.1775634765625,
  "summary_fg_p95": 784.0117492675782,
  "summary_fg_stdv": 120.9025650024414,
  "tsnr": 52.15943969436921
}