{
  "aor": 0.004502313167259787,
  "aqi": 0.014754517758007119,
  "bids_meta": {
    "AcquisitionMatrixPE": 96,
    "AcquisitionNumber": 1,
    "AcquisitionTime": "13:43:37.792500",
    "BandwidthPerPixelPhaseEncode": 13.021,
    "BaseResolution": 96,
    "CoilString": "C:HEA;HEP",
    "ConversionSoftware": "dcm2niix",
    "ConversionSoftwareVersion": "v1.0.20190902",
    "DerivedVendorReportedEchoSpacing": 0.00079999,
    "DeviceSerialNumber": "35466",
    "DwellTime": 3.6e-06,
    "EchoTime": 0.03,
    "EffectiveEchoSpacing": 0.00079999,
    "FlipAngle": 62,
    "ImageComments": "Unaliased_MB3_PE3_(remote)",
    "ImageOrientationPatientDICOM": [
      0.997882,
      0.0538138,
      0.0365398,
      -0.0592851,
      0.983574,
      0.170491
    ],
    "ImageType": [
      "ORIGINAL",
      "PRIMARY",
      "M",
      "MB",
      "ND",
      "NORM",
      "MOSAIC"
    ],
    "ImagingFrequency": 123.259,
    "InPlanePhaseEncodingDirectionDICOM": "COL",
    "InstitutionAddress": "Street_StreetNo_B390A3_District_JP_ZIP",
    "InstitutionName": "Center_for_Information_and_Neural_Networks",
    "InstitutionalDepartmentName": "Department",
    "MRAcquisitionType": "2D",
    "MagneticFieldStrength": 3,
    "Manufacturer": "Siemens",
    "ManufacturersModelName": "TrioTim",
    "Modality": "MR",
    "MultibandAccelerationFactor": 3,
    "PartialFourier": 0.75,
    "PatientPosition": "HFS",
    "PercentPhaseFOV": 100,
    "PhaseEncodingDirection": "j-",
    "PhaseEncodingSteps": 72,
    "PhaseResolution": 1,
    "PixelBandwidth": 1447,
    "ProcedureStepDescription": "NICT_Nishimoto",
    "ProtocolName": "mbep2d_MB3_TR2_2mm_PF6_BW1446_281",
    "PulseSequenceDetails": "%CustomerSeq%_cmrr_mbep2d_bold",
    "ReceiveCoilName": "32Ch_Head",
    "ReconMatrixPE": 96,
    "RepetitionTime": 2,
    "SAR": 0.193557,
    "ScanOptions": "PFP_FS",
    "ScanningSequence": "EP",
    "SequenceName": "epfid2d1_96",
    "SequenceVariant": "SK_SS",
    "SeriesDescription": "mbep2d_MB3_TR2_2mm_PF6_BW1446_281",
    "SeriesNumber": 7,
    "ShimSetting": [
      -257,
      -10146,
      -3927,
      386,
      23,
      -376,
      267,
      -147
    ],
    "SliceThickness": 2,
    "SliceTiming": [
      0,
      0.92,
      1.84,
      0.7525,
      1.6725,
      0.585,
      1.505,
      0.4175,
      1.3375,
      0.25,
      1.17,
      0.0825,
      1.0025,
      1.9225,
      0.835,
      1.755,
      0.6675,
      1.5875,
      0.5025,
      1.4225,
      0.335,
      1.255,
      0.1675,
      1.0875,
      0,
      0.92,
      1.84,
      0.7525,
      1.6725,
      0.585,
      1.505,
      0.4175,
      1.3375,
      0.25,
      1.17,
      0.0825,
      1.0025,
      1.9225,
      0.835,
      1.755,
      0.6675,
      1.5875,
      0.5025,
      1.4225,
      0.335,
      1.255,
      0.1675,
      1.0875,
      0,
      0.92,
      1.84,
      0.7525,
      1.6725,
      0.585,
      1.505,
      0.4175,
      1.3375,
      0.25,
      1.17,
      0.0825,
      1.0025,
      1.9225,
      0.835,
      1.755,
      0.6675,
      1.5875,
      0.5025,
      1.4225,
      0.335,
      1.255,
      0.1675,
      1.0875
    ],
    "SoftwareVersions": "syngo_MR_B17",
    "SpacingBetweenSlices": 2,
    "StationName": "MRC35466",
    "TaskName": "training",
    "TotalReadoutTime": 0.075999,
    "TxRefAmp": 358.658,
    "dataset": "ds002306",
    "modality": "bold",
    "run_id": 10,
    "subject_id": "05",
    "task_id": "training"
  },
  "dummy_trs": 0,
  "dvars_nstd": 35.30475189357143,
  "dvars_std": 1.1907217516785713,
  "dvars_vstd": 1.0342807055357146,
  "efc": 0.5588292953186472,
  "fber": 1330.0001220703125,
  "fd_mean": 0.24111182491733096,
  "fd_num": 143,
  "fd_perc": 50.88967971530249,
  "fwhm_avg": 2.0907050000000003,
  "fwhm_x": 1.958485,
  "fwhm_y": 2.293975,
  "fwhm_z": 2.019655,
  "gcor": 0.0367334,
  "gsr_x": 0.025128543376922607,
  "gsr_y": 0.03160545602440834,
  "provenance": {
    "md5sum": "f0222b66c3a954b00097eaf189699141",
    "settings": {
      "fd_thres": 0.2,
      "testing": false
    },
    "software": "mriqc",
    "version": "22.0.0rc1",
    "webapi_port": null,
    "webapi_url": "https://mriqc.nimh.nih.gov/api/v1"
  },
  "size_t": 281,
  "size_x": 96,
  "size_y": 96,
  "size_z": 72,
  "snr": 5.2083192743994715,
  "spacing_tr": 2.0,
  "spacing_x": 2.0,
  "spacing_y": 2.0,
  "spacing_z": 2.0,
  "summary_bg_k": 13.660633701408315,
  "summary_bg_mad": 15.000135786447169,
  "summary_bg_mean": 47.191368103027344,
  "summary_bg_median": 16.72597885131836,
  "summary_bg_n": 431057.0,
  "summary_bg_p05": 5.1245551109313965,
  "summary_bg_p95": 196.44199523925764,
  "summary_bg_stdv": 71.1602554321289,
  "summary_fg_k": 3.827986521027448,
  "summary_fg_mad": 103.79799119555318,
  "summary_fg_mean": 624.124755859375,
  "summary_fg_median": 614.6014404296875,
  "summary_fg_n": 142081.0,
  "summary_fg_p05": 463.5765075683594,
  "summary_fg_p95": 812.327392578125,
  "summary_fg_stdv": 118.00337982177734,
  "tsnr": 41.52751972479746
}