{
  "aor": 0.0027281071428571432,
  "aqi": 0.012934824535714285,
  "bids_meta": {
    "AcquisitionMatrixPE": 96,
    "AcquisitionNumber": 1,
    "AcquisitionTime": "15:51:23.862500",
    "BandwidthPerPixelPhaseEncode": 13.021,
    "BaseResolution": 96,
    "CoilString": "C:HEA;HEP",
    "ConversionSoftware": "dcm2niix",
    "ConversionSoftwareVersion": "v1.0.20190902",
    "DerivedVendorReportedEchoSpacing": 0.00079999,
    "DeviceSerialNumber": "35466",
    "DwellTime": 3.6e-06,
    "EchoTime": 0.03,
    "EffectiveEchoSpacing": 0.00079999,
    "FlipAngle": 62,
    "ImageComments": "Unaliased_MB3_PE3_(remote)",
    "ImageOrientationPatientDICOM": [
      0.999391,
      0.0348994,
      0,
      -0.0348994,
      0.999391,
      0
    ],
    "ImageType": [
      "ORIGINAL",
      "PRIMARY",
      "M",
      "MB",
      "ND",
      "NORM",
      "MOSAIC"
    ],
    "ImagingFrequency": 123.259,
    "InPlanePhaseEncodingDirectionDICOM": "COL",
    "InstitutionAddress": "Street_StreetNo_B390A3_District_JP_ZIP",
    "InstitutionName": "Center_for_Information_and_Neural_Networks",
    "InstitutionalDepartmentName": "Department",
    "MRAcquisitionType": "2D",
    "MagneticFieldStrength": 3,
    "Manufacturer": "Siemens",
    "ManufacturersModelName": "TrioTim",
    "Modality": "MR",
    "MultibandAccelerationFactor": 3,
    "PartialFourier": 0.75,
    "PatientPosition": "HFS",
    "PercentPhaseFOV": 100,
    "PhaseEncodingDirection": "j-",
    "PhaseEncodingSteps": 72,
    "PhaseResolution": 1,
    "PixelBandwidth": 1447,
    "ProcedureStepDescription": "NICT_Nishimoto",
    "ProtocolName": "mbep2d_MB3_TR2_2mm_PF6_BW1446_281",
    "PulseSequenceDetails": "%CustomerSeq%_cmrr_mbep2d_bold",
    "ReceiveCoilName": "32Ch_Head",
    "ReconMatrixPE": 96,
    "RepetitionTime": 2,
    "SAR": 0.193964,
    "ScanOptions": "PFP_FS",
    "ScanningSequence": "EP",
    "SequenceName": "epfid2d1_96",
    "SequenceVariant": "SK_SS",
    "SeriesDescription": "mbep2d_MB3_TR2_2mm_PF6_BW1446_281",
    "SeriesNumber": 8,
    "ShimSetting": [
      -275,
      -10122,
      -3962,
      268,
      -38,
      -311,
      332,
      -122
    ],
    "SliceThickness": 2,
    "SliceTiming": [
      0,
      0.92,
      1.84,
      0.7525,
      1.6725,
      0.5875,
      1.5075,
      0.42,
      1.34,
      0.2525,
      1.1725,
      0.085,
      1.005,
      1.925,
      0.8375,
      1.7575,
      0.67,
      1.59,
      0.5025,
      1.4225,
      0.335,
      1.255,
      0.1675,
      1.0875,
      0,
      0.92,
      1.84,
      0.7525,
      1.6725,
      0.5875,
      1.5075,
      0.42,
      1.34,
      0.2525,
      1.1725,
      0.085,
      1.005,
      1.925,
      0.8375,
      1.7575,
      0.67,
      1.59,
      0.5025,
      1.4225,
      0.335,
      1.255,
      0.1675,
      1.0875,
      0,
      0.92,
      1.84,
      0.7525,
      1.6725,
      0.5875,
      1.5075,
      0.42,
      1.34,
      0.2525,
      1.1725,
      0.085,
      1.005,
      1.925,
      0.8375,
      1.7575,
      0.67,
      1.59,
      0.5025,
      1.4225,
      0.335,
      1.255,
      0.1675,
      1.0875
    ],
    "SoftwareVersions": "syngo_MR_B17",
    "SpacingBetweenSlices": 2,
    "StationName": "MRC35466",
    "TaskName": "training",
    "TotalReadoutTime": 0.075999,
    "TxRefAmp": 357.563,
    "dataset": "ds002306",
    "modality": "bold",
    "run_id": 3,
    "subject_id": "05",
    "task_id": "training"
  },
  "dummy_trs": 1,
  "dvars_nstd": 33.65452773921146,
  "dvars_std": 1.1511680347311832,
  "dvars_vstd": 0.9955645223655906,
  "efc": 0.5568723398790628,
  "fber": 1429.66162109375,
  "fd_mean": 0.1782123977999941,
  "fd_num": 72,
  "fd_perc": 25.714285714285715,
  "fwhm_avg": 2.160276666666667,
  "fwhm_x": 2.010265,
  "fwhm_y": 2.383875,
  "fwhm_z": 2.08669,
  "gcor": 0.0256331,
  "gsr_x": 0.01636083982884884,
  "gsr_y": 0.028286132961511612,
  "provenance": {
    "md5sum": "28818afc98c889153f62a816445c15a0",
    "settings": {
      "fd_thres": 0.2,
      "testing": false
    },
    "software": "mriqc",
    "version": "22.0.0rc1",
    "webapi_port": null,
    "webapi_url": "https://mriqc.nimh.nih.gov/api/v1"
  },
  "size_t": 280,
  "size_x": 96,
  "size_y": 96,
  "size_z": 72,
  "snr": 4.951277757944853,
  "spacing_tr": 2.0,
  "spacing_x": 2.0,
  "spacing_y": 2.0,
  "spacing_z": 2.0,
  "summary_bg_k": 16.084409191519185,
  "summary_bg_mad": 13.81467585350794,
  "summary_bg_mean": 43.68189239501953,
  "summary_bg_median": 15.382143020629883,
  "summary_bg_n": 429425.0,
  "summary_bg_p05": 4.721428394317627,
  "summary_bg_p95": 183.7599975585937,
  "summary_bg_stdv": 67.1668701171875,
  "summary_fg_k": 4.148989475211217,
  "summary_fg_mad": 100.28748884785382,
  "summary_fg_mean": 600.9388427734375,
  "summary_fg_median": 593.18212890625,
  "summary_fg_n": 142777.0,
  "summary_fg_p05": 442.0249938964844,
  "summary_fg_p95": 785.313586425781,
  "summary_fg_stdv": 119.80342864990234,
  "tsnr": 44.14067411562428
}