{
  "aor": 0.003869426523297491,
  "aqi": 0.011955218602150536,
  "bids_meta": {
    "AcquisitionMatrixPE": 96,
    "AcquisitionNumber": 1,
    "AcquisitionTime": "16:14:14.100000",
    "BandwidthPerPixelPhaseEncode": 13.021,
    "BaseResolution": 96,
    "CoilString": "C:HEA;HEP",
    "ConversionSoftware": "dcm2niix",
    "ConversionSoftwareVersion": "v1.0.20190902",
    "DerivedVendorReportedEchoSpacing": 0.00079999,
    "DeviceSerialNumber": "35466",
    "DwellTime": 3.6e-06,
    "EchoTime": 0.03,
    "EffectiveEchoSpacing": 0.00079999,
    "FlipAngle": 62,
    "ImageComments": "Unaliased_MB3_PE3_(remote)",
    "ImageOrientationPatientDICOM": [
      0.997786,
      0.0075714,
      0.0660729,
      -0.0121909,
      0.997487,
      0.069794
    ],
    "ImageType": [
      "ORIGINAL",
      "PRIMARY",
      "M",
      "MB",
      "ND",
      "NORM",
      "MOSAIC"
    ],
    "ImagingFrequency": 123.258,
    "InPlanePhaseEncodingDirectionDICOM": "COL",
    "InstitutionAddress": "Street_StreetNo_B390A3_District_JP_ZIP",
    "InstitutionName": "Center_for_Information_and_Neural_Networks",
    "InstitutionalDepartmentName": "Department",
    "MRAcquisitionType": "2D",
    "MagneticFieldStrength": 3,
    "Manufacturer": "Siemens",
    "ManufacturersModelName": "TrioTim",
    "Modality": "MR",
    "MultibandAccelerationFactor": 3,
    "PartialFourier": 0.75,
    "PatientPosition": "HFS",
    "PercentPhaseFOV": 100,
    "PhaseEncodingDirection": "j-",
    "PhaseEncodingSteps": 72,
    "PhaseResolution": 1,
    "PixelBandwidth": 1447,
    "ProcedureStepDescription": "NICT_Nishimoto",
    "ProtocolName": "mbep2d_MB3_TR2_2mm_PF6_BW1446_281",
    "PulseSequenceDetails": "%CustomerSeq%_cmrr_mbep2d_bold",
    "ReceiveCoilName": "32Ch_Head",
    "ReconMatrixPE": 96,
    "RepetitionTime": 2,
    "SAR": 0.195219,
    "ScanOptions": "PFP_FS",
    "ScanningSequence": "EP",
    "SequenceName": "epfid2d1_96",
    "SequenceVariant": "SK_SS",
    "SeriesDescription": "mbep2d_MB3_TR2_2mm_PF6_BW1446_281",
    "SeriesNumber": 10,
    "ShimSetting": [
      -238,
      -10123,
      -3941,
      347,
      16,
      -334,
      184,
      -160
    ],
    "SliceThickness": 2,
    "SliceTiming": [
      0,
      0.92,
      1.84,
      0.7525,
      1.6725,
      0.585,
      1.505,
      0.4175,
      1.3375,
      0.25,
      1.17,
      0.0825,
      1.0025,
      1.9225,
      0.835,
      1.755,
      0.6675,
      1.5875,
      0.5,
      1.42,
      0.3325,
      1.2525,
      0.1675,
      1.0875,
      0,
      0.92,
      1.84,
      0.7525,
      1.6725,
      0.585,
      1.505,
      0.4175,
      1.3375,
      0.25,
      1.17,
      0.0825,
      1.0025,
      1.9225,
      0.835,
      1.755,
      0.6675,
      1.5875,
      0.5,
      1.42,
      0.3325,
      1.2525,
      0.1675,
      1.0875,
      0,
      0.92,
      1.84,
      0.7525,
      1.6725,
      0.585,
      1.505,
      0.4175,
      1.3375,
      0.25,
      1.17,
      0.0825,
      1.0025,
      1.9225,
      0.835,
      1.755,
      0.6675,
      1.5875,
      0.5,
      1.42,
      0.3325,
      1.2525,
      0.1675,
      1.0875
    ],
    "SoftwareVersions": "syngo_MR_B17",
    "SpacingBetweenSlices": 2,
    "StationName": "MRC35466",
    "TaskName": "training",
    "TotalReadoutTime": 0.075999,
    "TxRefAmp": 354.584,
    "dataset": "ds002306",
    "modality": "bold",
    "run_id": 8,
    "subject_id": "05",
    "task_id": "training"
  },
  "dummy_trs": 2,
  "dvars_nstd": 34.85561414730219,
  "dvars_std": 1.2014638319424464,
  "dvars_vstd": 1.028255069892087,
  "efc": 0.547618777821602,
  "fber": 1791.164794921875,
  "fd_mean": 0.20326872870407298,
  "fd_num": 95,
  "fd_perc": 34.05017921146953,
  "fwhm_avg": 2.1565516666666666,
  "fwhm_x": 1.99783,
  "fwhm_y": 2.38619,
  "fwhm_z": 2.085635,
  "gcor": 0.0282261,
  "gsr_x": 0.024602096527814865,
  "gsr_y": 0.03382024168968201,
  "provenance": {
    "md5sum": "a2cb55b5c22da9214b4514320771a279",
    "settings": {
      "fd_thres": 0.2,
      "testing": false
    },
    "software": "mriqc",
    "version": "22.0.0rc1",
    "webapi_port": null,
    "webapi_url": "https://mriqc.nimh.nih.gov/api/v1"
  },
  "size_t": 279,
  "size_x": 96,
  "size_y": 96,
  "size_z": 72,
  "snr": 4.78732742976694,
  "spacing_tr": 2.0,
  "spacing_x": 2.0,
  "spacing_y": 2.0,
  "spacing_z": 2.0,
  "summary_bg_k": 18.554484019869054,
  "summary_bg_mad": 12.665886633838948,
  "summary_bg_mean": 41.38951873779297,
  "summary_bg_median": 14.15949821472168,
  "summary_bg_n": 431486.0,
  "summary_bg_p05": 4.161290168762207,
  "summary_bg_p95": 176.584228515625,
  "summary_bg_stdv": 65.33098602294922,
  "summary_fg_k": 4.088256382706719,
  "summary_fg_mad": 106.25318915652083,
  "summary_fg_mean": 618.3443603515625,
  "summary_fg_median": 611.0645141601562,
  "summary_fg_n": 141800.0,
  "summary_fg_p05": 445.91863403320315,
  "summary_fg_p95": 811.5057312011718,
  "summary_fg_stdv": 127.64164733886719,
  "tsnr": 44.626391665195115
}