{
  "aor": 0.005498964285714285,
  "aqi": 0.014497964964285716,
  "bids_meta": {
    "AcquisitionMatrixPE": 96,
    "AcquisitionNumber": 1,
    "AcquisitionTime": "14:06:45.042500",
    "BandwidthPerPixelPhaseEncode": 13.021,
    "BaseResolution": 96,
    "CoilString": "C:HEA;HEP",
    "ConversionSoftware": "dcm2niix",
    "ConversionSoftwareVersion": "v1.0.20190902",
    "DerivedVendorReportedEchoSpacing": 0.00079999,
    "DeviceSerialNumber": "35466",
    "DwellTime": 3.6e-06,
    "EchoTime": 0.03,
    "EffectiveEchoSpacing": 0.00079999,
    "FlipAngle": 62,
    "ImageComments": "Unaliased_MB3_PE3_(remote)",
    "ImageOrientationPatientDICOM": [
      0.997882,
      0.0538138,
      0.0365398,
      -0.0592851,
      0.983574,
      0.170491
    ],
    "ImageType": [
      "ORIGINAL",
      "PRIMARY",
      "M",
      "MB",
      "ND",
      "NORM",
      "MOSAIC"
    ],
    "ImagingFrequency": 123.259,
    "InPlanePhaseEncodingDirectionDICOM": "COL",
    "InstitutionAddress": "Street_StreetNo_B390A3_District_JP_ZIP",
    "InstitutionName": "Center_for_Information_and_Neural_Networks",
    "InstitutionalDepartmentName": "Department",
    "MRAcquisitionType": "2D",
    "MagneticFieldStrength": 3,
    "Manufacturer": "Siemens",
    "ManufacturersModelName": "TrioTim",
    "Modality": "MR",
    "MultibandAccelerationFactor": 3,
    "PartialFourier": 0.75,
    "PatientPosition": "HFS",
    "PercentPhaseFOV": 100,
    "PhaseEncodingDirection": "j-",
    "PhaseEncodingSteps": 72,
    "PhaseResolution": 1,
    "PixelBandwidth": 1447,
    "ProcedureStepDescription": "NICT_Nishimoto",
    "ProtocolName": "mbep2d_MB3_TR2_2mm_PF6_BW1446_281",
    "PulseSequenceDetails": "%CustomerSeq%_cmrr_mbep2d_bold",
    "ReceiveCoilName": "32Ch_Head",
    "ReconMatrixPE": 96,
    "RepetitionTime": 2,
    "SAR": 0.202856,
    "ScanOptions": "PFP_FS",
    "ScanningSequence": "EP",
    "SequenceName": "epfid2d1_96",
    "SequenceVariant": "SK_SS",
    "SeriesDescription": "mbep2d_MB3_TR2_2mm_PF6_BW1446_281",
    "SeriesNumber": 9,
    "ShimSetting": [
      -257,
      -10146,
      -3927,
      386,
      23,
      -376,
      267,
      -147
    ],
    "SliceThickness": 2,
    "SliceTiming": [
      0,
      0.92,
      1.84,
      0.7525,
      1.6725,
      0.5875,
      1.5075,
      0.42,
      1.34,
      0.2525,
      1.1725,
      0.085,
      1.005,
      1.925,
      0.8375,
      1.7575,
      0.67,
      1.59,
      0.5025,
      1.4225,
      0.335,
      1.255,
      0.1675,
      1.0875,
      0,
      0.92,
      1.84,
      0.7525,
      1.6725,
      0.5875,
      1.5075,
      0.42,
      1.34,
      0.2525,
      1.1725,
      0.085,
      1.005,
      1.925,
      0.8375,
      1.7575,
      0.67,
      1.59,
      0.5025,
      1.4225,
      0.335,
      1.255,
      0.1675,
      1.0875,
      0,
      0.92,
      1.84,
      0.7525,
      1.6725,
      0.5875,
      1.5075,
      0.42,
      1.34,
      0.2525,
      1.1725,
      0.085,
      1.005,
      1.925,
      0.8375,
      1.7575,
      0.67,
      1.59,
      0.5025,
      1.4225,
      0.335,
      1.255,
      0.1675,
      1.0875
    ],
    "SoftwareVersions": "syngo_MR_B17",
    "SpacingBetweenSlices": 2,
    "StationName": "MRC35466",
    "TaskName": "training",
    "TotalReadoutTime": 0.075999,
    "TxRefAmp": 358.658,
    "dataset": "ds002306",
    "modality": "bold",
    "run_id": 11,
    "subject_id": "05",
    "task_id": "training"
  },
  "dummy_trs": 1,
  "dvars_nstd": 37.070606067491035,
  "dvars_std": 1.2116737035842293,
  "dvars_vstd": 1.033656622078853,
  "efc": 0.5572711536701208,
  "fber": 1441.681884765625,
  "fd_mean": 0.23794011357856534,
  "fd_num": 115,
  "fd_perc": 41.07142857142857,
  "fwhm_avg": 2.1698516666666667,
  "fwhm_x": 2.007065,
  "fwhm_y": 2.39453,
  "fwhm_z": 2.10796,
  "gcor": 0.0228901,
  "gsr_x": 0.021350806578993797,
  "gsr_y": 0.03715208172798157,
  "provenance": {
    "md5sum": "a49cb88a385ba7ef4aa3f8fee1e1a4c2",
    "settings": {
      "fd_thres": 0.2,
      "testing": false
    },
    "software": "mriqc",
    "version": "22.0.0rc1",
    "webapi_port": null,
    "webapi_url": "https://mriqc.nimh.nih.gov/api/v1"
  },
  "size_t": 280,
  "size_x": 96,
  "size_y": 96,
  "size_z": 72,
  "snr": 4.953030953157937,
  "spacing_tr": 2.0,
  "spacing_x": 2.0,
  "spacing_y": 2.0,
  "spacing_z": 2.0,
  "summary_bg_k": 15.882164667925835,
  "summary_bg_mad": 14.317701101243891,
  "summary_bg_mean": 45.26594161987305,
  "summary_bg_median": 15.953571319580078,
  "summary_bg_n": 429325.0,
  "summary_bg_p05": 4.842857360839844,
  "summary_bg_p95": 187.13071289062492,
  "summary_bg_stdv": 68.36540985107422,
  "summary_fg_k": 4.184399675197304,
  "summary_fg_mad": 104.0045818245112,
  "summary_fg_mean": 620.8926391601562,
  "summary_fg_median": 613.3857421875,
  "summary_fg_n": 143143.0,
  "summary_fg_p05": 455.07715454101566,
  "summary_fg_p95": 811.4639343261719,
  "summary_fg_stdv": 123.84004974365234,
  "tsnr": 41.193273639306426
}