{
  "aor": 0.004836071428571429,
  "aqi": 0.013426881392857144,
  "bids_meta": {
    "AcquisitionMatrixPE": 96,
    "AcquisitionNumber": 1,
    "AcquisitionTime": "15:53:44.672500",
    "BandwidthPerPixelPhaseEncode": 13.021,
    "BaseResolution": 96,
    "CoilString": "C:HEA;HEP",
    "ConversionSoftware": "dcm2niix",
    "ConversionSoftwareVersion": "v1.0.20190902",
    "DerivedVendorReportedEchoSpacing": 0.00079999,
    "DeviceSerialNumber": "35466",
    "DwellTime": 3.6e-06,
    "EchoTime": 0.03,
    "EffectiveEchoSpacing": 0.00079999,
    "FlipAngle": 62,
    "ImageComments": "Unaliased_MB3_PE3_(remote)",
    "ImageOrientationPatientDICOM": [
      0.997786,
      0.0075714,
      0.0660729,
      -0.0121909,
      0.997487,
      0.069794
    ],
    "ImageType": [
      "ORIGINAL",
      "PRIMARY",
      "M",
      "MB",
      "ND",
      "NORM",
      "MOSAIC"
    ],
    "ImagingFrequency": 123.258,
    "InPlanePhaseEncodingDirectionDICOM": "COL",
    "InstitutionAddress": "Street_StreetNo_B390A3_District_JP_ZIP",
    "InstitutionName": "Center_for_Information_and_Neural_Networks",
    "InstitutionalDepartmentName": "Department",
    "MRAcquisitionType": "2D",
    "MagneticFieldStrength": 3,
    "Manufacturer": "Siemens",
    "ManufacturersModelName": "TrioTim",
    "Modality": "MR",
    "MultibandAccelerationFactor": 3,
    "PartialFourier": 0.75,
    "PatientPosition": "HFS",
    "PercentPhaseFOV": 100,
    "PhaseEncodingDirection": "j-",
    "PhaseEncodingSteps": 72,
    "PhaseResolution": 1,
    "PixelBandwidth": 1447,
    "ProcedureStepDescription": "NICT_Nishimoto",
    "ProtocolName": "mbep2d_MB3_TR2_2mm_PF6_BW1446_281",
    "PulseSequenceDetails": "%CustomerSeq%_cmrr_mbep2d_bold",
    "ReceiveCoilName": "32Ch_Head",
    "ReconMatrixPE": 96,
    "RepetitionTime": 2,
    "SAR": 0.190868,
    "ScanOptions": "PFP_FS",
    "ScanningSequence": "EP",
    "SequenceName": "epfid2d1_96",
    "SequenceVariant": "SK_SS",
    "SeriesDescription": "mbep2d_MB3_TR2_2mm_PF6_BW1446_281",
    "SeriesNumber": 8,
    "ShimSetting": [
      -238,
      -10123,
      -3941,
      347,
      16,
      -334,
      184,
      -160
    ],
    "SliceThickness": 2,
    "SliceTiming": [
      0,
      0.9225,
      1.8425,
      0.755,
      1.675,
      0.5875,
      1.5075,
      0.42,
      1.34,
      0.2525,
      1.1725,
      0.085,
      1.005,
      1.925,
      0.8375,
      1.7575,
      0.67,
      1.59,
      0.5025,
      1.4225,
      0.335,
      1.255,
      0.1675,
      1.0875,
      0,
      0.9225,
      1.8425,
      0.755,
      1.675,
      0.5875,
      1.5075,
      0.42,
      1.34,
      0.2525,
      1.1725,
      0.085,
      1.005,
      1.925,
      0.8375,
      1.7575,
      0.67,
      1.59,
      0.5025,
      1.4225,
      0.335,
      1.255,
      0.1675,
      1.0875,
      0,
      0.9225,
      1.8425,
      0.755,
      1.675,
      0.5875,
      1.5075,
      0.42,
      1.34,
      0.2525,
      1.1725,
      0.085,
      1.005,
      1.925,
      0.8375,
      1.7575,
      0.67,
      1.59,
      0.5025,
      1.4225,
      0.335,
      1.255,
      0.1675,
      1.0875
    ],
    "SoftwareVersions": "syngo_MR_B17",
    "SpacingBetweenSlices": 2,
    "StationName": "MRC35466",
    "TaskName": "training",
    "TotalReadoutTime": 0.075999,
    "TxRefAmp": 354.584,
    "dataset": "ds002306",
    "modality": "bold",
    "run_id": 7,
    "subject_id": "05",
    "task_id": "training"
  },
  "dummy_trs": 1,
  "dvars_nstd": 34.27892950860214,
  "dvars_std": 1.1692438024014338,
  "dvars_vstd": 1.0281946339784946,
  "efc": 0.5491191475878492,
  "fber": 1719.07470703125,
  "fd_mean": 0.2327128964245808,
  "fd_num": 115,
  "fd_perc": 41.07142857142857,
  "fwhm_avg": 2.161498333333333,
  "fwhm_x": 2.002585,
  "fwhm_y": 2.39551,
  "fwhm_z": 2.0864,
  "gcor": 0.0279303,
  "gsr_x": 0.02206319011747837,
  "gsr_y": 0.031544458121061325,
  "provenance": {
    "md5sum": "099994ef2445b6d8efa8b912f7fd868a",
    "settings": {
      "fd_thres": 0.2,
      "testing": false
    },
    "software": "mriqc",
    "version": "22.0.0rc1",
    "webapi_port": null,
    "webapi_url": "https://mriqc.nimh.nih.gov/api/v1"
  },
  "size_t": 280,
  "size_x": 96,
  "size_y": 96,
  "size_z": 72,
  "snr": 4.814402717894715,
  "spacing_tr": 2.0,
  "spacing_x": 2.0,
  "spacing_y": 2.0,
  "spacing_z": 2.0,
  "summary_bg_k": 18.281776137047117,
  "summary_bg_mad": 12.940998637225931,
  "summary_bg_mean": 41.710941314697266,
  "summary_bg_median": 14.489285469055176,
  "summary_bg_n": 430630.0,
  "summary_bg_p05": 4.267857074737549,
  "summary_bg_p95": 176.41982574462887,
  "summary_bg_stdv": 65.50065612792969,
  "summary_fg_k": 4.073717633381691,
  "summary_fg_mad": 106.22314619164388,
  "summary_fg_mean": 618.3762817382812,
  "summary_fg_median": 611.1428833007812,
  "summary_fg_n": 142142.0,
  "summary_fg_p05": 446.98339691162107,
  "summary_fg_p95": 812.5414184570308,
  "summary_fg_stdv": 126.94009399414062,
  "tsnr": 42.556416865903884
}