{
  "aor": 0.003638,
  "aqi": 0.011007098535714285,
  "bids_meta": {
    "AcquisitionMatrixPE": 96,
    "AcquisitionNumber": 1,
    "AcquisitionTime": "14:16:59.132500",
    "BandwidthPerPixelPhaseEncode": 13.021,
    "BaseResolution": 96,
    "CoilString": "C:HEA;HEP",
    "ConversionSoftware": "dcm2niix",
    "ConversionSoftwareVersion": "v1.0.20190902",
    "DerivedVendorReportedEchoSpacing": 0.00079999,
    "DeviceSerialNumber": "35466",
    "DwellTime": 3.6e-06,
    "EchoTime": 0.03,
    "EffectiveEchoSpacing": 0.00079999,
    "FlipAngle": 62,
    "ImageComments": "Unaliased_MB3_PE3_(remote)",
    "ImageOrientationPatientDICOM": [
      0.997882,
      0.0538138,
      0.0365398,
      -0.0592851,
      0.983574,
      0.170491
    ],
    "ImageType": [
      "ORIGINAL",
      "PRIMARY",
      "M",
      "MB",
      "ND",
      "NORM",
      "MOSAIC"
    ],
    "ImagingFrequency": 123.259,
    "InPlanePhaseEncodingDirectionDICOM": "COL",
    "InstitutionAddress": "Street_StreetNo_B390A3_District_JP_ZIP",
    "InstitutionName": "Center_for_Information_and_Neural_Networks",
    "InstitutionalDepartmentName": "Department",
    "MRAcquisitionType": "2D",
    "MagneticFieldStrength": 3,
    "Manufacturer": "Siemens",
    "ManufacturersModelName": "TrioTim",
    "Modality": "MR",
    "MultibandAccelerationFactor": 3,
    "PartialFourier": 0.75,
    "PatientPosition": "HFS",
    "PercentPhaseFOV": 100,
    "PhaseEncodingDirection": "j-",
    "PhaseEncodingSteps": 72,
    "PhaseResolution": 1,
    "PixelBandwidth": 1447,
    "ProcedureStepDescription": "NICT_Nishimoto",
    "ProtocolName": "mbep2d_MB3_TR2_2mm_PF6_BW1446_281",
    "PulseSequenceDetails": "%CustomerSeq%_cmrr_mbep2d_bold",
    "ReceiveCoilName": "32Ch_Head",
    "ReconMatrixPE": 96,
    "RepetitionTime": 2,
    "SAR": 0.207983,
    "ScanOptions": "PFP_FS",
    "ScanningSequence": "EP",
    "SequenceName": "epfid2d1_96",
    "SequenceVariant": "SK_SS",
    "SeriesDescription": "mbep2d_MB3_TR2_2mm_PF6_BW1446_281",
    "SeriesNumber": 10,
    "ShimSetting": [
      -257,
      -10146,
      -3927,
      386,
      23,
      -376,
      267,
      -147
    ],
    "SliceThickness": 2,
    "SliceTiming": [
      0,
      0.9225,
      1.8425,
      0.755,
      1.675,
      0.5875,
      1.5075,
      0.42,
      1.34,
      0.2525,
      1.1725,
      0.085,
      1.005,
      1.925,
      0.8375,
      1.7575,
      0.67,
      1.59,
      0.5025,
      1.4225,
      0.335,
      1.255,
      0.1675,
      1.0875,
      0,
      0.9225,
      1.8425,
      0.755,
      1.675,
      0.5875,
      1.5075,
      0.42,
      1.34,
      0.2525,
      1.1725,
      0.085,
      1.005,
      1.925,
      0.8375,
      1.7575,
      0.67,
      1.59,
      0.5025,
      1.4225,
      0.335,
      1.255,
      0.1675,
      1.0875,
      0,
      0.9225,
      1.8425,
      0.755,
      1.675,
      0.5875,
      1.5075,
      0.42,
      1.34,
      0.2525,
      1.1725,
      0.085,
      1.005,
      1.925,
      0.8375,
      1.7575,
      0.67,
      1.59,
      0.5025,
      1.4225,
      0.335,
      1.255,
      0.1675,
      1.0875
    ],
    "SoftwareVersions": "syngo_MR_B17",
    "SpacingBetweenSlices": 2,
    "StationName": "MRC35466",
    "TaskName": "training",
    "TotalReadoutTime": 0.075999,
    "TxRefAmp": 358.658,
    "dataset": "ds002306",
    "modality": "bold",
    "run_id": 12,
    "subject_id": "05",
    "task_id": "training"
  },
  "dummy_trs": 1,
  "dvars_nstd": 34.470914601612904,
  "dvars_std": 1.1695368503584234,
  "dvars_vstd": 1.0092877221505383,
  "efc": 0.5577442839227483,
  "fber": 1408.031005859375,
  "fd_mean": 0.22074883271612386,
  "fd_num": 130,
  "fd_perc": 46.42857142857143,
  "fwhm_avg": 2.1757900000000006,
  "fwhm_x": 2.01528,
  "fwhm_y": 2.4017,
  "fwhm_z": 2.11039,
  "gcor": 0.0258707,
  "gsr_x": 0.02148553542792797,
  "gsr_y": 0.03567012771964073,
  "provenance": {
    "md5sum": "a74c5a32ec36ceb67c84df62ec73e548",
    "settings": {
      "fd_thres": 0.2,
      "testing": false
    },
    "software": "mriqc",
    "version": "22.0.0rc1",
    "webapi_port": null,
    "webapi_url": "https://mriqc.nimh.nih.gov/api/v1"
  },
  "size_t": 280,
  "size_x": 96,
  "size_y": 96,
  "size_z": 72,
  "snr": 4.886361692681816,
  "spacing_tr": 2.0,
  "spacing_x": 2.0,
  "spacing_y": 2.0,
  "spacing_z": 2.0,
  "summary_bg_k": 15.352188722090897,
  "summary_bg_mad": 14.328290652516758,
  "summary_bg_mean": 45.39714050292969,
  "summary_bg_median": 16.05714225769043,
  "summary_bg_n": 429311.0,
  "summary_bg_p05": 4.932142734527588,
  "summary_bg_p95": 187.8910675048828,
  "summary_bg_stdv": 68.17718505859375,
  "summary_fg_k": 4.085410801094417,
  "summary_fg_mad": 104.7828936947118,
  "summary_fg_mean": 617.1544799804688,
  "summary_fg_median": 610.1660766601562,
  "summary_fg_n": 143434.0,
  "summary_fg_p05": 448.0666213989258,
  "summary_fg_p95": 809.1857299804688,
  "summary_fg_stdv": 124.87081146240234,
  "tsnr": 46.09307045675814
}