{
  "aor": 0.0011550533807829183,
  "aqi": 0.014248386014234875,
  "bids_meta": {
    "AcquisitionMatrixPE": 96,
    "AcquisitionNumber": 1,
    "AcquisitionTime": "15:23:3.800000",
    "BandwidthPerPixelPhaseEncode": 13.021,
    "BaseResolution": 96,
    "CoilString": "C:HEA;HEP",
    "ConversionSoftware": "dcm2niix",
    "ConversionSoftwareVersion": "v1.0.20190902",
    "DerivedVendorReportedEchoSpacing": 0.00079999,
    "DeviceSerialNumber": "35466",
    "DwellTime": 3.6e-06,
    "EchoTime": 0.03,
    "EffectiveEchoSpacing": 0.00079999,
    "FlipAngle": 62,
    "ImageComments": "Unaliased_MB3_PE3_(remote)",
    "ImageOrientationPatientDICOM": [
      0.997786,
      0.0075714,
      0.0660729,
      -0.0121909,
      0.997487,
      0.069794
    ],
    "ImageType": [
      "ORIGINAL",
      "PRIMARY",
      "M",
      "MB",
      "ND",
      "NORM",
      "MOSAIC"
    ],
    "ImagingFrequency": 123.258,
    "InPlanePhaseEncodingDirectionDICOM": "COL",
    "InstitutionAddress": "Street_StreetNo_B390A3_District_JP_ZIP",
    "InstitutionName": "Center_for_Information_and_Neural_Networks",
    "InstitutionalDepartmentName": "Department",
    "MRAcquisitionType": "2D",
    "MagneticFieldStrength": 3,
    "Manufacturer": "Siemens",
    "ManufacturersModelName": "TrioTim",
    "Modality": "MR",
    "MultibandAccelerationFactor": 3,
    "PartialFourier": 0.75,
    "PatientPosition": "HFS",
    "PercentPhaseFOV": 100,
    "PhaseEncodingDirection": "j-",
    "PhaseEncodingSteps": 72,
    "PhaseResolution": 1,
    "PixelBandwidth": 1447,
    "ProcedureStepDescription": "NICT_Nishimoto",
    "ProtocolName": "mbep2d_MB3_TR2_2mm_PF6_BW1446_281",
    "PulseSequenceDetails": "%CustomerSeq%_cmrr_mbep2d_bold",
    "ReceiveCoilName": "32Ch_Head",
    "ReconMatrixPE": 96,
    "RepetitionTime": 2,
    "SAR": 0.193107,
    "ScanOptions": "PFP_FS",
    "ScanningSequence": "EP",
    "SequenceName": "epfid2d1_96",
    "SequenceVariant": "SK_SS",
    "SeriesDescription": "mbep2d_MB3_TR2_2mm_PF6_BW1446_281",
    "SeriesNumber": 5,
    "ShimSetting": [
      -238,
      -10123,
      -3941,
      347,
      16,
      -334,
      184,
      -160
    ],
    "SliceThickness": 2,
    "SliceTiming": [
      0,
      0.92,
      1.84,
      0.7525,
      1.675,
      0.5875,
      1.5075,
      0.42,
      1.34,
      0.2525,
      1.1725,
      0.085,
      1.005,
      1.925,
      0.8375,
      1.7575,
      0.67,
      1.59,
      0.5025,
      1.4225,
      0.335,
      1.255,
      0.1675,
      1.0875,
      0,
      0.92,
      1.84,
      0.7525,
      1.675,
      0.5875,
      1.5075,
      0.42,
      1.34,
      0.2525,
      1.1725,
      0.085,
      1.005,
      1.925,
      0.8375,
      1.7575,
      0.67,
      1.59,
      0.5025,
      1.4225,
      0.335,
      1.255,
      0.1675,
      1.0875,
      0,
      0.92,
      1.84,
      0.7525,
      1.675,
      0.5875,
      1.5075,
      0.42,
      1.34,
      0.2525,
      1.1725,
      0.085,
      1.005,
      1.925,
      0.8375,
      1.7575,
      0.67,
      1.59,
      0.5025,
      1.4225,
      0.335,
      1.255,
      0.1675,
      1.0875
    ],
    "SoftwareVersions": "syngo_MR_B17",
    "SpacingBetweenSlices": 2,
    "StationName": "MRC35466",
    "TaskName": "training",
    "TotalReadoutTime": 0.075999,
    "TxRefAmp": 354.584,
    "dataset": "ds002306",
    "modality": "bold",
    "run_id": 5,
    "subject_id": "05",
    "task_id": "training"
  },
  "dummy_trs": 0,
  "dvars_nstd": 31.04342360482142,
  "dvars_std": 1.0845736403571418,
  "dvars_vstd": 0.9543219140357149,
  "efc": 0.5515184693055967,
  "fber": 1532.059326171875,
  "fd_mean": 0.1533076038642653,
  "fd_num": 59,
  "fd_perc": 20.99644128113879,
  "fwhm_avg": 2.1748350000000003,
  "fwhm_x": 2.00375,
  "fwhm_y": 2.424065,
  "fwhm_z": 2.09669,
  "gcor": 0.0185893,
  "gsr_x": 0.014915477484464645,
  "gsr_y": 0.027919964864850044,
  "provenance": {
    "md5sum": "d651d1dbb4ccf8d996c85d3019cb34ca",
    "settings": {
      "fd_thres": 0.2,
      "testing": false
    },
    "software": "mriqc",
    "version": "22.0.0rc1",
    "webapi_port": null,
    "webapi_url": "https://mriqc.nimh.nih.gov/api/v1"
  },
  "size_t": 281,
  "size_x": 96,
  "size_y": 96,
  "size_z": 72,
  "snr": 4.774766357711866,
  "spacing_tr": 2.0,
  "spacing_x": 2.0,
  "spacing_y": 2.0,
  "spacing_z": 2.0,
  "summary_bg_k": 18.289652985525375,
  "summary_bg_mad": 13.939627468417003,
  "summary_bg_mean": 42.181968688964844,
  "summary_bg_median": 15.37722396850586,
  "summary_bg_n": 428643.0,
  "summary_bg_p05": 4.252668857574463,
  "summary_bg_p95": 175.7540847778319,
  "summary_bg_stdv": 65.2318115234375,
  "summary_fg_k": 4.3945064417952455,
  "summary_fg_mad": 105.04314540250124,
  "summary_fg_mean": 614.9170532226562,
  "summary_fg_median": 608.3843383789062,
  "summary_fg_n": 143248.0,
  "summary_fg_p05": 442.6124572753906,
  "summary_fg_p95": 807.6298828125,
  "summary_fg_stdv": 127.41612243652344,
  "tsnr": 43.345194563269615
}