{
  "aor": 0.0017034875444839855,
  "aqi": 0.008616504946619218,
  "bids_meta": {
    "AcquisitionMatrixPE": 96,
    "AcquisitionNumber": 1,
    "AcquisitionTime": "14:17:55.710000",
    "BandwidthPerPixelPhaseEncode": 13.021,
    "BaseResolution": 96,
    "CoilString": "C:HEA;HEP",
    "ConversionSoftware": "dcm2niix",
    "ConversionSoftwareVersion": "v1.0.20190902",
    "DerivedVendorReportedEchoSpacing": 0.00079999,
    "DeviceSerialNumber": "35466",
    "DwellTime": 3.6e-06,
    "EchoTime": 0.03,
    "EffectiveEchoSpacing": 0.00079999,
    "FlipAngle": 62,
    "ImageComments": "Unaliased_MB3_PE3_(remote)",
    "ImageOrientationPatientDICOM": [
      1,
      0,
      0,
      0,
      0.963163,
      -0.26892
    ],
    "ImageType": [
      "ORIGINAL",
      "PRIMARY",
      "M",
      "MB",
      "ND",
      "NORM",
      "MOSAIC"
    ],
    "ImagingFrequency": 123.259,
    "InPlanePhaseEncodingDirectionDICOM": "COL",
    "InstitutionAddress": "Street_StreetNo_B390A3_District_JP_ZIP",
    "InstitutionName": "Center_for_Information_and_Neural_Networks",
    "InstitutionalDepartmentName": "Department",
    "MRAcquisitionType": "2D",
    "MagneticFieldStrength": 3,
    "Manufacturer": "Siemens",
    "ManufacturersModelName": "TrioTim",
    "Modality": "MR",
    "MultibandAccelerationFactor": 3,
    "PartialFourier": 0.75,
    "PatientPosition": "HFS",
    "PercentPhaseFOV": 100,
    "PhaseEncodingDirection": "j-",
    "PhaseEncodingSteps": 72,
    "PhaseResolution": 1,
    "PixelBandwidth": 1447,
    "ProcedureStepDescription": "NICT_Nishimoto",
    "ProtocolName": "mbep2d_MB3_TR2_2mm_PF6_BW1446_281",
    "PulseSequenceDetails": "%CustomerSeq%_cmrr_mbep2d_bold",
    "ReceiveCoilName": "32Ch_Head",
    "ReconMatrixPE": 96,
    "RepetitionTime": 2,
    "SAR": 0.176957,
    "ScanOptions": "PFP_FS",
    "ScanningSequence": "EP",
    "SequenceName": "epfid2d1_96",
    "SequenceVariant": "SK_SS",
    "SeriesDescription": "mbep2d_MB3_TR2_2mm_PF6_BW1446_281",
    "SeriesNumber": 10,
    "ShimSetting": [
      -286,
      -10054,
      -3974,
      384,
      -18,
      -256,
      172,
      57
    ],
    "SliceThickness": 2,
    "SliceTiming": [
      0,
      0.92,
      1.84,
      0.7525,
      1.6725,
      0.585,
      1.505,
      0.4175,
      1.3375,
      0.25,
      1.17,
      0.0825,
      1.0025,
      1.9225,
      0.835,
      1.755,
      0.6675,
      1.5875,
      0.5,
      1.42,
      0.3325,
      1.2525,
      0.165,
      1.0875,
      0,
      0.92,
      1.84,
      0.7525,
      1.6725,
      0.585,
      1.505,
      0.4175,
      1.3375,
      0.25,
      1.17,
      0.0825,
      1.0025,
      1.9225,
      0.835,
      1.755,
      0.6675,
      1.5875,
      0.5,
      1.42,
      0.3325,
      1.2525,
      0.165,
      1.0875,
      0,
      0.92,
      1.84,
      0.7525,
      1.6725,
      0.585,
      1.505,
      0.4175,
      1.3375,
      0.25,
      1.17,
      0.0825,
      1.0025,
      1.9225,
      0.835,
      1.755,
      0.6675,
      1.5875,
      0.5,
      1.42,
      0.3325,
      1.2525,
      0.165,
      1.0875
    ],
    "SoftwareVersions": "syngo_MR_B17",
    "SpacingBetweenSlices": 2,
    "StationName": "MRC35466",
    "TaskName": "training",
    "TotalReadoutTime": 0.075999,
    "TxRefAmp": 344.101,
    "dataset": "ds002306",
    "modality": "bold",
    "run_id": 12,
    "subject_id": "03",
    "task_id": "training"
  },
  "dummy_trs": 0,
  "dvars_nstd": 29.02425509182143,
  "dvars_std": 1.23305378375,
  "dvars_vstd": 1.0116885323214284,
  "efc": 0.5257015029093658,
  "fber": 2603.51123046875,
  "fd_mean": 0.11363520627549915,
  "fd_num": 11,
  "fd_perc": 3.9145907473309607,
  "fwhm_avg": 2.066046666666667,
  "fwhm_x": 1.98605,
  "fwhm_y": 2.14247,
  "fwhm_z": 2.06962,
  "gcor": 0.00945351,
  "gsr_x": 0.0013797279680147767,
  "gsr_y": 0.015275080688297749,
  "provenance": {
    "md5sum": "a4fa8763f1af534e3be191991197885f",
    "settings": {
      "fd_thres": 0.2,
      "testing": false
    },
    "software": "mriqc",
    "version": "22.0.0rc1",
    "webapi_port": null,
    "webapi_url": "https://mriqc.nimh.nih.gov/api/v1"
  },
  "size_t": 281,
  "size_x": 96,
  "size_y": 96,
  "size_z": 72,
  "snr": 4.982952992337961,
  "spacing_tr": 2.0,
  "spacing_x": 2.0,
  "spacing_y": 2.0,
  "spacing_z": 2.0,
  "summary_bg_k": 31.79740262450106,
  "summary_bg_mad": 8.523642155447353,
  "summary_bg_mean": 30.43093490600586,
  "summary_bg_median": 11.414590835571289,
  "summary_bg_n": 433302.0,
  "summary_bg_p05": 4.551601409912109,
  "summary_bg_p95": 119.84323654174788,
  "summary_bg_stdv": 52.83804702758789,
  "summary_fg_k": 3.2211162663410677,
  "summary_fg_mad": 99.33697287475917,
  "summary_fg_mean": 606.4891357421875,
  "summary_fg_median": 590.167236328125,
  "summary_fg_n": 141406.0,
  "summary_fg_p05": 460.28736877441406,
  "summary_fg_p95": 819.712646484375,
  "summary_fg_stdv": 118.43682861328125,
  "tsnr": 55.601309383288026
}