{
  "aor": 0.0012376868327402136,
  "aqi": 0.008393732135231317,
  "bids_meta": {
    "AcquisitionMatrixPE": 96,
    "AcquisitionNumber": 1,
    "AcquisitionTime": "14:07:45.397500",
    "BandwidthPerPixelPhaseEncode": 13.021,
    "BaseResolution": 96,
    "CoilString": "C:HEA;HEP",
    "ConversionSoftware": "dcm2niix",
    "ConversionSoftwareVersion": "v1.0.20190902",
    "DerivedVendorReportedEchoSpacing": 0.00079999,
    "DeviceSerialNumber": "35466",
    "DwellTime": 3.6e-06,
    "EchoTime": 0.03,
    "EffectiveEchoSpacing": 0.00079999,
    "FlipAngle": 62,
    "ImageComments": "Unaliased_MB3_PE3_(remote)",
    "ImageOrientationPatientDICOM": [
      1,
      0,
      0,
      0,
      0.963163,
      -0.26892
    ],
    "ImageType": [
      "ORIGINAL",
      "PRIMARY",
      "M",
      "MB",
      "ND",
      "NORM",
      "MOSAIC"
    ],
    "ImagingFrequency": 123.259,
    "InPlanePhaseEncodingDirectionDICOM": "COL",
    "InstitutionAddress": "Street_StreetNo_B390A3_District_JP_ZIP",
    "InstitutionName": "Center_for_Information_and_Neural_Networks",
    "InstitutionalDepartmentName": "Department",
    "MRAcquisitionType": "2D",
    "MagneticFieldStrength": 3,
    "Manufacturer": "Siemens",
    "ManufacturersModelName": "TrioTim",
    "Modality": "MR",
    "MultibandAccelerationFactor": 3,
    "PartialFourier": 0.75,
    "PatientPosition": "HFS",
    "PercentPhaseFOV": 100,
    "PhaseEncodingDirection": "j-",
    "PhaseEncodingSteps": 72,
    "PhaseResolution": 1,
    "PixelBandwidth": 1447,
    "ProcedureStepDescription": "NICT_Nishimoto",
    "ProtocolName": "mbep2d_MB3_TR2_2mm_PF6_BW1446_281",
    "PulseSequenceDetails": "%CustomerSeq%_cmrr_mbep2d_bold",
    "ReceiveCoilName": "32Ch_Head",
    "ReconMatrixPE": 96,
    "RepetitionTime": 2,
    "SAR": 0.176297,
    "ScanOptions": "PFP_FS",
    "ScanningSequence": "EP",
    "SequenceName": "epfid2d1_96",
    "SequenceVariant": "SK_SS",
    "SeriesDescription": "mbep2d_MB3_TR2_2mm_PF6_BW1446_281",
    "SeriesNumber": 9,
    "ShimSetting": [
      -286,
      -10054,
      -3974,
      384,
      -18,
      -256,
      172,
      57
    ],
    "SliceThickness": 2,
    "SliceTiming": [
      0,
      0.92,
      1.84,
      0.7525,
      1.6725,
      0.585,
      1.505,
      0.4175,
      1.3375,
      0.25,
      1.17,
      0.0825,
      1.0025,
      1.9225,
      0.835,
      1.755,
      0.6675,
      1.59,
      0.5025,
      1.4225,
      0.335,
      1.255,
      0.1675,
      1.0875,
      0,
      0.92,
      1.84,
      0.7525,
      1.6725,
      0.585,
      1.505,
      0.4175,
      1.3375,
      0.25,
      1.17,
      0.0825,
      1.0025,
      1.9225,
      0.835,
      1.755,
      0.6675,
      1.59,
      0.5025,
      1.4225,
      0.335,
      1.255,
      0.1675,
      1.0875,
      0,
      0.92,
      1.84,
      0.7525,
      1.6725,
      0.585,
      1.505,
      0.4175,
      1.3375,
      0.25,
      1.17,
      0.0825,
      1.0025,
      1.9225,
      0.835,
      1.755,
      0.6675,
      1.59,
      0.5025,
      1.4225,
      0.335,
      1.255,
      0.1675,
      1.0875
    ],
    "SoftwareVersions": "syngo_MR_B17",
    "SpacingBetweenSlices": 2,
    "StationName": "MRC35466",
    "TaskName": "training",
    "TotalReadoutTime": 0.075999,
    "TxRefAmp": 344.101,
    "dataset": "ds002306",
    "modality": "bold",
    "run_id": 11,
    "subject_id": "03",
    "task_id": "training"
  },
  "dummy_trs": 0,
  "dvars_nstd": 29.29003549321427,
  "dvars_std": 1.2026084604999998,
  "dvars_vstd": 0.9893799587500003,
  "efc": 0.5245280450868818,
  "fber": 2632.644287109375,
  "fd_mean": 0.12376790090636283,
  "fd_num": 18,
  "fd_perc": 6.405693950177936,
  "fwhm_avg": 2.0737166666666664,
  "fwhm_x": 1.994855,
  "fwhm_y": 2.148495,
  "fwhm_z": 2.0778,
  "gcor": 0.0108283,
  "gsr_x": 0.0011621012818068266,
  "gsr_y": 0.014605864882469177,
  "provenance": {
    "md5sum": "1473a94f57aea8f63010572811d0608d",
    "settings": {
      "fd_thres": 0.2,
      "testing": false
    },
    "software": "mriqc",
    "version": "22.0.0rc1",
    "webapi_port": null,
    "webapi_url": "https://mriqc.nimh.nih.gov/api/v1"
  },
  "size_t": 281,
  "size_x": 96,
  "size_y": 96,
  "size_z": 72,
  "snr": 4.963983355613521,
  "spacing_tr": 2.0,
  "spacing_x": 2.0,
  "spacing_y": 2.0,
  "spacing_z": 2.0,
  "summary_bg_k": 31.855285312472702,
  "summary_bg_mad": 8.484072199919954,
  "summary_bg_mean": 30.233728408813477,
  "summary_bg_median": 11.3843412399292,
  "summary_bg_n": 433812.0,
  "summary_bg_p05": 4.5444841384887695,
  "summary_bg_p95": 118.99608497619596,
  "summary_bg_stdv": 52.61729049682617,
  "summary_fg_k": 3.2149720913537125,
  "summary_fg_mad": 100.07564974912813,
  "summary_fg_mean": 608.430908203125,
  "summary_fg_median": 592.2010498046875,
  "summary_fg_n": 141008.0,
  "summary_fg_p05": 461.4923385620117,
  "summary_fg_p95": 822.7062133789055,
  "summary_fg_stdv": 119.29914093017578,
  "tsnr": 56.672842907719314
}