{
  "aor": 0.0029181850533807835,
  "aqi": 0.009056811103202847,
  "bids_meta": {
    "AcquisitionMatrixPE": 96,
    "AcquisitionNumber": 1,
    "AcquisitionTime": "13:45:33.585000",
    "BandwidthPerPixelPhaseEncode": 13.021,
    "BaseResolution": 96,
    "CoilString": "C:HEA;HEP",
    "ConversionSoftware": "dcm2niix",
    "ConversionSoftwareVersion": "v1.0.20190902",
    "DerivedVendorReportedEchoSpacing": 0.00079999,
    "DeviceSerialNumber": "35466",
    "DwellTime": 3.6e-06,
    "EchoTime": 0.03,
    "EffectiveEchoSpacing": 0.00079999,
    "FlipAngle": 62,
    "ImageComments": "Unaliased_MB3_PE3_(remote)",
    "ImageOrientationPatientDICOM": [
      0.999511,
      0.0104758,
      -0.0294594,
      -0.0122119,
      0.998161,
      -0.0593833
    ],
    "ImageType": [
      "ORIGINAL",
      "PRIMARY",
      "M",
      "MB",
      "ND",
      "NORM",
      "MOSAIC"
    ],
    "ImagingFrequency": 123.259,
    "InPlanePhaseEncodingDirectionDICOM": "COL",
    "InstitutionAddress": "Street_StreetNo_B390A3_District_JP_ZIP",
    "InstitutionName": "Center_for_Information_and_Neural_Networks",
    "InstitutionalDepartmentName": "Department",
    "MRAcquisitionType": "2D",
    "MagneticFieldStrength": 3,
    "Manufacturer": "Siemens",
    "ManufacturersModelName": "TrioTim",
    "Modality": "MR",
    "MultibandAccelerationFactor": 3,
    "PartialFourier": 0.75,
    "PatientPosition": "HFS",
    "PercentPhaseFOV": 100,
    "PhaseEncodingDirection": "j-",
    "PhaseEncodingSteps": 72,
    "PhaseResolution": 1,
    "PixelBandwidth": 1447,
    "ProcedureStepDescription": "NICT_Nishimoto",
    "ProtocolName": "mbep2d_MB3_TR2_2mm_PF6_BW1446_281",
    "PulseSequenceDetails": "%CustomerSeq%_cmrr_mbep2d_bold",
    "ReceiveCoilName": "32Ch_Head",
    "ReconMatrixPE": 96,
    "RepetitionTime": 2,
    "SAR": 0.179067,
    "ScanOptions": "PFP_FS",
    "ScanningSequence": "EP",
    "SequenceName": "epfid2d1_96",
    "SequenceVariant": "SK_SS",
    "SeriesDescription": "mbep2d_MB3_TR2_2mm_PF6_BW1446_281",
    "SeriesNumber": 7,
    "ShimSetting": [
      -313,
      -10089,
      -3938,
      398,
      -45,
      -283,
      241,
      114
    ],
    "SliceThickness": 2,
    "SliceTiming": [
      0,
      0.92,
      1.84,
      0.7525,
      1.6725,
      0.585,
      1.505,
      0.4175,
      1.3375,
      0.25,
      1.17,
      0.0825,
      1.0025,
      1.9225,
      0.835,
      1.755,
      0.6675,
      1.5875,
      0.5,
      1.42,
      0.3325,
      1.2525,
      0.165,
      1.085,
      0,
      0.92,
      1.84,
      0.7525,
      1.6725,
      0.585,
      1.505,
      0.4175,
      1.3375,
      0.25,
      1.17,
      0.0825,
      1.0025,
      1.9225,
      0.835,
      1.755,
      0.6675,
      1.5875,
      0.5,
      1.42,
      0.3325,
      1.2525,
      0.165,
      1.085,
      0,
      0.92,
      1.84,
      0.7525,
      1.6725,
      0.585,
      1.505,
      0.4175,
      1.3375,
      0.25,
      1.17,
      0.0825,
      1.0025,
      1.9225,
      0.835,
      1.755,
      0.6675,
      1.5875,
      0.5,
      1.42,
      0.3325,
      1.2525,
      0.165,
      1.085
    ],
    "SoftwareVersions": "syngo_MR_B17",
    "SpacingBetweenSlices": 2,
    "StationName": "MRC35466",
    "TaskName": "training",
    "TotalReadoutTime": 0.075999,
    "TxRefAmp": 343.108,
    "dataset": "ds002306",
    "modality": "bold",
    "run_id": 6,
    "subject_id": "03",
    "task_id": "training"
  },
  "dummy_trs": 0,
  "dvars_nstd": 31.700285359642834,
  "dvars_std": 1.2634363378571425,
  "dvars_vstd": 1.0178845576071427,
  "efc": 0.5299179112990745,
  "fber": 2293.82958984375,
  "fd_mean": 0.13932452383950902,
  "fd_num": 35,
  "fd_perc": 12.455516014234876,
  "fwhm_avg": 2.084721666666667,
  "fwhm_x": 1.987695,
  "fwhm_y": 2.21106,
  "fwhm_z": 2.05541,
  "gcor": 0.0154385,
  "gsr_x": -0.00040996618918143213,
  "gsr_y": 0.015377495437860489,
  "provenance": {
    "md5sum": "042d1d324b3910934835cc4a3fc1c05a",
    "settings": {
      "fd_thres": 0.2,
      "testing": false
    },
    "software": "mriqc",
    "version": "22.0.0rc1",
    "webapi_port": null,
    "webapi_url": "https://mriqc.nimh.nih.gov/api/v1"
  },
  "size_t": 281,
  "size_x": 96,
  "size_y": 96,
  "size_z": 72,
  "snr": 5.022965497820218,
  "spacing_tr": 2.0,
  "spacing_x": 2.0,
  "spacing_y": 2.0,
  "spacing_z": 2.0,
  "summary_bg_k": 24.210494079410644,
  "summary_bg_mad": 9.681761123974615,
  "summary_bg_mean": 33.39824676513672,
  "summary_bg_median": 12.754447937011719,
  "summary_bg_n": 432254.0,
  "summary_bg_p05": 4.843416213989258,
  "summary_bg_p95": 132.86476135253906,
  "summary_bg_stdv": 56.794254302978516,
  "summary_fg_k": 3.282952643745742,
  "summary_fg_mad": 103.97734407623422,
  "summary_fg_mean": 635.2694702148438,
  "summary_fg_median": 618.167236328125,
  "summary_fg_n": 141841.0,
  "summary_fg_p05": 482.0854187011719,
  "summary_fg_p95": 856.8612060546875,
  "summary_fg_stdv": 123.0677490234375,
  "tsnr": 54.921891739359125
}